RESTRICTION: || (== netcoreapp2.0) (== netcoreapp2.2) (== netstandard2.0)
NUGET
  remote: https://api.nuget.org/v3/index.json
    aliyun-log-csharp-sdk (1.0.1)
      Google.Protobuf (>= 3.5.1)
      lz4net (>= 1.0.15.93)
      Newtonsoft.Json (>= 11.0.2)
    Argu (5.5)
      FSharp.Core (>= 4.3.2)
      System.Configuration.ConfigurationManager (>= 4.4)
    BenchmarkDotNet (0.11.5) - restriction: || (== netcoreapp2.0) (== netcoreapp2.2) (&& (== netstandard2.0) (>= net461)) (&& (== netstandard2.0) (>= netcoreapp2.0))
      BenchmarkDotNet.Annotations (>= 0.11.5)
      CommandLineParser (>= 2.4.3)
      Microsoft.CodeAnalysis.CSharp (>= 2.10)
      Microsoft.DotNet.PlatformAbstractions (>= 2.1)
      Microsoft.Win32.Registry (>= 4.5)
      System.Collections.Immutable (>= 1.5)
      System.Diagnostics.FileVersionInfo (>= 4.3)
      System.Management (>= 4.5)
      System.Reflection.Emit (>= 4.3)
      System.Reflection.Emit.Lightweight (>= 4.3)
      System.Reflection.Metadata (>= 1.6)
      System.Runtime.InteropServices.RuntimeInformation (>= 4.3)
      System.Threading.Tasks.Extensions (>= 4.5.2)
      System.ValueTuple (>= 4.5)
      System.Xml.XmlSerializer (>= 4.3)
      System.Xml.XPath.XmlDocument (>= 4.3)
    BenchmarkDotNet.Annotations (0.11.5) - restriction: || (== netcoreapp2.0) (== netcoreapp2.2) (&& (== netstandard2.0) (>= net461)) (&& (== netstandard2.0) (>= netcoreapp2.0))
    Castle.Core (4.4)
      NETStandard.Library (>= 1.6.1)
      System.Collections.Specialized (>= 4.3)
      System.ComponentModel (>= 4.3)
      System.ComponentModel.TypeConverter (>= 4.3)
      System.Diagnostics.TraceSource (>= 4.3)
      System.Dynamic.Runtime (>= 4.3)
      System.Reflection (>= 4.3)
      System.Reflection.Emit (>= 4.3)
      System.Reflection.TypeExtensions (>= 4.3)
      System.Xml.XmlDocument (>= 4.3)
    CommandLineParser (2.6) - restriction: || (== netcoreapp2.0) (== netcoreapp2.2) (&& (== netstandard2.0) (>= net461)) (&& (== netstandard2.0) (>= netcoreapp2.0))
    elmah.corelibrary (1.2.2)
    elmah.io.client (3.5.68)
      Microsoft.Rest.ClientRuntime (>= 2.3.18)
      NETStandard.Library (>= 1.6.1)
    elmah.io.core (2.0.29)
      elmah.corelibrary (>= 1.2.2)
      elmah.io.client (>= 2.0.29)
    EventStore.Client (4.1.4)
    EventStore.ClientAPI.NetCore (4.1.0.23)
      Newtonsoft.Json (>= 10.0.3)
      protobuf-net (>= 2.3.2)
    Expecto (8.11)
      FSharp.Core (>= 4.3.4)
      Mono.Cecil (>= 0.10.3)
    Expecto.BenchmarkDotNet (8.11)
      BenchmarkDotNet (>= 0.10.14) - restriction: || (== netcoreapp2.0) (== netcoreapp2.2) (&& (== netstandard2.0) (>= net461)) (&& (== netstandard2.0) (>= netcoreapp2.0))
      FSharp.Core (>= 4.3.4) - restriction: || (== netcoreapp2.0) (== netcoreapp2.2) (&& (== netstandard2.0) (>= net461)) (&& (== netstandard2.0) (>= netcoreapp2.0))
    Expecto.FsCheck (8.11)
      Expecto (>= 8.11)
      FsCheck (>= 2.13)
    Expecto.Hopac (8.11)
      Expecto (>= 8.11)
      Hopac (>= 0.3.23)
    FluentMigrator (1.6.2)
    FluentMigrator.Runner (1.6.2)
      FluentMigrator (>= 1.6.2)
    FParsec (1.0.3)
      FSharp.Core (>= 4.2.3)
      NETStandard.Library (>= 1.6.1)
    FsCheck (2.14)
      FSharp.Core (>= 4.2.3)
    FSharp.Core (4.6.2)
    FsPickler (5.2.2)
      FSharp.Core (>= 4.3.2)
      System.Reflection.Emit.Lightweight (>= 4.3)
    FsPickler.Json (5.2.2)
      FSharp.Core (>= 4.3.2)
      Newtonsoft.Json (>= 10.0.1)
      SourceLink.Embed.PaketFiles
    FsSql (2.1)
    fszmq (12.3.2)
      FSharp.Core (>= 4.3.4)
    Google.Api.CommonProtos (1.5)
      Google.Protobuf (>= 3.6.1)
      NETStandard.Library (>= 1.6.1)
    Google.Api.Gax (2.6)
      NETStandard.Library (>= 1.6.1)
      Newtonsoft.Json (>= 11.0.2)
      System.Interactive.Async (>= 3.2)
    Google.Api.Gax.Grpc (2.6)
      Google.Api.CommonProtos (>= 1.5)
      Google.Api.Gax (>= 2.6)
      Google.Apis.Auth (>= 1.38)
      Grpc.Auth (>= 1.18)
      Grpc.Core (>= 1.18)
      NETStandard.Library (>= 1.6.1)
    Google.Api.Gax.Rest (2.6)
      Google.Api.Gax (>= 2.6)
      Google.Apis.Auth (>= 1.38)
      NETStandard.Library (>= 1.6.1)
    Google.Apis (1.38)
      Google.Apis.Core (>= 1.38)
      Newtonsoft.Json (>= 10.0.2)
    Google.Apis.Auth (1.38)
      Google.Apis (>= 1.38)
      Google.Apis.Core (>= 1.38)
    Google.Apis.Bigquery.v2 (1.38.0.1484)
      Google.Apis (>= 1.38)
      Google.Apis.Auth (>= 1.38)
    Google.Apis.Core (1.38)
      Newtonsoft.Json (>= 10.0.2)
    Google.Cloud.BigQuery.V2 (1.3)
      Google.Api.Gax.Rest (>= 2.5)
      Google.Apis.Bigquery.v2 (>= 1.38.0.1484)
      NETStandard.Library (>= 1.6.1)
    Google.Cloud.Iam.V1 (1.1)
      Google.Api.Gax.Grpc (>= 2.4)
      Grpc.Core (>= 1.12)
      NETStandard.Library (>= 1.6.1)
    Google.Cloud.Logging.Type (2.0)
      Google.Api.CommonProtos (>= 1.1)
      NETStandard.Library (>= 1.6.1)
    Google.Cloud.Logging.V2 (2.2)
      Google.Api.CommonProtos (>= 1.3)
      Google.Api.Gax.Grpc (>= 2.4)
      Google.Cloud.Logging.Type (>= 2.0)
      Grpc.Core (>= 1.12)
      NETStandard.Library (>= 1.6.1)
    Google.Cloud.PubSub.V1 (1.1.0-beta01)
      Google.Api.Gax.Grpc (>= 2.5)
      Google.Cloud.Iam.V1 (>= 1.0)
      Grpc.Core (>= 1.17.1)
      NETStandard.Library (>= 1.6.1)
    Google.Protobuf (3.6.1)
      NETStandard.Library (>= 1.6.1)
    Grpc.Auth (1.18)
      Google.Apis.Auth (>= 1.21)
      Grpc.Core (>= 1.18)
      NETStandard.Library (>= 1.6.1)
    Grpc.Core (1.18)
      NETStandard.Library (>= 1.6.1)
      System.Interactive.Async (>= 3.1.1)
      System.Runtime.Loader (>= 4.0)
      System.Threading.Thread (>= 4.0)
      System.Threading.ThreadPool (>= 4.0.10)
    Hopac (0.4.1)
      FSharp.Core (>= 4.5 < 5.0)
    Http.fs (5.3)
      FSharp.Core (>= 4.3.4)
      Hopac (>= 0.3.23)
      System.Diagnostics.FileVersionInfo (>= 4.3)
    Jaeger.Thrift (0.3.4)
      Jaeger.Thrift.VendoredThrift (>= 0.3.4)
    Jaeger.Thrift.VendoredThrift (0.3.4)
    lz4net (1.0.15.93)
      lz4net.unsafe.netcore (1.0.15.93)
      NETStandard.Library (>= 1.6.1)
    lz4net.unsafe.netcore (1.0.15.93)
      NETStandard.Library (>= 1.6.1)
    Machine.Specifications (1.0)
      NETStandard.Library (>= 1.6)
      System.Diagnostics.TextWriterTraceListener (>= 4.0)
      System.Diagnostics.TraceSource (>= 4.0)
      System.Reflection (>= 4.1)
      System.Reflection.Extensions (>= 4.0.1)
      System.Reflection.TypeExtensions (>= 4.1)
      System.Xml.XPath (>= 4.0.1)
      System.Xml.XPath.XDocument (>= 4.0.1)
    Machine.Specifications.Runner.Console (1.0)
    Machine.Specifications.Should (1.0)
      Machine.Specifications (>= 1.0)
      NETStandard.Library (>= 1.6.1)
    Microsoft.ApplicationInsights (2.10)
      System.Diagnostics.DiagnosticSource (>= 4.5)
      System.Runtime.InteropServices (>= 4.3)
    Microsoft.ApplicationInsights.DependencyCollector (2.10)
      Microsoft.ApplicationInsights (>= 2.10)
      Microsoft.Extensions.DiagnosticAdapter (>= 1.1)
      Microsoft.Extensions.PlatformAbstractions (>= 1.1)
      NETStandard.Library (>= 1.6.1)
      System.Data.SqlClient (>= 4.3.1)
      System.Diagnostics.DiagnosticSource (>= 4.5)
      System.Diagnostics.StackTrace (>= 4.3)
    Microsoft.CodeAnalysis.Analyzers (2.9.4) - restriction: || (== netcoreapp2.0) (== netcoreapp2.2) (&& (== netstandard2.0) (>= net461)) (&& (== netstandard2.0) (>= netcoreapp2.0))
    Microsoft.CodeAnalysis.Common (3.2.1) - restriction: || (== netcoreapp2.0) (== netcoreapp2.2) (&& (== netstandard2.0) (>= net461)) (&& (== netstandard2.0) (>= netcoreapp2.0))
      Microsoft.CodeAnalysis.Analyzers (>= 2.9.3)
      System.Collections.Immutable (>= 1.5)
      System.Memory (>= 4.5.2)
      System.Reflection.Metadata (>= 1.6)
      System.Runtime.CompilerServices.Unsafe (>= 4.5.2)
      System.Text.Encoding.CodePages (>= 4.5.1)
      System.Threading.Tasks.Extensions (>= 4.5.2)
    Microsoft.CodeAnalysis.CSharp (3.2.1) - restriction: || (== netcoreapp2.0) (== netcoreapp2.2) (&& (== netstandard2.0) (>= net461)) (&& (== netstandard2.0) (>= netcoreapp2.0))
      Microsoft.CodeAnalysis.Common (3.2.1)
    Microsoft.DotNet.PlatformAbstractions (2.1) - restriction: || (== netcoreapp2.0) (== netcoreapp2.2) (&& (== netstandard2.0) (>= net461)) (&& (== netstandard2.0) (>= netcoreapp2.0))
      System.AppContext (>= 4.1)
      System.Collections (>= 4.0.11)
      System.IO (>= 4.1)
      System.IO.FileSystem (>= 4.0.1)
      System.Reflection.TypeExtensions (>= 4.1)
      System.Runtime.Extensions (>= 4.1)
      System.Runtime.InteropServices (>= 4.1)
      System.Runtime.InteropServices.RuntimeInformation (>= 4.0)
    Microsoft.Extensions.DiagnosticAdapter (2.2)
      System.Diagnostics.DiagnosticSource (>= 4.5)
    Microsoft.Extensions.PlatformAbstractions (1.1)
      NETStandard.Library (>= 1.6.1)
      System.Reflection.TypeExtensions (>= 4.3)
    Microsoft.NETCore.Platforms (2.1.2)
    Microsoft.NETCore.Targets (1.1.3)
    Microsoft.Rest.ClientRuntime (2.3.20)
      Newtonsoft.Json (>= 10.0.3)
    Microsoft.Win32.Primitives (4.3)
      Microsoft.NETCore.Platforms (>= 1.1)
      Microsoft.NETCore.Targets (>= 1.1)
      System.Runtime (>= 4.3)
    Microsoft.Win32.Registry (4.5)
      System.Memory (>= 4.5) - restriction: || (== netcoreapp2.0) (&& (== netcoreapp2.2) (< netcoreapp2.0)) (&& (== netcoreapp2.2) (< netcoreapp2.1)) (&& (== netcoreapp2.2) (>= uap10.1)) (== netstandard2.0)
      System.Security.AccessControl (>= 4.5)
      System.Security.Principal.Windows (>= 4.5)
    Mono.Cecil (0.11)
    NETStandard.Library (2.0.3)
      Microsoft.NETCore.Platforms (>= 1.1)
    Newtonsoft.Json (11.0.2)
    NLog (4.6.7)
    NodaTime (2.4.6)
    paket (5.216) - clitool: true
    protobuf-net (2.4)
      System.Reflection.Emit (>= 4.3) - restriction: || (== netcoreapp2.0) (&& (== netcoreapp2.2) (< netcoreapp2.1)) (&& (== netcoreapp2.2) (< netstandard2.0)) (== netstandard2.0)
      System.Reflection.Emit.Lightweight (>= 4.3) - restriction: || (== netcoreapp2.0) (&& (== netcoreapp2.2) (< netcoreapp2.1)) (&& (== netcoreapp2.2) (< netstandard2.0)) (== netstandard2.0)
      System.Reflection.TypeExtensions (>= 4.4) - restriction: || (== netcoreapp2.0) (&& (== netcoreapp2.2) (< netcoreapp2.1)) (&& (== netcoreapp2.2) (< netstandard2.0)) (== netstandard2.0)
      System.ServiceModel.Primitives (>= 4.5.3)
      System.Xml.XmlSerializer (>= 4.3) - restriction: || (== netcoreapp2.0) (&& (== netcoreapp2.2) (< netcoreapp2.1)) (&& (== netcoreapp2.2) (< netstandard2.0)) (== netstandard2.0)
    RabbitMQ.Client (5.1)
      NETStandard.Library (>= 1.6.1)
      System.Collections.Concurrent (>= 4.3)
      System.Console (>= 4.3)
      System.Diagnostics.Debug (>= 4.3)
      System.Diagnostics.Tracing (>= 4.3)
      System.IO (>= 4.3)
      System.Linq (>= 4.3)
      System.Net.NameResolution (>= 4.3)
      System.Net.Security (>= 4.3)
      System.Net.Sockets (>= 4.3)
      System.Reflection.Extensions (>= 4.3)
      System.Reflection.TypeExtensions (>= 4.3)
      System.Runtime (>= 4.3)
      System.Runtime.Extensions (>= 4.3)
      System.Text.RegularExpressions (>= 4.3)
      System.Threading (>= 4.3)
      System.Threading.Thread (>= 4.3)
      System.Threading.Timer (>= 4.3)
    runtime.debian.8-x64.runtime.native.System.Security.Cryptography.OpenSsl (4.3.3)
    runtime.debian.9-x64.runtime.native.System.Security.Cryptography.OpenSsl (4.3.3)
    runtime.fedora.23-x64.runtime.native.System.Security.Cryptography.OpenSsl (4.3.3)
    runtime.fedora.24-x64.runtime.native.System.Security.Cryptography.OpenSsl (4.3.3)
    runtime.fedora.27-x64.runtime.native.System.Security.Cryptography.OpenSsl (4.3.3)
    runtime.fedora.28-x64.runtime.native.System.Security.Cryptography.OpenSsl (4.3.3)
    runtime.native.System (4.3.1)
      Microsoft.NETCore.Platforms (>= 1.1.1)
      Microsoft.NETCore.Targets (>= 1.1.3)
    runtime.native.System.Data.SqlClient.sni (4.5)
      runtime.win-arm64.runtime.native.System.Data.SqlClient.sni (>= 4.4)
      runtime.win-x64.runtime.native.System.Data.SqlClient.sni (>= 4.4)
      runtime.win-x86.runtime.native.System.Data.SqlClient.sni (>= 4.4)
    runtime.native.System.Net.Http (4.3.1)
      Microsoft.NETCore.Platforms (>= 1.1.1)
      Microsoft.NETCore.Targets (>= 1.1.3)
    runtime.native.System.Net.Security (4.3.1)
      Microsoft.NETCore.Platforms (>= 1.1.1)
      Microsoft.NETCore.Targets (>= 1.1.3)
    runtime.native.System.Security.Cryptography.Apple (4.3.1)
      runtime.osx.10.10-x64.runtime.native.System.Security.Cryptography.Apple (>= 4.3.1)
    runtime.native.System.Security.Cryptography.OpenSsl (4.3.3)
      runtime.debian.8-x64.runtime.native.System.Security.Cryptography.OpenSsl (>= 4.3.3)
      runtime.debian.9-x64.runtime.native.System.Security.Cryptography.OpenSsl (>= 4.3.3)
      runtime.fedora.23-x64.runtime.native.System.Security.Cryptography.OpenSsl (>= 4.3.3)
      runtime.fedora.24-x64.runtime.native.System.Security.Cryptography.OpenSsl (>= 4.3.3)
      runtime.fedora.27-x64.runtime.native.System.Security.Cryptography.OpenSsl (>= 4.3.3)
      runtime.fedora.28-x64.runtime.native.System.Security.Cryptography.OpenSsl (>= 4.3.3)
      runtime.opensuse.13.2-x64.runtime.native.System.Security.Cryptography.OpenSsl (>= 4.3.3)
      runtime.opensuse.42.1-x64.runtime.native.System.Security.Cryptography.OpenSsl (>= 4.3.3)
      runtime.opensuse.42.3-x64.runtime.native.System.Security.Cryptography.OpenSsl (>= 4.3.3)
      runtime.osx.10.10-x64.runtime.native.System.Security.Cryptography.OpenSsl (>= 4.3.3)
      runtime.rhel.7-x64.runtime.native.System.Security.Cryptography.OpenSsl (>= 4.3.3)
      runtime.ubuntu.14.04-x64.runtime.native.System.Security.Cryptography.OpenSsl (>= 4.3.3)
      runtime.ubuntu.16.04-x64.runtime.native.System.Security.Cryptography.OpenSsl (>= 4.3.3)
      runtime.ubuntu.16.10-x64.runtime.native.System.Security.Cryptography.OpenSsl (>= 4.3.3)
      runtime.ubuntu.18.04-x64.runtime.native.System.Security.Cryptography.OpenSsl (>= 4.3.3)
    runtime.opensuse.13.2-x64.runtime.native.System.Security.Cryptography.OpenSsl (4.3.3)
    runtime.opensuse.42.1-x64.runtime.native.System.Security.Cryptography.OpenSsl (4.3.3)
    runtime.opensuse.42.3-x64.runtime.native.System.Security.Cryptography.OpenSsl (4.3.3)
    runtime.osx.10.10-x64.runtime.native.System.Security.Cryptography.Apple (4.3.1)
    runtime.osx.10.10-x64.runtime.native.System.Security.Cryptography.OpenSsl (4.3.3)
    runtime.rhel.7-x64.runtime.native.System.Security.Cryptography.OpenSsl (4.3.3)
    runtime.ubuntu.14.04-x64.runtime.native.System.Security.Cryptography.OpenSsl (4.3.3)
    runtime.ubuntu.16.04-x64.runtime.native.System.Security.Cryptography.OpenSsl (4.3.3)
    runtime.ubuntu.16.10-x64.runtime.native.System.Security.Cryptography.OpenSsl (4.3.3)
    runtime.ubuntu.18.04-x64.runtime.native.System.Security.Cryptography.OpenSsl (4.3.3)
    runtime.win-arm64.runtime.native.System.Data.SqlClient.sni (4.4)
    runtime.win-x64.runtime.native.System.Data.SqlClient.sni (4.4)
    runtime.win-x86.runtime.native.System.Data.SqlClient.sni (4.4)
    SourceLink.Embed.PaketFiles (2.8.3)
    SQLite.Interop (1.0)
    SQLite.Interop.dll (1.0.103)
    Suave (2.4.3)
      FSharp.Core (>= 4.0 < 5.0)
    System.AppContext (4.3) - restriction: || (== netcoreapp2.0) (== netcoreapp2.2) (&& (== netstandard2.0) (>= net461)) (&& (== netstandard2.0) (>= netcoreapp2.0))
      System.Runtime (>= 4.3)
    System.Buffers (4.5) - restriction: || (&& (== netcoreapp2.0) (>= monotouch)) (&& (== netcoreapp2.0) (>= net461)) (&& (== netcoreapp2.0) (< netstandard1.1)) (&& (== netcoreapp2.0) (< netstandard2.0)) (&& (== netcoreapp2.0) (>= xamarinios)) (&& (== netcoreapp2.0) (>= xamarinmac)) (&& (== netcoreapp2.0) (>= xamarintvos)) (&& (== netcoreapp2.0) (>= xamarinwatchos)) (&& (== netcoreapp2.2) (>= monotouch)) (&& (== netcoreapp2.2) (>= net461)) (&& (== netcoreapp2.2) (< netcoreapp2.0)) (&& (== netcoreapp2.2) (< netstandard1.1)) (&& (== netcoreapp2.2) (< netstandard2.0)) (&& (== netcoreapp2.2) (>= xamarinios)) (&& (== netcoreapp2.2) (>= xamarinmac)) (&& (== netcoreapp2.2) (>= xamarintvos)) (&& (== netcoreapp2.2) (>= xamarinwatchos)) (== netstandard2.0)
    System.CodeDom (4.5) - restriction: || (== netcoreapp2.0) (== netcoreapp2.2) (&& (== netstandard2.0) (>= net461)) (&& (== netstandard2.0) (>= netcoreapp2.0))
    System.Collections (4.3)
      Microsoft.NETCore.Platforms (>= 1.1)
      Microsoft.NETCore.Targets (>= 1.1)
      System.Runtime (>= 4.3)
    System.Collections.Concurrent (4.3)
      System.Collections (>= 4.3)
      System.Diagnostics.Debug (>= 4.3)
      System.Diagnostics.Tracing (>= 4.3)
      System.Globalization (>= 4.3)
      System.Reflection (>= 4.3)
      System.Resources.ResourceManager (>= 4.3)
      System.Runtime (>= 4.3)
      System.Runtime.Extensions (>= 4.3)
      System.Threading (>= 4.3)
      System.Threading.Tasks (>= 4.3)
    System.Collections.Immutable (1.5) - restriction: || (== netcoreapp2.0) (== netcoreapp2.2) (&& (== netstandard2.0) (>= net461)) (&& (== netstandard2.0) (>= netcoreapp2.0))
    System.Collections.NonGeneric (4.3)
      System.Diagnostics.Debug (>= 4.3)
      System.Globalization (>= 4.3)
      System.Resources.ResourceManager (>= 4.3)
      System.Runtime (>= 4.3)
      System.Runtime.Extensions (>= 4.3)
      System.Threading (>= 4.3)
    System.Collections.Specialized (4.3)
      System.Collections.NonGeneric (>= 4.3)
      System.Globalization (>= 4.3)
      System.Globalization.Extensions (>= 4.3)
      System.Resources.ResourceManager (>= 4.3)
      System.Runtime (>= 4.3)
      System.Runtime.Extensions (>= 4.3)
      System.Threading (>= 4.3)
    System.ComponentModel (4.3)
      System.Runtime (>= 4.3)
    System.ComponentModel.Primitives (4.3)
      System.ComponentModel (>= 4.3)
      System.Resources.ResourceManager (>= 4.3)
      System.Runtime (>= 4.3)
    System.ComponentModel.TypeConverter (4.3)
      System.Collections (>= 4.3)
      System.Collections.NonGeneric (>= 4.3)
      System.Collections.Specialized (>= 4.3)
      System.ComponentModel (>= 4.3)
      System.ComponentModel.Primitives (>= 4.3)
      System.Globalization (>= 4.3)
      System.Linq (>= 4.3)
      System.Reflection (>= 4.3)
      System.Reflection.Extensions (>= 4.3)
      System.Reflection.Primitives (>= 4.3)
      System.Reflection.TypeExtensions (>= 4.3)
      System.Resources.ResourceManager (>= 4.3)
      System.Runtime (>= 4.3)
      System.Runtime.Extensions (>= 4.3)
      System.Threading (>= 4.3)
    System.Configuration.ConfigurationManager (4.5)
      System.Security.Cryptography.ProtectedData (>= 4.5)
      System.Security.Permissions (>= 4.5)
    System.Console (4.3)
      Microsoft.NETCore.Platforms (>= 1.1)
      Microsoft.NETCore.Targets (>= 1.1)
      System.IO (>= 4.3)
      System.Runtime (>= 4.3)
      System.Text.Encoding (>= 4.3)
    System.Data.Odbc (4.5)
    System.Data.SqlClient (4.6.1)
      Microsoft.Win32.Registry (>= 4.5)
      runtime.native.System.Data.SqlClient.sni (>= 4.5)
      System.Buffers (>= 4.4) - restriction: || (&& (== netcoreapp2.2) (< netcoreapp2.0)) (== netstandard2.0)
      System.Diagnostics.DiagnosticSource (>= 4.5) - restriction: || (== netcoreapp2.0) (&& (== netcoreapp2.2) (< netcoreapp2.0)) (&& (== netcoreapp2.2) (< netcoreapp2.1)) (&& (== netcoreapp2.2) (>= uap10.1)) (== netstandard2.0)
      System.Memory (>= 4.5.1) - restriction: || (== netcoreapp2.0) (&& (== netcoreapp2.2) (< netcoreapp2.0)) (&& (== netcoreapp2.2) (< netcoreapp2.1)) (&& (== netcoreapp2.2) (>= uap10.1)) (== netstandard2.0)
      System.Security.Principal.Windows (>= 4.5)
      System.Text.Encoding.CodePages (>= 4.5)
    System.Data.SQLite.Core (1.0.111)
    System.Diagnostics.Debug (4.3)
      Microsoft.NETCore.Platforms (>= 1.1)
      Microsoft.NETCore.Targets (>= 1.1)
      System.Runtime (>= 4.3)
    System.Diagnostics.DiagnosticSource (4.5.1)
    System.Diagnostics.EventLog (4.5)
      Microsoft.NETCore.Platforms (>= 2.0) - restriction: || (== netcoreapp2.0) (== netcoreapp2.2) (&& (== netstandard2.0) (>= netcoreapp2.0))
      Microsoft.Win32.Registry (>= 4.5) - restriction: || (== netcoreapp2.0) (== netcoreapp2.2) (&& (== netstandard2.0) (>= netcoreapp2.0))
      System.Security.Permissions (>= 4.5)
      System.Security.Principal.Windows (>= 4.5) - restriction: || (== netcoreapp2.0) (== netcoreapp2.2) (&& (== netstandard2.0) (>= netcoreapp2.0))
      System.Threading.AccessControl (>= 4.5) - restriction: || (== netcoreapp2.0) (== netcoreapp2.2) (&& (== netstandard2.0) (>= netcoreapp2.0))
    System.Diagnostics.FileVersionInfo (4.3)
      Microsoft.NETCore.Platforms (>= 1.1)
      System.Globalization (>= 4.3)
      System.IO (>= 4.3)
      System.IO.FileSystem (>= 4.3)
      System.IO.FileSystem.Primitives (>= 4.3)
      System.Reflection.Metadata (>= 1.4.1)
      System.Runtime (>= 4.3)
      System.Runtime.Extensions (>= 4.3)
      System.Runtime.InteropServices (>= 4.3)
    System.Diagnostics.StackTrace (4.3)
      System.IO.FileSystem (>= 4.3)
      System.Reflection (>= 4.3)
      System.Reflection.Metadata (>= 1.4.1)
      System.Runtime (>= 4.3)
    System.Diagnostics.TextWriterTraceListener (4.3)
      System.Diagnostics.TraceSource (>= 4.3)
      System.Globalization (>= 4.3)
      System.IO (>= 4.3)
      System.Resources.ResourceManager (>= 4.3)
      System.Runtime (>= 4.3)
      System.Threading (>= 4.3)
    System.Diagnostics.Tools (4.3)
      Microsoft.NETCore.Platforms (>= 1.1)
      Microsoft.NETCore.Targets (>= 1.1)
      System.Runtime (>= 4.3)
    System.Diagnostics.TraceSource (4.3)
      Microsoft.NETCore.Platforms (>= 1.1)
      runtime.native.System (>= 4.3)
      System.Collections (>= 4.3)
      System.Diagnostics.Debug (>= 4.3)
      System.Globalization (>= 4.3)
      System.Resources.ResourceManager (>= 4.3)
      System.Runtime (>= 4.3)
      System.Runtime.Extensions (>= 4.3)
      System.Threading (>= 4.3)
    System.Diagnostics.Tracing (4.3)
      Microsoft.NETCore.Platforms (>= 1.1)
      Microsoft.NETCore.Targets (>= 1.1)
      System.Runtime (>= 4.3)
    System.Dynamic.Runtime (4.3)
      System.Collections (>= 4.3)
      System.Diagnostics.Debug (>= 4.3)
      System.Linq (>= 4.3)
      System.Linq.Expressions (>= 4.3)
      System.ObjectModel (>= 4.3)
      System.Reflection (>= 4.3)
      System.Reflection.Emit (>= 4.3)
      System.Reflection.Emit.ILGeneration (>= 4.3)
      System.Reflection.Primitives (>= 4.3)
      System.Reflection.TypeExtensions (>= 4.3)
      System.Resources.ResourceManager (>= 4.3)
      System.Runtime (>= 4.3)
      System.Runtime.Extensions (>= 4.3)
      System.Threading (>= 4.3)
    System.Globalization (4.3)
      Microsoft.NETCore.Platforms (>= 1.1)
      Microsoft.NETCore.Targets (>= 1.1)
      System.Runtime (>= 4.3)
    System.Globalization.Calendars (4.3)
      Microsoft.NETCore.Platforms (>= 1.1)
      Microsoft.NETCore.Targets (>= 1.1)
      System.Globalization (>= 4.3)
      System.Runtime (>= 4.3)
    System.Globalization.Extensions (4.3)
      Microsoft.NETCore.Platforms (>= 1.1)
      System.Globalization (>= 4.3)
      System.Resources.ResourceManager (>= 4.3)
      System.Runtime (>= 4.3)
      System.Runtime.Extensions (>= 4.3)
      System.Runtime.InteropServices (>= 4.3)
    System.Interactive.Async (3.2)
    System.IO (4.3)
      Microsoft.NETCore.Platforms (>= 1.1)
      Microsoft.NETCore.Targets (>= 1.1)
      System.Runtime (>= 4.3)
      System.Text.Encoding (>= 4.3)
      System.Threading.Tasks (>= 4.3)
    System.IO.FileSystem (4.3)
      Microsoft.NETCore.Platforms (>= 1.1)
      Microsoft.NETCore.Targets (>= 1.1)
      System.IO (>= 4.3)
      System.IO.FileSystem.Primitives (>= 4.3)
      System.Runtime (>= 4.3)
      System.Runtime.Handles (>= 4.3)
      System.Text.Encoding (>= 4.3)
      System.Threading.Tasks (>= 4.3)
    System.IO.FileSystem.Primitives (4.3)
      System.Runtime (>= 4.3)
    System.Linq (4.3)
      System.Collections (>= 4.3)
      System.Diagnostics.Debug (>= 4.3)
      System.Resources.ResourceManager (>= 4.3)
      System.Runtime (>= 4.3)
      System.Runtime.Extensions (>= 4.3)
    System.Linq.Expressions (4.3)
      System.Collections (>= 4.3)
      System.Diagnostics.Debug (>= 4.3)
      System.Globalization (>= 4.3)
      System.IO (>= 4.3)
      System.Linq (>= 4.3)
      System.ObjectModel (>= 4.3)
      System.Reflection (>= 4.3)
      System.Reflection.Emit (>= 4.3)
      System.Reflection.Emit.ILGeneration (>= 4.3)
      System.Reflection.Emit.Lightweight (>= 4.3)
      System.Reflection.Extensions (>= 4.3)
      System.Reflection.Primitives (>= 4.3)
      System.Reflection.TypeExtensions (>= 4.3)
      System.Resources.ResourceManager (>= 4.3)
      System.Runtime (>= 4.3)
      System.Runtime.Extensions (>= 4.3)
      System.Threading (>= 4.3)
    System.Management (4.5) - restriction: || (== netcoreapp2.0) (== netcoreapp2.2) (&& (== netstandard2.0) (>= net461)) (&& (== netstandard2.0) (>= netcoreapp2.0))
      Microsoft.NETCore.Platforms (>= 2.0) - restriction: || (== netcoreapp2.0) (== netcoreapp2.2) (&& (== netstandard2.0) (>= netcoreapp2.0))
      Microsoft.Win32.Registry (>= 4.5) - restriction: || (== netcoreapp2.0) (== netcoreapp2.2) (&& (== netstandard2.0) (>= netcoreapp2.0))
      System.CodeDom (>= 4.5)
    System.Memory (4.5.3)
      System.Buffers (>= 4.4) - restriction: || (&& (== netcoreapp2.0) (>= monotouch)) (&& (== netcoreapp2.0) (>= net461)) (&& (== netcoreapp2.0) (< netstandard1.1)) (&& (== netcoreapp2.0) (< netstandard2.0)) (&& (== netcoreapp2.0) (>= xamarinios)) (&& (== netcoreapp2.0) (>= xamarinmac)) (&& (== netcoreapp2.0) (>= xamarintvos)) (&& (== netcoreapp2.0) (>= xamarinwatchos)) (&& (== netcoreapp2.2) (>= monotouch)) (&& (== netcoreapp2.2) (>= net461)) (&& (== netcoreapp2.2) (< netcoreapp2.0)) (&& (== netcoreapp2.2) (< netstandard1.1)) (&& (== netcoreapp2.2) (< netstandard2.0)) (&& (== netcoreapp2.2) (>= xamarinios)) (&& (== netcoreapp2.2) (>= xamarinmac)) (&& (== netcoreapp2.2) (>= xamarintvos)) (&& (== netcoreapp2.2) (>= xamarinwatchos)) (== netstandard2.0)
      System.Numerics.Vectors (>= 4.4) - restriction: || (&& (== netcoreapp2.0) (>= net461)) (&& (== netcoreapp2.2) (>= net461)) (&& (== netcoreapp2.2) (< netcoreapp2.0)) (== netstandard2.0)
      System.Runtime.CompilerServices.Unsafe (>= 4.5.2) - restriction: || (== netcoreapp2.0) (&& (== netcoreapp2.2) (>= monotouch)) (&& (== netcoreapp2.2) (>= net461)) (&& (== netcoreapp2.2) (< netcoreapp2.0)) (&& (== netcoreapp2.2) (< netcoreapp2.1)) (&& (== netcoreapp2.2) (< netstandard1.1)) (&& (== netcoreapp2.2) (< netstandard2.0)) (&& (== netcoreapp2.2) (>= uap10.1)) (&& (== netcoreapp2.2) (>= xamarinios)) (&& (== netcoreapp2.2) (>= xamarinmac)) (&& (== netcoreapp2.2) (>= xamarintvos)) (&& (== netcoreapp2.2) (>= xamarinwatchos)) (== netstandard2.0)
    System.Net.Http (4.3.4)
      Microsoft.NETCore.Platforms (>= 1.1.1)
      runtime.native.System (>= 4.3)
      runtime.native.System.Net.Http (>= 4.3)
      runtime.native.System.Security.Cryptography.OpenSsl (>= 4.3.2)
      System.Collections (>= 4.3)
      System.Diagnostics.Debug (>= 4.3)
      System.Diagnostics.DiagnosticSource (>= 4.3)
      System.Diagnostics.Tracing (>= 4.3)
      System.Globalization (>= 4.3)
      System.Globalization.Extensions (>= 4.3)
      System.IO (>= 4.3)
      System.IO.FileSystem (>= 4.3)
      System.Net.Primitives (>= 4.3)
      System.Resources.ResourceManager (>= 4.3)
      System.Runtime (>= 4.3)
      System.Runtime.Extensions (>= 4.3)
      System.Runtime.Handles (>= 4.3)
      System.Runtime.InteropServices (>= 4.3)
      System.Security.Cryptography.Algorithms (>= 4.3)
      System.Security.Cryptography.Encoding (>= 4.3)
      System.Security.Cryptography.OpenSsl (>= 4.3)
      System.Security.Cryptography.Primitives (>= 4.3)
      System.Security.Cryptography.X509Certificates (>= 4.3)
      System.Text.Encoding (>= 4.3)
      System.Threading (>= 4.3)
      System.Threading.Tasks (>= 4.3)
    System.Net.NameResolution (4.3)
      Microsoft.NETCore.Platforms (>= 1.1)
      runtime.native.System (>= 4.3)
      System.Collections (>= 4.3)
      System.Diagnostics.Tracing (>= 4.3)
      System.Globalization (>= 4.3)
      System.Net.Primitives (>= 4.3)
      System.Resources.ResourceManager (>= 4.3)
      System.Runtime (>= 4.3)
      System.Runtime.Extensions (>= 4.3)
      System.Runtime.Handles (>= 4.3)
      System.Runtime.InteropServices (>= 4.3)
      System.Security.Principal.Windows (>= 4.3)
      System.Threading (>= 4.3)
      System.Threading.Tasks (>= 4.3)
    System.Net.Primitives (4.3)
      Microsoft.NETCore.Platforms (>= 1.1)
      Microsoft.NETCore.Targets (>= 1.1)
      System.Runtime (>= 4.3)
      System.Runtime.Handles (>= 4.3)
    System.Net.Security (4.3.2)
      Microsoft.NETCore.Platforms (>= 1.1)
      Microsoft.Win32.Primitives (>= 4.3)
      runtime.native.System (>= 4.3)
      runtime.native.System.Net.Security (>= 4.3)
      runtime.native.System.Security.Cryptography.OpenSsl (>= 4.3.2)
      System.Collections (>= 4.3)
      System.Collections.Concurrent (>= 4.3)
      System.Diagnostics.Tracing (>= 4.3)
      System.Globalization (>= 4.3)
      System.Globalization.Extensions (>= 4.3)
      System.IO (>= 4.3)
      System.Net.Primitives (>= 4.3)
      System.Resources.ResourceManager (>= 4.3)
      System.Runtime (>= 4.3)
      System.Runtime.Extensions (>= 4.3)
      System.Runtime.Handles (>= 4.3)
      System.Runtime.InteropServices (>= 4.3)
      System.Security.Claims (>= 4.3)
      System.Security.Cryptography.Algorithms (>= 4.3)
      System.Security.Cryptography.Encoding (>= 4.3)
      System.Security.Cryptography.OpenSsl (>= 4.3)
      System.Security.Cryptography.Primitives (>= 4.3)
      System.Security.Cryptography.X509Certificates (>= 4.3)
      System.Security.Principal (>= 4.3)
      System.Text.Encoding (>= 4.3)
      System.Threading (>= 4.3)
      System.Threading.Tasks (>= 4.3)
      System.Threading.ThreadPool (>= 4.3)
    System.Net.Sockets (4.3)
      Microsoft.NETCore.Platforms (>= 1.1)
      Microsoft.NETCore.Targets (>= 1.1)
      System.IO (>= 4.3)
      System.Net.Primitives (>= 4.3)
      System.Runtime (>= 4.3)
      System.Threading.Tasks (>= 4.3)
    System.Numerics.Vectors (4.5) - restriction: || (&& (== netcoreapp2.0) (>= net461)) (&& (== netcoreapp2.2) (>= net461)) (&& (== netcoreapp2.2) (< netcoreapp2.0)) (== netstandard2.0)
    System.ObjectModel (4.3)
      System.Collections (>= 4.3)
      System.Diagnostics.Debug (>= 4.3)
      System.Resources.ResourceManager (>= 4.3)
      System.Runtime (>= 4.3)
      System.Threading (>= 4.3)
    System.Private.ServiceModel (4.5.3)
      Microsoft.NETCore.Platforms (>= 2.1)
      System.Reflection.DispatchProxy (>= 4.5)
      System.Security.Principal.Windows (>= 4.5)
    System.Reflection (4.3)
      Microsoft.NETCore.Platforms (>= 1.1)
      Microsoft.NETCore.Targets (>= 1.1)
      System.IO (>= 4.3)
      System.Reflection.Primitives (>= 4.3)
      System.Runtime (>= 4.3)
    System.Reflection.DispatchProxy (4.5.1)
    System.Reflection.Emit (4.3)
      System.IO (>= 4.3)
      System.Reflection (>= 4.3)
      System.Reflection.Emit.ILGeneration (>= 4.3)
      System.Reflection.Primitives (>= 4.3)
      System.Runtime (>= 4.3)
    System.Reflection.Emit.ILGeneration (4.3)
      System.Reflection (>= 4.3)
      System.Reflection.Primitives (>= 4.3)
      System.Runtime (>= 4.3)
    System.Reflection.Emit.Lightweight (4.3)
      System.Reflection (>= 4.3)
      System.Reflection.Emit.ILGeneration (>= 4.3)
      System.Reflection.Primitives (>= 4.3)
      System.Runtime (>= 4.3)
    System.Reflection.Extensions (4.3)
      Microsoft.NETCore.Platforms (>= 1.1)
      Microsoft.NETCore.Targets (>= 1.1)
      System.Reflection (>= 4.3)
      System.Runtime (>= 4.3)
    System.Reflection.Metadata (1.6)
      System.Collections.Immutable (>= 1.5) - restriction: || (== netcoreapp2.0) (&& (== netcoreapp2.2) (>= net45)) (&& (== netcoreapp2.2) (< netcoreapp2.1)) (&& (== netcoreapp2.2) (< netstandard1.1)) (&& (== netcoreapp2.2) (< netstandard2.0)) (== netstandard2.0)
    System.Reflection.Primitives (4.3)
      Microsoft.NETCore.Platforms (>= 1.1)
      Microsoft.NETCore.Targets (>= 1.1)
      System.Runtime (>= 4.3)
    System.Reflection.TypeExtensions (4.5.1)
    System.Resources.ResourceManager (4.3)
      Microsoft.NETCore.Platforms (>= 1.1)
      Microsoft.NETCore.Targets (>= 1.1)
      System.Globalization (>= 4.3)
      System.Reflection (>= 4.3)
      System.Runtime (>= 4.3)
    System.Runtime (4.3)
      Microsoft.NETCore.Platforms (>= 1.1)
      Microsoft.NETCore.Targets (>= 1.1)
    System.Runtime.CompilerServices.Unsafe (4.5.2)
    System.Runtime.Extensions (4.3)
      Microsoft.NETCore.Platforms (>= 1.1)
      Microsoft.NETCore.Targets (>= 1.1)
      System.Runtime (>= 4.3)
    System.Runtime.Handles (4.3)
      Microsoft.NETCore.Platforms (>= 1.1)
      Microsoft.NETCore.Targets (>= 1.1)
      System.Runtime (>= 4.3)
    System.Runtime.InteropServices (4.3)
      Microsoft.NETCore.Platforms (>= 1.1)
      Microsoft.NETCore.Targets (>= 1.1)
      System.Reflection (>= 4.3)
      System.Reflection.Primitives (>= 4.3)
      System.Runtime (>= 4.3)
      System.Runtime.Handles (>= 4.3)
    System.Runtime.InteropServices.RuntimeInformation (4.3) - restriction: || (== netcoreapp2.0) (== netcoreapp2.2) (&& (== netstandard2.0) (>= net461)) (&& (== netstandard2.0) (>= netcoreapp2.0))
      runtime.native.System (>= 4.3)
      System.Reflection (>= 4.3)
      System.Reflection.Extensions (>= 4.3)
      System.Resources.ResourceManager (>= 4.3)
      System.Runtime (>= 4.3)
      System.Runtime.InteropServices (>= 4.3)
      System.Threading (>= 4.3)
    System.Runtime.Loader (4.0)
      System.IO (>= 4.1)
      System.Reflection (>= 4.1)
      System.Runtime (>= 4.1)
    System.Runtime.Numerics (4.3)
      System.Globalization (>= 4.3)
      System.Resources.ResourceManager (>= 4.3)
      System.Runtime (>= 4.3)
      System.Runtime.Extensions (>= 4.3)
    System.Security.AccessControl (4.5)
      Microsoft.NETCore.Platforms (>= 2.0) - restriction: || (== netcoreapp2.0) (== netcoreapp2.2) (&& (== netstandard2.0) (>= netcoreapp2.0))
      System.Security.Principal.Windows (>= 4.5)
    System.Security.Claims (4.3)
      System.Collections (>= 4.3)
      System.Globalization (>= 4.3)
      System.IO (>= 4.3)
      System.Resources.ResourceManager (>= 4.3)
      System.Runtime (>= 4.3)
      System.Runtime.Extensions (>= 4.3)
      System.Security.Principal (>= 4.3)
    System.Security.Cryptography.Algorithms (4.3)
      Microsoft.NETCore.Platforms (>= 1.1)
      runtime.native.System.Security.Cryptography.Apple (>= 4.3)
      runtime.native.System.Security.Cryptography.OpenSsl (>= 4.3)
      System.Collections (>= 4.3)
      System.IO (>= 4.3)
      System.Resources.ResourceManager (>= 4.3)
      System.Runtime (>= 4.3)
      System.Runtime.Extensions (>= 4.3)
      System.Runtime.Handles (>= 4.3)
      System.Runtime.InteropServices (>= 4.3)
      System.Runtime.Numerics (>= 4.3)
      System.Security.Cryptography.Encoding (>= 4.3)
      System.Security.Cryptography.Primitives (>= 4.3)
      System.Text.Encoding (>= 4.3)
    System.Security.Cryptography.Cng (4.5)
      Microsoft.NETCore.Platforms (>= 2.0) - restriction: || (== netcoreapp2.0) (&& (== netcoreapp2.2) (< netcoreapp2.1)) (&& (== netstandard2.0) (>= netcoreapp2.0))
    System.Security.Cryptography.Csp (4.3)
      Microsoft.NETCore.Platforms (>= 1.1)
      System.IO (>= 4.3)
      System.Reflection (>= 4.3)
      System.Resources.ResourceManager (>= 4.3)
      System.Runtime (>= 4.3)
      System.Runtime.Extensions (>= 4.3)
      System.Runtime.Handles (>= 4.3)
      System.Runtime.InteropServices (>= 4.3)
      System.Security.Cryptography.Algorithms (>= 4.3)
      System.Security.Cryptography.Encoding (>= 4.3)
      System.Security.Cryptography.Primitives (>= 4.3)
      System.Text.Encoding (>= 4.3)
      System.Threading (>= 4.3)
    System.Security.Cryptography.Encoding (4.3)
      Microsoft.NETCore.Platforms (>= 1.1)
      runtime.native.System.Security.Cryptography.OpenSsl (>= 4.3)
      System.Collections (>= 4.3)
      System.Collections.Concurrent (>= 4.3)
      System.Linq (>= 4.3)
      System.Resources.ResourceManager (>= 4.3)
      System.Runtime (>= 4.3)
      System.Runtime.Extensions (>= 4.3)
      System.Runtime.Handles (>= 4.3)
      System.Runtime.InteropServices (>= 4.3)
      System.Security.Cryptography.Primitives (>= 4.3)
      System.Text.Encoding (>= 4.3)
    System.Security.Cryptography.OpenSsl (4.5.1)
      Microsoft.NETCore.Platforms (>= 2.1.2) - restriction: || (== netcoreapp2.0) (&& (== netcoreapp2.2) (< netcoreapp2.1)) (&& (== netstandard2.0) (>= netcoreapp2.0))
    System.Security.Cryptography.Primitives (4.3)
      System.Diagnostics.Debug (>= 4.3)
      System.Globalization (>= 4.3)
      System.IO (>= 4.3)
      System.Resources.ResourceManager (>= 4.3)
      System.Runtime (>= 4.3)
      System.Threading (>= 4.3)
      System.Threading.Tasks (>= 4.3)
    System.Security.Cryptography.ProtectedData (4.5)
      System.Memory (>= 4.5) - restriction: || (== netcoreapp2.0) (&& (== netcoreapp2.2) (< netcoreapp2.1)) (== netstandard2.0)
    System.Security.Cryptography.X509Certificates (4.3)
      Microsoft.NETCore.Platforms (>= 1.1)
      runtime.native.System (>= 4.3)
      runtime.native.System.Net.Http (>= 4.3)
      runtime.native.System.Security.Cryptography.OpenSsl (>= 4.3)
      System.Collections (>= 4.3)
      System.Diagnostics.Debug (>= 4.3)
      System.Globalization (>= 4.3)
      System.Globalization.Calendars (>= 4.3)
      System.IO (>= 4.3)
      System.IO.FileSystem (>= 4.3)
      System.IO.FileSystem.Primitives (>= 4.3)
      System.Resources.ResourceManager (>= 4.3)
      System.Runtime (>= 4.3)
      System.Runtime.Extensions (>= 4.3)
      System.Runtime.Handles (>= 4.3)
      System.Runtime.InteropServices (>= 4.3)
      System.Runtime.Numerics (>= 4.3)
      System.Security.Cryptography.Algorithms (>= 4.3)
      System.Security.Cryptography.Cng (>= 4.3)
      System.Security.Cryptography.Csp (>= 4.3)
      System.Security.Cryptography.Encoding (>= 4.3)
      System.Security.Cryptography.OpenSsl (>= 4.3)
      System.Security.Cryptography.Primitives (>= 4.3)
      System.Text.Encoding (>= 4.3)
      System.Threading (>= 4.3)
    System.Security.Permissions (4.5)
      System.Security.AccessControl (>= 4.5)
    System.Security.Principal (4.3)
      System.Runtime (>= 4.3)
    System.Security.Principal.Windows (4.5.1)
      Microsoft.NETCore.Platforms (>= 2.0) - restriction: || (== netcoreapp2.0) (== netcoreapp2.2) (&& (== netstandard2.0) (>= netcoreapp2.0))
    System.ServiceModel.Primitives (4.5.3)
      System.Private.ServiceModel (>= 4.5.3)
    System.ServiceProcess.ServiceController (4.5)
      System.Diagnostics.EventLog (>= 4.5)
    System.Text.Encoding (4.3)
      Microsoft.NETCore.Platforms (>= 1.1)
      Microsoft.NETCore.Targets (>= 1.1)
      System.Runtime (>= 4.3)
    System.Text.Encoding.CodePages (4.5.1)
      Microsoft.NETCore.Platforms (>= 2.1.2) - restriction: || (== netcoreapp2.0) (== netcoreapp2.2) (&& (== netstandard2.0) (>= netcoreapp2.0))
      System.Runtime.CompilerServices.Unsafe (>= 4.5.2)
    System.Text.Encoding.Extensions (4.3)
      Microsoft.NETCore.Platforms (>= 1.1)
      Microsoft.NETCore.Targets (>= 1.1)
      System.Runtime (>= 4.3)
      System.Text.Encoding (>= 4.3)
    System.Text.RegularExpressions (4.3)
      System.Collections (>= 4.3) - restriction: || (&& (== netcoreapp2.0) (< netcoreapp1.1)) (&& (== netcoreapp2.2) (< netcoreapp1.1)) (== netstandard2.0)
      System.Globalization (>= 4.3) - restriction: || (&& (== netcoreapp2.0) (< netcoreapp1.1)) (&& (== netcoreapp2.2) (< netcoreapp1.1)) (== netstandard2.0)
      System.Resources.ResourceManager (>= 4.3) - restriction: || (&& (== netcoreapp2.0) (< netcoreapp1.1)) (&& (== netcoreapp2.2) (< netcoreapp1.1)) (== netstandard2.0)
      System.Runtime (>= 4.3)
      System.Runtime.Extensions (>= 4.3) - restriction: || (&& (== netcoreapp2.0) (< netcoreapp1.1)) (&& (== netcoreapp2.2) (< netcoreapp1.1)) (== netstandard2.0)
      System.Threading (>= 4.3) - restriction: || (&& (== netcoreapp2.0) (< netcoreapp1.1)) (&& (== netcoreapp2.2) (< netcoreapp1.1)) (== netstandard2.0)
    System.Threading (4.3)
      System.Runtime (>= 4.3)
      System.Threading.Tasks (>= 4.3)
    System.Threading.AccessControl (4.5) - restriction: || (== netcoreapp2.0) (== netcoreapp2.2) (&& (== netstandard2.0) (>= netcoreapp2.0))
      System.Security.AccessControl (>= 4.5)
      System.Security.Principal.Windows (>= 4.5)
    System.Threading.Tasks (4.3)
      Microsoft.NETCore.Platforms (>= 1.1)
      Microsoft.NETCore.Targets (>= 1.1)
      System.Runtime (>= 4.3)
    System.Threading.Tasks.Extensions (4.5.3)
      System.Runtime.CompilerServices.Unsafe (>= 4.5.2) - restriction: || (== netcoreapp2.0) (&& (== netcoreapp2.2) (>= net45)) (&& (== netcoreapp2.2) (< netcoreapp2.1)) (&& (== netcoreapp2.2) (< netstandard1.0)) (&& (== netcoreapp2.2) (< netstandard2.0)) (&& (== netcoreapp2.2) (>= wp8)) (== netstandard2.0)
    System.Threading.Thread (4.3)
      System.Runtime (>= 4.3)
    System.Threading.ThreadPool (4.3)
      System.Runtime (>= 4.3)
      System.Runtime.Handles (>= 4.3)
    System.Threading.Timer (4.3)
      Microsoft.NETCore.Platforms (>= 1.1)
      Microsoft.NETCore.Targets (>= 1.1)
      System.Runtime (>= 4.3)
    System.ValueTuple (4.5) - restriction: || (== netcoreapp2.0) (== netcoreapp2.2) (&& (== netstandard2.0) (>= net461)) (&& (== netstandard2.0) (>= netcoreapp2.0))
    System.Xml.ReaderWriter (4.3)
      System.Collections (>= 4.3)
      System.Diagnostics.Debug (>= 4.3)
      System.Globalization (>= 4.3)
      System.IO (>= 4.3)
      System.IO.FileSystem (>= 4.3)
      System.IO.FileSystem.Primitives (>= 4.3)
      System.Resources.ResourceManager (>= 4.3)
      System.Runtime (>= 4.3)
      System.Runtime.Extensions (>= 4.3)
      System.Runtime.InteropServices (>= 4.3)
      System.Text.Encoding (>= 4.3)
      System.Text.Encoding.Extensions (>= 4.3)
      System.Text.RegularExpressions (>= 4.3)
      System.Threading.Tasks (>= 4.3)
      System.Threading.Tasks.Extensions (>= 4.3)
    System.Xml.XDocument (4.3)
      System.Collections (>= 4.3)
      System.Diagnostics.Debug (>= 4.3)
      System.Diagnostics.Tools (>= 4.3)
      System.Globalization (>= 4.3)
      System.IO (>= 4.3)
      System.Reflection (>= 4.3)
      System.Resources.ResourceManager (>= 4.3)
      System.Runtime (>= 4.3)
      System.Runtime.Extensions (>= 4.3)
      System.Text.Encoding (>= 4.3)
      System.Threading (>= 4.3)
      System.Xml.ReaderWriter (>= 4.3)
    System.Xml.XmlDocument (4.3)
      System.Collections (>= 4.3)
      System.Diagnostics.Debug (>= 4.3)
      System.Globalization (>= 4.3)
      System.IO (>= 4.3)
      System.Resources.ResourceManager (>= 4.3)
      System.Runtime (>= 4.3)
      System.Runtime.Extensions (>= 4.3)
      System.Text.Encoding (>= 4.3)
      System.Threading (>= 4.3)
      System.Xml.ReaderWriter (>= 4.3)
    System.Xml.XmlSerializer (4.3)
      System.Collections (>= 4.3)
      System.Globalization (>= 4.3)
      System.IO (>= 4.3)
      System.Linq (>= 4.3)
      System.Reflection (>= 4.3)
      System.Reflection.Emit (>= 4.3)
      System.Reflection.Emit.ILGeneration (>= 4.3)
      System.Reflection.Extensions (>= 4.3)
      System.Reflection.Primitives (>= 4.3)
      System.Reflection.TypeExtensions (>= 4.3)
      System.Resources.ResourceManager (>= 4.3)
      System.Runtime (>= 4.3)
      System.Runtime.Extensions (>= 4.3)
      System.Text.RegularExpressions (>= 4.3)
      System.Threading (>= 4.3)
      System.Xml.ReaderWriter (>= 4.3)
      System.Xml.XmlDocument (>= 4.3)
    System.Xml.XPath (4.3)
      System.Collections (>= 4.3)
      System.Diagnostics.Debug (>= 4.3)
      System.Globalization (>= 4.3)
      System.IO (>= 4.3)
      System.Resources.ResourceManager (>= 4.3)
      System.Runtime (>= 4.3)
      System.Runtime.Extensions (>= 4.3)
      System.Threading (>= 4.3)
      System.Xml.ReaderWriter (>= 4.3)
    System.Xml.XPath.XDocument (4.3)
      System.Diagnostics.Debug (>= 4.3)
      System.Linq (>= 4.3)
      System.Resources.ResourceManager (>= 4.3)
      System.Runtime (>= 4.3)
      System.Runtime.Extensions (>= 4.3)
      System.Threading (>= 4.3)
      System.Xml.ReaderWriter (>= 4.3)
      System.Xml.XDocument (>= 4.3)
      System.Xml.XPath (>= 4.3)
    System.Xml.XPath.XmlDocument (4.3) - restriction: || (== netcoreapp2.0) (== netcoreapp2.2) (&& (== netstandard2.0) (>= net461)) (&& (== netstandard2.0) (>= netcoreapp2.0))
      System.Collections (>= 4.3)
      System.Globalization (>= 4.3)
      System.IO (>= 4.3)
      System.Resources.ResourceManager (>= 4.3)
      System.Runtime (>= 4.3)
      System.Runtime.Extensions (>= 4.3)
      System.Threading (>= 4.3)
      System.Xml.ReaderWriter (>= 4.3)
      System.Xml.XmlDocument (>= 4.3)
      System.Xml.XPath (>= 4.3)
    Topshelf (4.2.1)
      TopShelf.ServiceInstaller (>= 4.2.1)
    TopShelf.ServiceInstaller (4.2.1)
      Microsoft.Win32.Registry (>= 4.5)
      System.ServiceProcess.ServiceController (>= 4.5)
GITHUB
  remote: eiriktsarpalis/TypeShape
    src/TypeShape/TypeShape.fs (c39f18a164a9ce227656e2806c2bddfdde623a68)
    src/TypeShape/Utils.fs (c39f18a164a9ce227656e2806c2bddfdde623a68)
  remote: haf/YoLo
    YoLo.fs (bd91bbe94a183aa9dc9c13e885c73b20516b01e7)
  remote: haf/DVar
    src/DVar/DVar.fs (a9572c17378116f4fc03da4b4ceb67ee94dae659)
  remote: logary/RingBuffer
    RingBuffer.fs (4ae23a7481076091fff153961196df302683d756)
      Expecto
      Expecto.BenchmarkDotNet
      Expecto.FsCheck
      Expecto.Hopac
      Hopac
  remote: logary/logary
    src/Logary.CSharp.Facade/Facade.cs (fbaf753c13e7e7e0394778f9391d4761f0e2c477)
    src/Logary.Facade/Facade.fs (fbaf753c13e7e7e0394778f9391d4761f0e2c477)
  remote: messagetemplates/messagetemplates-fsharp
    src/FsMtParser/FsMtParserFull.fs (0831fe4727b79f36e14f1a79a34a013b868b9118)
  remote: xyncro/aether
    src/Aether/Aether.fs (8dcbdc50190ac05851f4ccf57b356afbae5821a5)
GROUP AspNetCoreExample
REDIRECTS: ON
STORAGE: NONE
RESTRICTION: || (== netcoreapp2.0) (== netcoreapp2.2) (== netstandard2.0)
NUGET
  remote: https://api.nuget.org/v3/index.json
    Microsoft.AspNet.WebApi.Client (5.2.7) - restriction: || (&& (== netcoreapp2.0) (>= netcoreapp2.2)) (== netcoreapp2.2) (&& (== netstandard2.0) (>= netcoreapp2.2))
      Newtonsoft.Json (>= 10.0.1)
      Newtonsoft.Json.Bson (>= 1.0.1)
    Microsoft.AspNetCore (2.2)
      Microsoft.AspNetCore.Diagnostics (>= 2.2)
      Microsoft.AspNetCore.HostFiltering (>= 2.2)
      Microsoft.AspNetCore.Hosting (>= 2.2)
      Microsoft.AspNetCore.Routing (>= 2.2)
      Microsoft.AspNetCore.Server.IIS (>= 2.2)
      Microsoft.AspNetCore.Server.IISIntegration (>= 2.2)
      Microsoft.AspNetCore.Server.Kestrel (>= 2.2)
      Microsoft.AspNetCore.Server.Kestrel.Https (>= 2.2)
      Microsoft.Extensions.Configuration.CommandLine (>= 2.2)
      Microsoft.Extensions.Configuration.EnvironmentVariables (>= 2.2)
      Microsoft.Extensions.Configuration.FileExtensions (>= 2.2)
      Microsoft.Extensions.Configuration.Json (>= 2.2)
      Microsoft.Extensions.Configuration.UserSecrets (>= 2.2)
      Microsoft.Extensions.Logging (>= 2.2)
      Microsoft.Extensions.Logging.Configuration (>= 2.2)
      Microsoft.Extensions.Logging.Console (>= 2.2)
      Microsoft.Extensions.Logging.Debug (>= 2.2)
      Microsoft.Extensions.Logging.EventSource (>= 2.2)
    Microsoft.AspNetCore.Antiforgery (2.2) - restriction: || (&& (== netcoreapp2.0) (>= netcoreapp2.2)) (== netcoreapp2.2) (&& (== netstandard2.0) (>= netcoreapp2.2))
      Microsoft.AspNetCore.DataProtection (>= 2.2)
      Microsoft.AspNetCore.Http.Abstractions (>= 2.2)
      Microsoft.AspNetCore.Http.Extensions (>= 2.2)
      Microsoft.AspNetCore.WebUtilities (>= 2.2)
      Microsoft.Extensions.ObjectPool (>= 2.2)
    Microsoft.AspNetCore.App (2.2.5)
      Microsoft.AspNet.WebApi.Client (>= 5.2.6 < 5.3) - restriction: || (&& (== netcoreapp2.0) (>= netcoreapp2.2)) (== netcoreapp2.2) (&& (== netstandard2.0) (>= netcoreapp2.2))
      Microsoft.AspNetCore (>= 2.2 < 2.3) - restriction: || (&& (== netcoreapp2.0) (>= netcoreapp2.2)) (== netcoreapp2.2) (&& (== netstandard2.0) (>= netcoreapp2.2))
      Microsoft.AspNetCore.Antiforgery (>= 2.2 < 2.3) - restriction: || (&& (== netcoreapp2.0) (>= netcoreapp2.2)) (== netcoreapp2.2) (&& (== netstandard2.0) (>= netcoreapp2.2))
      Microsoft.AspNetCore.Authentication (>= 2.2 < 2.3) - restriction: || (&& (== netcoreapp2.0) (>= netcoreapp2.2)) (== netcoreapp2.2) (&& (== netstandard2.0) (>= netcoreapp2.2))
      Microsoft.AspNetCore.Authentication.Abstractions (>= 2.2 < 2.3) - restriction: || (&& (== netcoreapp2.0) (>= netcoreapp2.2)) (== netcoreapp2.2) (&& (== netstandard2.0) (>= netcoreapp2.2))
      Microsoft.AspNetCore.Authentication.Cookies (>= 2.2 < 2.3) - restriction: || (&& (== netcoreapp2.0) (>= netcoreapp2.2)) (== netcoreapp2.2) (&& (== netstandard2.0) (>= netcoreapp2.2))
      Microsoft.AspNetCore.Authentication.Core (>= 2.2 < 2.3) - restriction: || (&& (== netcoreapp2.0) (>= netcoreapp2.2)) (== netcoreapp2.2) (&& (== netstandard2.0) (>= netcoreapp2.2))
      Microsoft.AspNetCore.Authentication.Facebook (>= 2.2 < 2.3) - restriction: || (&& (== netcoreapp2.0) (>= netcoreapp2.2)) (== netcoreapp2.2) (&& (== netstandard2.0) (>= netcoreapp2.2))
      Microsoft.AspNetCore.Authentication.Google (>= 2.2.2 < 2.3) - restriction: || (&& (== netcoreapp2.0) (>= netcoreapp2.2)) (== netcoreapp2.2) (&& (== netstandard2.0) (>= netcoreapp2.2))
      Microsoft.AspNetCore.Authentication.JwtBearer (>= 2.2 < 2.3) - restriction: || (&& (== netcoreapp2.0) (>= netcoreapp2.2)) (== netcoreapp2.2) (&& (== netstandard2.0) (>= netcoreapp2.2))
      Microsoft.AspNetCore.Authentication.MicrosoftAccount (>= 2.2 < 2.3) - restriction: || (&& (== netcoreapp2.0) (>= netcoreapp2.2)) (== netcoreapp2.2) (&& (== netstandard2.0) (>= netcoreapp2.2))
      Microsoft.AspNetCore.Authentication.OAuth (>= 2.2 < 2.3) - restriction: || (&& (== netcoreapp2.0) (>= netcoreapp2.2)) (== netcoreapp2.2) (&& (== netstandard2.0) (>= netcoreapp2.2))
      Microsoft.AspNetCore.Authentication.OpenIdConnect (>= 2.2 < 2.3) - restriction: || (&& (== netcoreapp2.0) (>= netcoreapp2.2)) (== netcoreapp2.2) (&& (== netstandard2.0) (>= netcoreapp2.2))
      Microsoft.AspNetCore.Authentication.Twitter (>= 2.2 < 2.3) - restriction: || (&& (== netcoreapp2.0) (>= netcoreapp2.2)) (== netcoreapp2.2) (&& (== netstandard2.0) (>= netcoreapp2.2))
      Microsoft.AspNetCore.Authentication.WsFederation (>= 2.2 < 2.3) - restriction: || (&& (== netcoreapp2.0) (>= netcoreapp2.2)) (== netcoreapp2.2) (&& (== netstandard2.0) (>= netcoreapp2.2))
      Microsoft.AspNetCore.Authorization (>= 2.2 < 2.3) - restriction: || (&& (== netcoreapp2.0) (>= netcoreapp2.2)) (== netcoreapp2.2) (&& (== netstandard2.0) (>= netcoreapp2.2))
      Microsoft.AspNetCore.Authorization.Policy (>= 2.2 < 2.3) - restriction: || (&& (== netcoreapp2.0) (>= netcoreapp2.2)) (== netcoreapp2.2) (&& (== netstandard2.0) (>= netcoreapp2.2))
      Microsoft.AspNetCore.Connections.Abstractions (>= 2.2 < 2.3) - restriction: || (&& (== netcoreapp2.0) (>= netcoreapp2.2)) (== netcoreapp2.2) (&& (== netstandard2.0) (>= netcoreapp2.2))
      Microsoft.AspNetCore.CookiePolicy (>= 2.2 < 2.3) - restriction: || (&& (== netcoreapp2.0) (>= netcoreapp2.2)) (== netcoreapp2.2) (&& (== netstandard2.0) (>= netcoreapp2.2))
      Microsoft.AspNetCore.Cors (>= 2.2 < 2.3) - restriction: || (&& (== netcoreapp2.0) (>= netcoreapp2.2)) (== netcoreapp2.2) (&& (== netstandard2.0) (>= netcoreapp2.2))
      Microsoft.AspNetCore.Cryptography.Internal (>= 2.2 < 2.3) - restriction: || (&& (== netcoreapp2.0) (>= netcoreapp2.2)) (== netcoreapp2.2) (&& (== netstandard2.0) (>= netcoreapp2.2))
      Microsoft.AspNetCore.Cryptography.KeyDerivation (>= 2.2 < 2.3) - restriction: || (&& (== netcoreapp2.0) (>= netcoreapp2.2)) (== netcoreapp2.2) (&& (== netstandard2.0) (>= netcoreapp2.2))
      Microsoft.AspNetCore.DataProtection (>= 2.2 < 2.3) - restriction: || (&& (== netcoreapp2.0) (>= netcoreapp2.2)) (== netcoreapp2.2) (&& (== netstandard2.0) (>= netcoreapp2.2))
      Microsoft.AspNetCore.DataProtection.Abstractions (>= 2.2 < 2.3) - restriction: || (&& (== netcoreapp2.0) (>= netcoreapp2.2)) (== netcoreapp2.2) (&& (== netstandard2.0) (>= netcoreapp2.2))
      Microsoft.AspNetCore.DataProtection.Extensions (>= 2.2 < 2.3) - restriction: || (&& (== netcoreapp2.0) (>= netcoreapp2.2)) (== netcoreapp2.2) (&& (== netstandard2.0) (>= netcoreapp2.2))
      Microsoft.AspNetCore.Diagnostics (>= 2.2 < 2.3) - restriction: || (&& (== netcoreapp2.0) (>= netcoreapp2.2)) (== netcoreapp2.2) (&& (== netstandard2.0) (>= netcoreapp2.2))
      Microsoft.AspNetCore.Diagnostics.Abstractions (>= 2.2 < 2.3) - restriction: || (&& (== netcoreapp2.0) (>= netcoreapp2.2)) (== netcoreapp2.2) (&& (== netstandard2.0) (>= netcoreapp2.2))
      Microsoft.AspNetCore.Diagnostics.EntityFrameworkCore (>= 2.2.1 < 2.3) - restriction: || (&& (== netcoreapp2.0) (>= netcoreapp2.2)) (== netcoreapp2.2) (&& (== netstandard2.0) (>= netcoreapp2.2))
      Microsoft.AspNetCore.Diagnostics.HealthChecks (>= 2.2 < 2.3) - restriction: || (&& (== netcoreapp2.0) (>= netcoreapp2.2)) (== netcoreapp2.2) (&& (== netstandard2.0) (>= netcoreapp2.2))
      Microsoft.AspNetCore.HostFiltering (>= 2.2 < 2.3) - restriction: || (&& (== netcoreapp2.0) (>= netcoreapp2.2)) (== netcoreapp2.2) (&& (== netstandard2.0) (>= netcoreapp2.2))
      Microsoft.AspNetCore.Hosting (>= 2.2 < 2.3) - restriction: || (&& (== netcoreapp2.0) (>= netcoreapp2.2)) (== netcoreapp2.2) (&& (== netstandard2.0) (>= netcoreapp2.2))
      Microsoft.AspNetCore.Hosting.Abstractions (>= 2.2 < 2.3) - restriction: || (&& (== netcoreapp2.0) (>= netcoreapp2.2)) (== netcoreapp2.2) (&& (== netstandard2.0) (>= netcoreapp2.2))
      Microsoft.AspNetCore.Hosting.Server.Abstractions (>= 2.2 < 2.3) - restriction: || (&& (== netcoreapp2.0) (>= netcoreapp2.2)) (== netcoreapp2.2) (&& (== netstandard2.0) (>= netcoreapp2.2))
      Microsoft.AspNetCore.Html.Abstractions (>= 2.2 < 2.3) - restriction: || (&& (== netcoreapp2.0) (>= netcoreapp2.2)) (== netcoreapp2.2) (&& (== netstandard2.0) (>= netcoreapp2.2))
      Microsoft.AspNetCore.Http (>= 2.2.2 < 2.3) - restriction: || (&& (== netcoreapp2.0) (>= netcoreapp2.2)) (== netcoreapp2.2) (&& (== netstandard2.0) (>= netcoreapp2.2))
      Microsoft.AspNetCore.Http.Abstractions (>= 2.2 < 2.3) - restriction: || (&& (== netcoreapp2.0) (>= netcoreapp2.2)) (== netcoreapp2.2) (&& (== netstandard2.0) (>= netcoreapp2.2))
      Microsoft.AspNetCore.Http.Connections (>= 1.1 < 1.2) - restriction: || (&& (== netcoreapp2.0) (>= netcoreapp2.2)) (== netcoreapp2.2) (&& (== netstandard2.0) (>= netcoreapp2.2))
      Microsoft.AspNetCore.Http.Connections.Common (>= 1.1 < 1.2) - restriction: || (&& (== netcoreapp2.0) (>= netcoreapp2.2)) (== netcoreapp2.2) (&& (== netstandard2.0) (>= netcoreapp2.2))
      Microsoft.AspNetCore.Http.Extensions (>= 2.2 < 2.3) - restriction: || (&& (== netcoreapp2.0) (>= netcoreapp2.2)) (== netcoreapp2.2) (&& (== netstandard2.0) (>= netcoreapp2.2))
      Microsoft.AspNetCore.Http.Features (>= 2.2 < 2.3) - restriction: || (&& (== netcoreapp2.0) (>= netcoreapp2.2)) (== netcoreapp2.2) (&& (== netstandard2.0) (>= netcoreapp2.2))
      Microsoft.AspNetCore.HttpOverrides (>= 2.2 < 2.3) - restriction: || (&& (== netcoreapp2.0) (>= netcoreapp2.2)) (== netcoreapp2.2) (&& (== netstandard2.0) (>= netcoreapp2.2))
      Microsoft.AspNetCore.HttpsPolicy (>= 2.2 < 2.3) - restriction: || (&& (== netcoreapp2.0) (>= netcoreapp2.2)) (== netcoreapp2.2) (&& (== netstandard2.0) (>= netcoreapp2.2))
      Microsoft.AspNetCore.Identity (>= 2.2 < 2.3) - restriction: || (&& (== netcoreapp2.0) (>= netcoreapp2.2)) (== netcoreapp2.2) (&& (== netstandard2.0) (>= netcoreapp2.2))
      Microsoft.AspNetCore.Identity.EntityFrameworkCore (>= 2.2 < 2.3) - restriction: || (&& (== netcoreapp2.0) (>= netcoreapp2.2)) (== netcoreapp2.2) (&& (== netstandard2.0) (>= netcoreapp2.2))
      Microsoft.AspNetCore.Identity.UI (>= 2.2.5 < 2.3) - restriction: || (&& (== netcoreapp2.0) (>= netcoreapp2.2)) (== netcoreapp2.2) (&& (== netstandard2.0) (>= netcoreapp2.2))
      Microsoft.AspNetCore.JsonPatch (>= 2.2 < 2.3) - restriction: || (&& (== netcoreapp2.0) (>= netcoreapp2.2)) (== netcoreapp2.2) (&& (== netstandard2.0) (>= netcoreapp2.2))
      Microsoft.AspNetCore.Localization (>= 2.2 < 2.3) - restriction: || (&& (== netcoreapp2.0) (>= netcoreapp2.2)) (== netcoreapp2.2) (&& (== netstandard2.0) (>= netcoreapp2.2))
      Microsoft.AspNetCore.Localization.Routing (>= 2.2 < 2.3) - restriction: || (&& (== netcoreapp2.0) (>= netcoreapp2.2)) (== netcoreapp2.2) (&& (== netstandard2.0) (>= netcoreapp2.2))
      Microsoft.AspNetCore.MiddlewareAnalysis (>= 2.2 < 2.3) - restriction: || (&& (== netcoreapp2.0) (>= netcoreapp2.2)) (== netcoreapp2.2) (&& (== netstandard2.0) (>= netcoreapp2.2))
      Microsoft.AspNetCore.Mvc (>= 2.2 < 2.3) - restriction: || (&& (== netcoreapp2.0) (>= netcoreapp2.2)) (== netcoreapp2.2) (&& (== netstandard2.0) (>= netcoreapp2.2))
      Microsoft.AspNetCore.Mvc.Abstractions (>= 2.2 < 2.3) - restriction: || (&& (== netcoreapp2.0) (>= netcoreapp2.2)) (== netcoreapp2.2) (&& (== netstandard2.0) (>= netcoreapp2.2))
      Microsoft.AspNetCore.Mvc.Analyzers (>= 2.2 < 2.3) - restriction: || (&& (== netcoreapp2.0) (>= netcoreapp2.2)) (== netcoreapp2.2) (&& (== netstandard2.0) (>= netcoreapp2.2))
      Microsoft.AspNetCore.Mvc.ApiExplorer (>= 2.2 < 2.3) - restriction: || (&& (== netcoreapp2.0) (>= netcoreapp2.2)) (== netcoreapp2.2) (&& (== netstandard2.0) (>= netcoreapp2.2))
      Microsoft.AspNetCore.Mvc.Core (>= 2.2.5 < 2.3) - restriction: || (&& (== netcoreapp2.0) (>= netcoreapp2.2)) (== netcoreapp2.2) (&& (== netstandard2.0) (>= netcoreapp2.2))
      Microsoft.AspNetCore.Mvc.Cors (>= 2.2 < 2.3) - restriction: || (&& (== netcoreapp2.0) (>= netcoreapp2.2)) (== netcoreapp2.2) (&& (== netstandard2.0) (>= netcoreapp2.2))
      Microsoft.AspNetCore.Mvc.DataAnnotations (>= 2.2 < 2.3) - restriction: || (&& (== netcoreapp2.0) (>= netcoreapp2.2)) (== netcoreapp2.2) (&& (== netstandard2.0) (>= netcoreapp2.2))
      Microsoft.AspNetCore.Mvc.Formatters.Json (>= 2.2 < 2.3) - restriction: || (&& (== netcoreapp2.0) (>= netcoreapp2.2)) (== netcoreapp2.2) (&& (== netstandard2.0) (>= netcoreapp2.2))
      Microsoft.AspNetCore.Mvc.Formatters.Xml (>= 2.2 < 2.3) - restriction: || (&& (== netcoreapp2.0) (>= netcoreapp2.2)) (== netcoreapp2.2) (&& (== netstandard2.0) (>= netcoreapp2.2))
      Microsoft.AspNetCore.Mvc.Localization (>= 2.2 < 2.3) - restriction: || (&& (== netcoreapp2.0) (>= netcoreapp2.2)) (== netcoreapp2.2) (&& (== netstandard2.0) (>= netcoreapp2.2))
      Microsoft.AspNetCore.Mvc.Razor (>= 2.2 < 2.3) - restriction: || (&& (== netcoreapp2.0) (>= netcoreapp2.2)) (== netcoreapp2.2) (&& (== netstandard2.0) (>= netcoreapp2.2))
      Microsoft.AspNetCore.Mvc.Razor.Extensions (>= 2.2 < 2.3) - restriction: || (&& (== netcoreapp2.0) (>= netcoreapp2.2)) (== netcoreapp2.2) (&& (== netstandard2.0) (>= netcoreapp2.2))
      Microsoft.AspNetCore.Mvc.Razor.ViewCompilation (>= 2.2 < 2.3) - restriction: || (&& (== netcoreapp2.0) (>= netcoreapp2.2)) (== netcoreapp2.2) (&& (== netstandard2.0) (>= netcoreapp2.2))
      Microsoft.AspNetCore.Mvc.RazorPages (>= 2.2.5 < 2.3) - restriction: || (&& (== netcoreapp2.0) (>= netcoreapp2.2)) (== netcoreapp2.2) (&& (== netstandard2.0) (>= netcoreapp2.2))
      Microsoft.AspNetCore.Mvc.TagHelpers (>= 2.2 < 2.3) - restriction: || (&& (== netcoreapp2.0) (>= netcoreapp2.2)) (== netcoreapp2.2) (&& (== netstandard2.0) (>= netcoreapp2.2))
      Microsoft.AspNetCore.Mvc.ViewFeatures (>= 2.2 < 2.3) - restriction: || (&& (== netcoreapp2.0) (>= netcoreapp2.2)) (== netcoreapp2.2) (&& (== netstandard2.0) (>= netcoreapp2.2))
      Microsoft.AspNetCore.NodeServices (>= 2.2 < 2.3) - restriction: || (&& (== netcoreapp2.0) (>= netcoreapp2.2)) (== netcoreapp2.2) (&& (== netstandard2.0) (>= netcoreapp2.2))
      Microsoft.AspNetCore.Owin (>= 2.2 < 2.3) - restriction: || (&& (== netcoreapp2.0) (>= netcoreapp2.2)) (== netcoreapp2.2) (&& (== netstandard2.0) (>= netcoreapp2.2))
      Microsoft.AspNetCore.Razor (>= 2.2 < 2.3) - restriction: || (&& (== netcoreapp2.0) (>= netcoreapp2.2)) (== netcoreapp2.2) (&& (== netstandard2.0) (>= netcoreapp2.2))
      Microsoft.AspNetCore.Razor.Design (>= 2.2 < 2.3) - restriction: || (&& (== netcoreapp2.0) (>= netcoreapp2.2)) (== netcoreapp2.2) (&& (== netstandard2.0) (>= netcoreapp2.2))
      Microsoft.AspNetCore.Razor.Language (>= 2.2 < 2.3) - restriction: || (&& (== netcoreapp2.0) (>= netcoreapp2.2)) (== netcoreapp2.2) (&& (== netstandard2.0) (>= netcoreapp2.2))
      Microsoft.AspNetCore.Razor.Runtime (>= 2.2 < 2.3) - restriction: || (&& (== netcoreapp2.0) (>= netcoreapp2.2)) (== netcoreapp2.2) (&& (== netstandard2.0) (>= netcoreapp2.2))
      Microsoft.AspNetCore.ResponseCaching (>= 2.2 < 2.3) - restriction: || (&& (== netcoreapp2.0) (>= netcoreapp2.2)) (== netcoreapp2.2) (&& (== netstandard2.0) (>= netcoreapp2.2))
      Microsoft.AspNetCore.ResponseCaching.Abstractions (>= 2.2 < 2.3) - restriction: || (&& (== netcoreapp2.0) (>= netcoreapp2.2)) (== netcoreapp2.2) (&& (== netstandard2.0) (>= netcoreapp2.2))
      Microsoft.AspNetCore.ResponseCompression (>= 2.2 < 2.3) - restriction: || (&& (== netcoreapp2.0) (>= netcoreapp2.2)) (== netcoreapp2.2) (&& (== netstandard2.0) (>= netcoreapp2.2))
      Microsoft.AspNetCore.Rewrite (>= 2.2 < 2.3) - restriction: || (&& (== netcoreapp2.0) (>= netcoreapp2.2)) (== netcoreapp2.2) (&& (== netstandard2.0) (>= netcoreapp2.2))
      Microsoft.AspNetCore.Routing (>= 2.2.2 < 2.3) - restriction: || (&& (== netcoreapp2.0) (>= netcoreapp2.2)) (== netcoreapp2.2) (&& (== netstandard2.0) (>= netcoreapp2.2))
      Microsoft.AspNetCore.Routing.Abstractions (>= 2.2 < 2.3) - restriction: || (&& (== netcoreapp2.0) (>= netcoreapp2.2)) (== netcoreapp2.2) (&& (== netstandard2.0) (>= netcoreapp2.2))
      Microsoft.AspNetCore.Server.HttpSys (>= 2.2 < 2.3) - restriction: || (&& (== netcoreapp2.0) (>= netcoreapp2.2)) (== netcoreapp2.2) (&& (== netstandard2.0) (>= netcoreapp2.2))
      Microsoft.AspNetCore.Server.IIS (>= 2.2.2 < 2.3) - restriction: || (&& (== netcoreapp2.0) (>= netcoreapp2.2)) (== netcoreapp2.2) (&& (== netstandard2.0) (>= netcoreapp2.2))
      Microsoft.AspNetCore.Server.IISIntegration (>= 2.2.1 < 2.3) - restriction: || (&& (== netcoreapp2.0) (>= netcoreapp2.2)) (== netcoreapp2.2) (&& (== netstandard2.0) (>= netcoreapp2.2))
      Microsoft.AspNetCore.Server.Kestrel (>= 2.2 < 2.3) - restriction: || (&& (== netcoreapp2.0) (>= netcoreapp2.2)) (== netcoreapp2.2) (&& (== netstandard2.0) (>= netcoreapp2.2))
      Microsoft.AspNetCore.Server.Kestrel.Core (>= 2.2 < 2.3) - restriction: || (&& (== netcoreapp2.0) (>= netcoreapp2.2)) (== netcoreapp2.2) (&& (== netstandard2.0) (>= netcoreapp2.2))
      Microsoft.AspNetCore.Server.Kestrel.Https (>= 2.2 < 2.3) - restriction: || (&& (== netcoreapp2.0) (>= netcoreapp2.2)) (== netcoreapp2.2) (&& (== netstandard2.0) (>= netcoreapp2.2))
      Microsoft.AspNetCore.Server.Kestrel.Transport.Abstractions (>= 2.2 < 2.3) - restriction: || (&& (== netcoreapp2.0) (>= netcoreapp2.2)) (== netcoreapp2.2) (&& (== netstandard2.0) (>= netcoreapp2.2))
      Microsoft.AspNetCore.Server.Kestrel.Transport.Sockets (>= 2.2.1 < 2.3) - restriction: || (&& (== netcoreapp2.0) (>= netcoreapp2.2)) (== netcoreapp2.2) (&& (== netstandard2.0) (>= netcoreapp2.2))
      Microsoft.AspNetCore.Session (>= 2.2 < 2.3) - restriction: || (&& (== netcoreapp2.0) (>= netcoreapp2.2)) (== netcoreapp2.2) (&& (== netstandard2.0) (>= netcoreapp2.2))
      Microsoft.AspNetCore.SignalR (>= 1.1 < 1.2) - restriction: || (&& (== netcoreapp2.0) (>= netcoreapp2.2)) (== netcoreapp2.2) (&& (== netstandard2.0) (>= netcoreapp2.2))
      Microsoft.AspNetCore.SignalR.Common (>= 1.1 < 1.2) - restriction: || (&& (== netcoreapp2.0) (>= netcoreapp2.2)) (== netcoreapp2.2) (&& (== netstandard2.0) (>= netcoreapp2.2))
      Microsoft.AspNetCore.SignalR.Core (>= 1.1 < 1.2) - restriction: || (&& (== netcoreapp2.0) (>= netcoreapp2.2)) (== netcoreapp2.2) (&& (== netstandard2.0) (>= netcoreapp2.2))
      Microsoft.AspNetCore.SignalR.Protocols.Json (>= 1.1 < 1.2) - restriction: || (&& (== netcoreapp2.0) (>= netcoreapp2.2)) (== netcoreapp2.2) (&& (== netstandard2.0) (>= netcoreapp2.2))
      Microsoft.AspNetCore.SpaServices (>= 2.2 < 2.3) - restriction: || (&& (== netcoreapp2.0) (>= netcoreapp2.2)) (== netcoreapp2.2) (&& (== netstandard2.0) (>= netcoreapp2.2))
      Microsoft.AspNetCore.SpaServices.Extensions (>= 2.2 < 2.3) - restriction: || (&& (== netcoreapp2.0) (>= netcoreapp2.2)) (== netcoreapp2.2) (&& (== netstandard2.0) (>= netcoreapp2.2))
      Microsoft.AspNetCore.StaticFiles (>= 2.2 < 2.3) - restriction: || (&& (== netcoreapp2.0) (>= netcoreapp2.2)) (== netcoreapp2.2) (&& (== netstandard2.0) (>= netcoreapp2.2))
      Microsoft.AspNetCore.WebSockets (>= 2.2.1 < 2.3) - restriction: || (&& (== netcoreapp2.0) (>= netcoreapp2.2)) (== netcoreapp2.2) (&& (== netstandard2.0) (>= netcoreapp2.2))
      Microsoft.AspNetCore.WebUtilities (>= 2.2 < 2.3) - restriction: || (&& (== netcoreapp2.0) (>= netcoreapp2.2)) (== netcoreapp2.2) (&& (== netstandard2.0) (>= netcoreapp2.2))
      Microsoft.CodeAnalysis.Razor (>= 2.2 < 2.3) - restriction: || (&& (== netcoreapp2.0) (>= netcoreapp2.2)) (== netcoreapp2.2) (&& (== netstandard2.0) (>= netcoreapp2.2))
      Microsoft.EntityFrameworkCore (>= 2.2.4 < 2.3) - restriction: || (&& (== netcoreapp2.0) (>= netcoreapp2.2)) (== netcoreapp2.2) (&& (== netstandard2.0) (>= netcoreapp2.2))
      Microsoft.EntityFrameworkCore.Abstractions (>= 2.2.4 < 2.3) - restriction: || (&& (== netcoreapp2.0) (>= netcoreapp2.2)) (== netcoreapp2.2) (&& (== netstandard2.0) (>= netcoreapp2.2))
      Microsoft.EntityFrameworkCore.Analyzers (>= 2.2.4 < 2.3) - restriction: || (&& (== netcoreapp2.0) (>= netcoreapp2.2)) (== netcoreapp2.2) (&& (== netstandard2.0) (>= netcoreapp2.2))
      Microsoft.EntityFrameworkCore.Design (>= 2.2.4 < 2.3) - restriction: || (&& (== netcoreapp2.0) (>= netcoreapp2.2)) (== netcoreapp2.2) (&& (== netstandard2.0) (>= netcoreapp2.2))
      Microsoft.EntityFrameworkCore.InMemory (>= 2.2.4 < 2.3) - restriction: || (&& (== netcoreapp2.0) (>= netcoreapp2.2)) (== netcoreapp2.2) (&& (== netstandard2.0) (>= netcoreapp2.2))
      Microsoft.EntityFrameworkCore.Relational (>= 2.2.4 < 2.3) - restriction: || (&& (== netcoreapp2.0) (>= netcoreapp2.2)) (== netcoreapp2.2) (&& (== netstandard2.0) (>= netcoreapp2.2))
      Microsoft.EntityFrameworkCore.SqlServer (>= 2.2.4 < 2.3) - restriction: || (&& (== netcoreapp2.0) (>= netcoreapp2.2)) (== netcoreapp2.2) (&& (== netstandard2.0) (>= netcoreapp2.2))
      Microsoft.EntityFrameworkCore.Tools (>= 2.2.4 < 2.3) - restriction: || (&& (== netcoreapp2.0) (>= netcoreapp2.2)) (== netcoreapp2.2) (&& (== netstandard2.0) (>= netcoreapp2.2))
      Microsoft.Extensions.Caching.Abstractions (>= 2.2 < 2.3) - restriction: || (&& (== netcoreapp2.0) (>= netcoreapp2.2)) (== netcoreapp2.2) (&& (== netstandard2.0) (>= netcoreapp2.2))
      Microsoft.Extensions.Caching.Memory (>= 2.2 < 2.3) - restriction: || (&& (== netcoreapp2.0) (>= netcoreapp2.2)) (== netcoreapp2.2) (&& (== netstandard2.0) (>= netcoreapp2.2))
      Microsoft.Extensions.Caching.SqlServer (>= 2.2 < 2.3) - restriction: || (&& (== netcoreapp2.0) (>= netcoreapp2.2)) (== netcoreapp2.2) (&& (== netstandard2.0) (>= netcoreapp2.2))
      Microsoft.Extensions.Configuration (>= 2.2 < 2.3) - restriction: || (&& (== netcoreapp2.0) (>= netcoreapp2.2)) (== netcoreapp2.2) (&& (== netstandard2.0) (>= netcoreapp2.2))
      Microsoft.Extensions.Configuration.Abstractions (>= 2.2 < 2.3) - restriction: || (&& (== netcoreapp2.0) (>= netcoreapp2.2)) (== netcoreapp2.2) (&& (== netstandard2.0) (>= netcoreapp2.2))
      Microsoft.Extensions.Configuration.Binder (>= 2.2.4 < 2.3) - restriction: || (&& (== netcoreapp2.0) (>= netcoreapp2.2)) (== netcoreapp2.2) (&& (== netstandard2.0) (>= netcoreapp2.2))
      Microsoft.Extensions.Configuration.CommandLine (>= 2.2 < 2.3) - restriction: || (&& (== netcoreapp2.0) (>= netcoreapp2.2)) (== netcoreapp2.2) (&& (== netstandard2.0) (>= netcoreapp2.2))
      Microsoft.Extensions.Configuration.EnvironmentVariables (>= 2.2.4 < 2.3) - restriction: || (&& (== netcoreapp2.0) (>= netcoreapp2.2)) (== netcoreapp2.2) (&& (== netstandard2.0) (>= netcoreapp2.2))
      Microsoft.Extensions.Configuration.FileExtensions (>= 2.2 < 2.3) - restriction: || (&& (== netcoreapp2.0) (>= netcoreapp2.2)) (== netcoreapp2.2) (&& (== netstandard2.0) (>= netcoreapp2.2))
      Microsoft.Extensions.Configuration.Ini (>= 2.2 < 2.3) - restriction: || (&& (== netcoreapp2.0) (>= netcoreapp2.2)) (== netcoreapp2.2) (&& (== netstandard2.0) (>= netcoreapp2.2))
      Microsoft.Extensions.Configuration.Json (>= 2.2 < 2.3) - restriction: || (&& (== netcoreapp2.0) (>= netcoreapp2.2)) (== netcoreapp2.2) (&& (== netstandard2.0) (>= netcoreapp2.2))
      Microsoft.Extensions.Configuration.KeyPerFile (>= 2.2.4 < 2.3) - restriction: || (&& (== netcoreapp2.0) (>= netcoreapp2.2)) (== netcoreapp2.2) (&& (== netstandard2.0) (>= netcoreapp2.2))
      Microsoft.Extensions.Configuration.UserSecrets (>= 2.2 < 2.3) - restriction: || (&& (== netcoreapp2.0) (>= netcoreapp2.2)) (== netcoreapp2.2) (&& (== netstandard2.0) (>= netcoreapp2.2))
      Microsoft.Extensions.Configuration.Xml (>= 2.2 < 2.3) - restriction: || (&& (== netcoreapp2.0) (>= netcoreapp2.2)) (== netcoreapp2.2) (&& (== netstandard2.0) (>= netcoreapp2.2))
      Microsoft.Extensions.DependencyInjection (>= 2.2 < 2.3) - restriction: || (&& (== netcoreapp2.0) (>= netcoreapp2.2)) (== netcoreapp2.2) (&& (== netstandard2.0) (>= netcoreapp2.2))
      Microsoft.Extensions.DependencyInjection.Abstractions (>= 2.2 < 2.3) - restriction: || (&& (== netcoreapp2.0) (>= netcoreapp2.2)) (== netcoreapp2.2) (&& (== netstandard2.0) (>= netcoreapp2.2))
      Microsoft.Extensions.DiagnosticAdapter (>= 2.2 < 2.3) - restriction: || (&& (== netcoreapp2.0) (>= netcoreapp2.2)) (== netcoreapp2.2) (&& (== netstandard2.0) (>= netcoreapp2.2))
      Microsoft.Extensions.Diagnostics.HealthChecks (>= 2.2.5 < 2.3) - restriction: || (&& (== netcoreapp2.0) (>= netcoreapp2.2)) (== netcoreapp2.2) (&& (== netstandard2.0) (>= netcoreapp2.2))
      Microsoft.Extensions.Diagnostics.HealthChecks.Abstractions (>= 2.2 < 2.3) - restriction: || (&& (== netcoreapp2.0) (>= netcoreapp2.2)) (== netcoreapp2.2) (&& (== netstandard2.0) (>= netcoreapp2.2))
      Microsoft.Extensions.FileProviders.Abstractions (>= 2.2 < 2.3) - restriction: || (&& (== netcoreapp2.0) (>= netcoreapp2.2)) (== netcoreapp2.2) (&& (== netstandard2.0) (>= netcoreapp2.2))
      Microsoft.Extensions.FileProviders.Composite (>= 2.2 < 2.3) - restriction: || (&& (== netcoreapp2.0) (>= netcoreapp2.2)) (== netcoreapp2.2) (&& (== netstandard2.0) (>= netcoreapp2.2))
      Microsoft.Extensions.FileProviders.Embedded (>= 2.2 < 2.3) - restriction: || (&& (== netcoreapp2.0) (>= netcoreapp2.2)) (== netcoreapp2.2) (&& (== netstandard2.0) (>= netcoreapp2.2))
      Microsoft.Extensions.FileProviders.Physical (>= 2.2 < 2.3) - restriction: || (&& (== netcoreapp2.0) (>= netcoreapp2.2)) (== netcoreapp2.2) (&& (== netstandard2.0) (>= netcoreapp2.2))
      Microsoft.Extensions.FileSystemGlobbing (>= 2.2 < 2.3) - restriction: || (&& (== netcoreapp2.0) (>= netcoreapp2.2)) (== netcoreapp2.2) (&& (== netstandard2.0) (>= netcoreapp2.2))
      Microsoft.Extensions.Hosting (>= 2.2 < 2.3) - restriction: || (&& (== netcoreapp2.0) (>= netcoreapp2.2)) (== netcoreapp2.2) (&& (== netstandard2.0) (>= netcoreapp2.2))
      Microsoft.Extensions.Hosting.Abstractions (>= 2.2 < 2.3) - restriction: || (&& (== netcoreapp2.0) (>= netcoreapp2.2)) (== netcoreapp2.2) (&& (== netstandard2.0) (>= netcoreapp2.2))
      Microsoft.Extensions.Http (>= 2.2 < 2.3) - restriction: || (&& (== netcoreapp2.0) (>= netcoreapp2.2)) (== netcoreapp2.2) (&& (== netstandard2.0) (>= netcoreapp2.2))
      Microsoft.Extensions.Identity.Core (>= 2.2 < 2.3) - restriction: || (&& (== netcoreapp2.0) (>= netcoreapp2.2)) (== netcoreapp2.2) (&& (== netstandard2.0) (>= netcoreapp2.2))
      Microsoft.Extensions.Identity.Stores (>= 2.2 < 2.3) - restriction: || (&& (== netcoreapp2.0) (>= netcoreapp2.2)) (== netcoreapp2.2) (&& (== netstandard2.0) (>= netcoreapp2.2))
      Microsoft.Extensions.Localization (>= 2.2 < 2.3) - restriction: || (&& (== netcoreapp2.0) (>= netcoreapp2.2)) (== netcoreapp2.2) (&& (== netstandard2.0) (>= netcoreapp2.2))
      Microsoft.Extensions.Localization.Abstractions (>= 2.2 < 2.3) - restriction: || (&& (== netcoreapp2.0) (>= netcoreapp2.2)) (== netcoreapp2.2) (&& (== netstandard2.0) (>= netcoreapp2.2))
      Microsoft.Extensions.Logging (>= 2.2 < 2.3) - restriction: || (&& (== netcoreapp2.0) (>= netcoreapp2.2)) (== netcoreapp2.2) (&& (== netstandard2.0) (>= netcoreapp2.2))
      Microsoft.Extensions.Logging.Abstractions (>= 2.2 < 2.3) - restriction: || (&& (== netcoreapp2.0) (>= netcoreapp2.2)) (== netcoreapp2.2) (&& (== netstandard2.0) (>= netcoreapp2.2))
      Microsoft.Extensions.Logging.Configuration (>= 2.2 < 2.3) - restriction: || (&& (== netcoreapp2.0) (>= netcoreapp2.2)) (== netcoreapp2.2) (&& (== netstandard2.0) (>= netcoreapp2.2))
      Microsoft.Extensions.Logging.Console (>= 2.2 < 2.3) - restriction: || (&& (== netcoreapp2.0) (>= netcoreapp2.2)) (== netcoreapp2.2) (&& (== netstandard2.0) (>= netcoreapp2.2))
      Microsoft.Extensions.Logging.Debug (>= 2.2 < 2.3) - restriction: || (&& (== netcoreapp2.0) (>= netcoreapp2.2)) (== netcoreapp2.2) (&& (== netstandard2.0) (>= netcoreapp2.2))
      Microsoft.Extensions.Logging.EventSource (>= 2.2 < 2.3) - restriction: || (&& (== netcoreapp2.0) (>= netcoreapp2.2)) (== netcoreapp2.2) (&& (== netstandard2.0) (>= netcoreapp2.2))
      Microsoft.Extensions.Logging.TraceSource (>= 2.2 < 2.3) - restriction: || (&& (== netcoreapp2.0) (>= netcoreapp2.2)) (== netcoreapp2.2) (&& (== netstandard2.0) (>= netcoreapp2.2))
      Microsoft.Extensions.ObjectPool (>= 2.2 < 2.3) - restriction: || (&& (== netcoreapp2.0) (>= netcoreapp2.2)) (== netcoreapp2.2) (&& (== netstandard2.0) (>= netcoreapp2.2))
      Microsoft.Extensions.Options (>= 2.2 < 2.3) - restriction: || (&& (== netcoreapp2.0) (>= netcoreapp2.2)) (== netcoreapp2.2) (&& (== netstandard2.0) (>= netcoreapp2.2))
      Microsoft.Extensions.Options.ConfigurationExtensions (>= 2.2 < 2.3) - restriction: || (&& (== netcoreapp2.0) (>= netcoreapp2.2)) (== netcoreapp2.2) (&& (== netstandard2.0) (>= netcoreapp2.2))
      Microsoft.Extensions.Options.DataAnnotations (>= 2.2 < 2.3) - restriction: || (&& (== netcoreapp2.0) (>= netcoreapp2.2)) (== netcoreapp2.2) (&& (== netstandard2.0) (>= netcoreapp2.2))
      Microsoft.Extensions.Primitives (>= 2.2 < 2.3) - restriction: || (&& (== netcoreapp2.0) (>= netcoreapp2.2)) (== netcoreapp2.2) (&& (== netstandard2.0) (>= netcoreapp2.2))
      Microsoft.Extensions.WebEncoders (>= 2.2 < 2.3) - restriction: || (&& (== netcoreapp2.0) (>= netcoreapp2.2)) (== netcoreapp2.2) (&& (== netstandard2.0) (>= netcoreapp2.2))
      Microsoft.Net.Http.Headers (>= 2.2 < 2.3) - restriction: || (&& (== netcoreapp2.0) (>= netcoreapp2.2)) (== netcoreapp2.2) (&& (== netstandard2.0) (>= netcoreapp2.2))
      System.IO.Pipelines (>= 4.5.3) - restriction: || (&& (== netcoreapp2.0) (>= netcoreapp2.2)) (== netcoreapp2.2) (&& (== netstandard2.0) (>= netcoreapp2.2))
    Microsoft.AspNetCore.Authentication (2.2) - restriction: || (&& (== netcoreapp2.0) (>= netcoreapp2.2)) (== netcoreapp2.2) (&& (== netstandard2.0) (>= netcoreapp2.2))
      Microsoft.AspNetCore.Authentication.Core (>= 2.2)
      Microsoft.AspNetCore.DataProtection (>= 2.2)
      Microsoft.AspNetCore.Http (>= 2.2)
      Microsoft.AspNetCore.Http.Extensions (>= 2.2)
      Microsoft.Extensions.Logging.Abstractions (>= 2.2)
      Microsoft.Extensions.Options (>= 2.2)
      Microsoft.Extensions.WebEncoders (>= 2.2)
    Microsoft.AspNetCore.Authentication.Abstractions (2.2) - restriction: || (&& (== netcoreapp2.0) (>= netcoreapp2.2)) (== netcoreapp2.2) (&& (== netstandard2.0) (>= netcoreapp2.2))
      Microsoft.AspNetCore.Http.Abstractions (>= 2.2)
      Microsoft.Extensions.Logging.Abstractions (>= 2.2)
      Microsoft.Extensions.Options (>= 2.2)
    Microsoft.AspNetCore.Authentication.Cookies (2.2) - restriction: || (&& (== netcoreapp2.0) (>= netcoreapp2.2)) (== netcoreapp2.2) (&& (== netstandard2.0) (>= netcoreapp2.2))
      Microsoft.AspNetCore.Authentication (>= 2.2)
    Microsoft.AspNetCore.Authentication.Core (2.2) - restriction: || (&& (== netcoreapp2.0) (>= netcoreapp2.2)) (== netcoreapp2.2) (&& (== netstandard2.0) (>= netcoreapp2.2))
      Microsoft.AspNetCore.Authentication.Abstractions (>= 2.2)
      Microsoft.AspNetCore.Http (>= 2.2)
      Microsoft.AspNetCore.Http.Extensions (>= 2.2)
    Microsoft.AspNetCore.Authentication.Facebook (2.2) - restriction: || (&& (== netcoreapp2.0) (>= netcoreapp2.2)) (== netcoreapp2.2) (&& (== netstandard2.0) (>= netcoreapp2.2))
      Microsoft.AspNetCore.Authentication.OAuth (>= 2.2)
    Microsoft.AspNetCore.Authentication.Google (2.2.2) - restriction: || (&& (== netcoreapp2.0) (>= netcoreapp2.2)) (== netcoreapp2.2) (&& (== netstandard2.0) (>= netcoreapp2.2))
      Microsoft.AspNetCore.Authentication.OAuth (>= 2.2)
    Microsoft.AspNetCore.Authentication.JwtBearer (2.2) - restriction: || (&& (== netcoreapp2.0) (>= netcoreapp2.2)) (== netcoreapp2.2) (&& (== netstandard2.0) (>= netcoreapp2.2))
      Microsoft.AspNetCore.Authentication (>= 2.2)
      Microsoft.IdentityModel.Protocols.OpenIdConnect (>= 5.3)
    Microsoft.AspNetCore.Authentication.MicrosoftAccount (2.2) - restriction: || (&& (== netcoreapp2.0) (>= netcoreapp2.2)) (== netcoreapp2.2) (&& (== netstandard2.0) (>= netcoreapp2.2))
      Microsoft.AspNetCore.Authentication.OAuth (>= 2.2)
    Microsoft.AspNetCore.Authentication.OAuth (2.2) - restriction: || (&& (== netcoreapp2.0) (>= netcoreapp2.2)) (== netcoreapp2.2) (&& (== netstandard2.0) (>= netcoreapp2.2))
      Microsoft.AspNetCore.Authentication (>= 2.2)
      Newtonsoft.Json (>= 11.0.2)
    Microsoft.AspNetCore.Authentication.OpenIdConnect (2.2) - restriction: || (&& (== netcoreapp2.0) (>= netcoreapp2.2)) (== netcoreapp2.2) (&& (== netstandard2.0) (>= netcoreapp2.2))
      Microsoft.AspNetCore.Authentication.OAuth (>= 2.2)
      Microsoft.IdentityModel.Protocols.OpenIdConnect (>= 5.3)
    Microsoft.AspNetCore.Authentication.Twitter (2.2) - restriction: || (&& (== netcoreapp2.0) (>= netcoreapp2.2)) (== netcoreapp2.2) (&& (== netstandard2.0) (>= netcoreapp2.2))
      Microsoft.AspNetCore.Authentication.OAuth (>= 2.2)
    Microsoft.AspNetCore.Authentication.WsFederation (2.2) - restriction: || (&& (== netcoreapp2.0) (>= netcoreapp2.2)) (== netcoreapp2.2) (&& (== netstandard2.0) (>= netcoreapp2.2))
      Microsoft.AspNetCore.Authentication (>= 2.2)
      Microsoft.IdentityModel.Protocols.WsFederation (>= 5.3)
      System.IdentityModel.Tokens.Jwt (>= 5.3)
    Microsoft.AspNetCore.Authorization (2.2) - restriction: || (&& (== netcoreapp2.0) (>= netcoreapp2.2)) (== netcoreapp2.2) (&& (== netstandard2.0) (>= netcoreapp2.2))
      Microsoft.Extensions.Logging.Abstractions (>= 2.2)
      Microsoft.Extensions.Options (>= 2.2)
    Microsoft.AspNetCore.Authorization.Policy (2.2) - restriction: || (&& (== netcoreapp2.0) (>= netcoreapp2.2)) (== netcoreapp2.2) (&& (== netstandard2.0) (>= netcoreapp2.2))
      Microsoft.AspNetCore.Authentication.Abstractions (>= 2.2)
      Microsoft.AspNetCore.Authorization (>= 2.2)
    Microsoft.AspNetCore.Connections.Abstractions (2.2) - restriction: || (&& (== netcoreapp2.0) (>= netcoreapp2.2)) (== netcoreapp2.2) (&& (== netstandard2.0) (>= netcoreapp2.2))
      Microsoft.AspNetCore.Http.Features (>= 2.2)
      System.IO.Pipelines (>= 4.5.2)
    Microsoft.AspNetCore.CookiePolicy (2.2) - restriction: || (&& (== netcoreapp2.0) (>= netcoreapp2.2)) (== netcoreapp2.2) (&& (== netstandard2.0) (>= netcoreapp2.2))
      Microsoft.AspNetCore.Http (>= 2.2)
      Microsoft.Extensions.Logging.Abstractions (>= 2.2)
      Microsoft.Extensions.Options (>= 2.2)
    Microsoft.AspNetCore.Cors (2.2) - restriction: || (&& (== netcoreapp2.0) (>= netcoreapp2.2)) (== netcoreapp2.2) (&& (== netstandard2.0) (>= netcoreapp2.2))
      Microsoft.AspNetCore.Http.Extensions (>= 2.2)
      Microsoft.Extensions.Configuration.Abstractions (>= 2.2)
      Microsoft.Extensions.DependencyInjection.Abstractions (>= 2.2)
      Microsoft.Extensions.Logging.Abstractions (>= 2.2)
      Microsoft.Extensions.Options (>= 2.2)
    Microsoft.AspNetCore.Cryptography.Internal (2.2) - restriction: || (&& (== netcoreapp2.0) (>= netcoreapp2.2)) (== netcoreapp2.2) (&& (== netstandard2.0) (>= netcoreapp2.2))
    Microsoft.AspNetCore.Cryptography.KeyDerivation (2.2) - restriction: || (&& (== netcoreapp2.0) (>= netcoreapp2.2)) (== netcoreapp2.2) (&& (== netstandard2.0) (>= netcoreapp2.2))
      Microsoft.AspNetCore.Cryptography.Internal (>= 2.2)
    Microsoft.AspNetCore.DataProtection (2.2) - restriction: || (&& (== netcoreapp2.0) (>= netcoreapp2.2)) (== netcoreapp2.2) (&& (== netstandard2.0) (>= netcoreapp2.2))
      Microsoft.AspNetCore.Cryptography.Internal (>= 2.2)
      Microsoft.AspNetCore.DataProtection.Abstractions (>= 2.2)
      Microsoft.AspNetCore.Hosting.Abstractions (>= 2.2)
      Microsoft.Extensions.DependencyInjection.Abstractions (>= 2.2)
      Microsoft.Extensions.Logging.Abstractions (>= 2.2)
      Microsoft.Extensions.Options (>= 2.2)
      Microsoft.Win32.Registry (>= 4.5)
      System.Security.Cryptography.Xml (>= 4.5)
      System.Security.Principal.Windows (>= 4.5)
    Microsoft.AspNetCore.DataProtection.Abstractions (2.2) - restriction: || (&& (== netcoreapp2.0) (>= netcoreapp2.2)) (== netcoreapp2.2) (&& (== netstandard2.0) (>= netcoreapp2.2))
    Microsoft.AspNetCore.DataProtection.Extensions (2.2) - restriction: || (&& (== netcoreapp2.0) (>= netcoreapp2.2)) (== netcoreapp2.2) (&& (== netstandard2.0) (>= netcoreapp2.2))
      Microsoft.AspNetCore.DataProtection (>= 2.2)
      Microsoft.Extensions.DependencyInjection (>= 2.2)
    Microsoft.AspNetCore.Diagnostics (2.2)
      Microsoft.AspNetCore.Diagnostics.Abstractions (>= 2.2)
      Microsoft.AspNetCore.Hosting.Abstractions (>= 2.2)
      Microsoft.AspNetCore.Http.Extensions (>= 2.2)
      Microsoft.AspNetCore.WebUtilities (>= 2.2)
      Microsoft.Extensions.FileProviders.Physical (>= 2.2)
      Microsoft.Extensions.Logging.Abstractions (>= 2.2)
      Microsoft.Extensions.Options (>= 2.2)
      System.Diagnostics.DiagnosticSource (>= 4.5)
      System.Reflection.Metadata (>= 1.6)
    Microsoft.AspNetCore.Diagnostics.Abstractions (2.2) - restriction: || (&& (== netcoreapp2.0) (>= netcoreapp2.2)) (== netcoreapp2.2) (&& (== netstandard2.0) (>= netcoreapp2.2))
    Microsoft.AspNetCore.Diagnostics.EntityFrameworkCore (2.2.1) - restriction: || (&& (== netcoreapp2.0) (>= netcoreapp2.2)) (== netcoreapp2.2) (&& (== netstandard2.0) (>= netcoreapp2.2))
      Microsoft.AspNetCore.Http.Abstractions (>= 2.2)
      Microsoft.EntityFrameworkCore.Relational (>= 2.2)
    Microsoft.AspNetCore.Diagnostics.HealthChecks (2.2) - restriction: || (&& (== netcoreapp2.0) (>= netcoreapp2.2)) (== netcoreapp2.2) (&& (== netstandard2.0) (>= netcoreapp2.2))
      Microsoft.AspNetCore.Http.Abstractions (>= 2.2)
      Microsoft.Extensions.Diagnostics.HealthChecks (>= 2.2)
      Microsoft.Extensions.Options (>= 2.2)
      Microsoft.Net.Http.Headers (>= 2.2)
    Microsoft.AspNetCore.HostFiltering (2.2)
      Microsoft.AspNetCore.Hosting.Abstractions (>= 2.2)
      Microsoft.AspNetCore.Http (>= 2.2)
      Microsoft.AspNetCore.Http.Extensions (>= 2.2)
      Microsoft.Extensions.Options (>= 2.2)
    Microsoft.AspNetCore.Hosting (2.2)
      Microsoft.AspNetCore.Hosting.Abstractions (>= 2.2)
      Microsoft.AspNetCore.Http (>= 2.2)
      Microsoft.AspNetCore.Http.Extensions (>= 2.2)
      Microsoft.Extensions.Configuration (>= 2.2)
      Microsoft.Extensions.Configuration.EnvironmentVariables (>= 2.2)
      Microsoft.Extensions.Configuration.FileExtensions (>= 2.2)
      Microsoft.Extensions.DependencyInjection (>= 2.2)
      Microsoft.Extensions.FileProviders.Physical (>= 2.2)
      Microsoft.Extensions.Hosting.Abstractions (>= 2.2)
      Microsoft.Extensions.Logging (>= 2.2)
      Microsoft.Extensions.Options (>= 2.2)
      System.Diagnostics.DiagnosticSource (>= 4.5)
      System.Reflection.Metadata (>= 1.6)
    Microsoft.AspNetCore.Hosting.Abstractions (2.2) - restriction: || (&& (== netcoreapp2.0) (>= netcoreapp2.2)) (== netcoreapp2.2) (&& (== netstandard2.0) (>= netcoreapp2.2))
      Microsoft.AspNetCore.Hosting.Server.Abstractions (>= 2.2)
      Microsoft.AspNetCore.Http.Abstractions (>= 2.2)
      Microsoft.Extensions.Hosting.Abstractions (>= 2.2)
    Microsoft.AspNetCore.Hosting.Server.Abstractions (2.2) - restriction: || (&& (== netcoreapp2.0) (>= netcoreapp2.2)) (== netcoreapp2.2) (&& (== netstandard2.0) (>= netcoreapp2.2))
      Microsoft.AspNetCore.Http.Features (>= 2.2)
      Microsoft.Extensions.Configuration.Abstractions (>= 2.2)
    Microsoft.AspNetCore.Html.Abstractions (2.2) - restriction: || (&& (== netcoreapp2.0) (>= netcoreapp2.2)) (== netcoreapp2.2) (&& (== netstandard2.0) (>= netcoreapp2.2))
      System.Text.Encodings.Web (>= 4.5)
    Microsoft.AspNetCore.Http (2.2.2) - restriction: || (&& (== netcoreapp2.0) (>= netcoreapp2.2)) (== netcoreapp2.2) (&& (== netstandard2.0) (>= netcoreapp2.2))
      Microsoft.AspNetCore.Http.Abstractions (>= 2.2)
      Microsoft.AspNetCore.WebUtilities (>= 2.2)
      Microsoft.Extensions.ObjectPool (>= 2.2)
      Microsoft.Extensions.Options (>= 2.2)
      Microsoft.Net.Http.Headers (>= 2.2)
    Microsoft.AspNetCore.Http.Abstractions (2.2) - restriction: || (&& (== netcoreapp2.0) (>= netcoreapp2.2)) (== netcoreapp2.2) (&& (== netstandard2.0) (>= netcoreapp2.2))
      Microsoft.AspNetCore.Http.Features (>= 2.2)
      System.Text.Encodings.Web (>= 4.5)
    Microsoft.AspNetCore.Http.Connections (1.1) - restriction: || (&& (== netcoreapp2.0) (>= netcoreapp2.2)) (== netcoreapp2.2) (&& (== netstandard2.0) (>= netcoreapp2.2))
      Microsoft.AspNetCore.Authorization.Policy (>= 2.2)
      Microsoft.AspNetCore.Hosting.Abstractions (>= 2.2)
      Microsoft.AspNetCore.Http (>= 2.2)
      Microsoft.AspNetCore.Http.Connections.Common (>= 1.1)
      Microsoft.AspNetCore.Routing (>= 2.2)
      Microsoft.AspNetCore.WebSockets (>= 2.2)
      Newtonsoft.Json (>= 11.0.2)
      System.Security.Principal.Windows (>= 4.5)
    Microsoft.AspNetCore.Http.Connections.Common (1.1) - restriction: || (&& (== netcoreapp2.0) (>= netcoreapp2.2)) (== netcoreapp2.2) (&& (== netstandard2.0) (>= netcoreapp2.2))
      Microsoft.AspNetCore.Connections.Abstractions (>= 2.2)
      Newtonsoft.Json (>= 11.0.2)
      System.Buffers (>= 4.5)
    Microsoft.AspNetCore.Http.Extensions (2.2) - restriction: || (&& (== netcoreapp2.0) (>= netcoreapp2.2)) (== netcoreapp2.2) (&& (== netstandard2.0) (>= netcoreapp2.2))
      Microsoft.AspNetCore.Http.Abstractions (>= 2.2)
      Microsoft.Extensions.FileProviders.Abstractions (>= 2.2)
      Microsoft.Net.Http.Headers (>= 2.2)
      System.Buffers (>= 4.5)
    Microsoft.AspNetCore.Http.Features (2.2) - restriction: || (&& (== netcoreapp2.0) (>= netcoreapp2.2)) (== netcoreapp2.2) (&& (== netstandard2.0) (>= netcoreapp2.2))
      Microsoft.Extensions.Primitives (>= 2.2)
    Microsoft.AspNetCore.HttpOverrides (2.2) - restriction: || (&& (== netcoreapp2.0) (>= netcoreapp2.2)) (== netcoreapp2.2) (&& (== netstandard2.0) (>= netcoreapp2.2))
      Microsoft.AspNetCore.Http.Extensions (>= 2.2)
      Microsoft.Extensions.Logging.Abstractions (>= 2.2)
      Microsoft.Extensions.Options (>= 2.2)
    Microsoft.AspNetCore.HttpsPolicy (2.2) - restriction: || (&& (== netcoreapp2.0) (>= netcoreapp2.2)) (== netcoreapp2.2) (&& (== netstandard2.0) (>= netcoreapp2.2))
      Microsoft.AspNetCore.Hosting.Abstractions (>= 2.2)
      Microsoft.AspNetCore.Http (>= 2.2)
      Microsoft.AspNetCore.Http.Extensions (>= 2.2)
      Microsoft.Extensions.Configuration.Binder (>= 2.2)
      Microsoft.Extensions.Options (>= 2.2)
    Microsoft.AspNetCore.Identity (2.2) - restriction: || (&& (== netcoreapp2.0) (>= netcoreapp2.2)) (== netcoreapp2.2) (&& (== netstandard2.0) (>= netcoreapp2.2))
      Microsoft.AspNetCore.Authentication.Cookies (>= 2.2)
      Microsoft.AspNetCore.Cryptography.KeyDerivation (>= 2.2)
      Microsoft.AspNetCore.Hosting.Abstractions (>= 2.2)
      Microsoft.Extensions.Identity.Core (>= 2.2)
    Microsoft.AspNetCore.Identity.EntityFrameworkCore (2.2) - restriction: || (&& (== netcoreapp2.0) (>= netcoreapp2.2)) (== netcoreapp2.2) (&& (== netstandard2.0) (>= netcoreapp2.2))
      Microsoft.AspNetCore.Identity (>= 2.2)
      Microsoft.EntityFrameworkCore.Relational (>= 2.2)
      Microsoft.Extensions.Identity.Stores (>= 2.2)
    Microsoft.AspNetCore.Identity.UI (2.2.5) - restriction: || (&& (== netcoreapp2.0) (>= netcoreapp2.2)) (== netcoreapp2.2) (&& (== netstandard2.0) (>= netcoreapp2.2))
      Microsoft.AspNetCore.Identity (>= 2.2)
      Microsoft.AspNetCore.Mvc (>= 2.2)
      Microsoft.AspNetCore.StaticFiles (>= 2.2)
      Microsoft.Extensions.FileProviders.Embedded (>= 2.2)
      Microsoft.Extensions.Identity.Stores (>= 2.2)
    Microsoft.AspNetCore.JsonPatch (2.2) - restriction: || (&& (== netcoreapp2.0) (>= netcoreapp2.2)) (== netcoreapp2.2) (&& (== netstandard2.0) (>= netcoreapp2.2))
      Microsoft.CSharp (>= 4.5)
      Newtonsoft.Json (>= 11.0.2)
    Microsoft.AspNetCore.Localization (2.2) - restriction: || (&& (== netcoreapp2.0) (>= netcoreapp2.2)) (== netcoreapp2.2) (&& (== netstandard2.0) (>= netcoreapp2.2))
      Microsoft.AspNetCore.Http.Extensions (>= 2.2)
      Microsoft.Extensions.Localization.Abstractions (>= 2.2)
      Microsoft.Extensions.Logging.Abstractions (>= 2.2)
      Microsoft.Extensions.Options (>= 2.2)
    Microsoft.AspNetCore.Localization.Routing (2.2) - restriction: || (&& (== netcoreapp2.0) (>= netcoreapp2.2)) (== netcoreapp2.2) (&& (== netstandard2.0) (>= netcoreapp2.2))
      Microsoft.AspNetCore.Localization (>= 2.2)
      Microsoft.AspNetCore.Routing.Abstractions (>= 2.2)
    Microsoft.AspNetCore.MiddlewareAnalysis (2.2) - restriction: || (&& (== netcoreapp2.0) (>= netcoreapp2.2)) (== netcoreapp2.2) (&& (== netstandard2.0) (>= netcoreapp2.2))
      Microsoft.AspNetCore.Hosting.Abstractions (>= 2.2)
      Microsoft.Extensions.DependencyInjection.Abstractions (>= 2.2)
      System.Diagnostics.DiagnosticSource (>= 4.5)
    Microsoft.AspNetCore.Mvc (2.2) - restriction: || (&& (== netcoreapp2.0) (>= netcoreapp2.2)) (== netcoreapp2.2) (&& (== netstandard2.0) (>= netcoreapp2.2))
      Microsoft.AspNetCore.Mvc.Analyzers (>= 2.2)
      Microsoft.AspNetCore.Mvc.ApiExplorer (>= 2.2)
      Microsoft.AspNetCore.Mvc.Cors (>= 2.2)
      Microsoft.AspNetCore.Mvc.DataAnnotations (>= 2.2)
      Microsoft.AspNetCore.Mvc.Formatters.Json (>= 2.2)
      Microsoft.AspNetCore.Mvc.Localization (>= 2.2)
      Microsoft.AspNetCore.Mvc.Razor.Extensions (>= 2.2)
      Microsoft.AspNetCore.Mvc.RazorPages (>= 2.2)
      Microsoft.AspNetCore.Mvc.TagHelpers (>= 2.2)
      Microsoft.AspNetCore.Mvc.ViewFeatures (>= 2.2)
      Microsoft.AspNetCore.Razor.Design (>= 2.2)
      Microsoft.Extensions.Caching.Memory (>= 2.2)
      Microsoft.Extensions.DependencyInjection (>= 2.2)
    Microsoft.AspNetCore.Mvc.Abstractions (2.2) - restriction: || (&& (== netcoreapp2.0) (>= netcoreapp2.2)) (== netcoreapp2.2) (&& (== netstandard2.0) (>= netcoreapp2.2))
      Microsoft.AspNetCore.Routing.Abstractions (>= 2.2)
      Microsoft.Net.Http.Headers (>= 2.2)
    Microsoft.AspNetCore.Mvc.Analyzers (2.2) - restriction: || (&& (== netcoreapp2.0) (>= netcoreapp2.2)) (== netcoreapp2.2) (&& (== netstandard2.0) (>= netcoreapp2.2))
    Microsoft.AspNetCore.Mvc.ApiExplorer (2.2) - restriction: || (&& (== netcoreapp2.0) (>= netcoreapp2.2)) (== netcoreapp2.2) (&& (== netstandard2.0) (>= netcoreapp2.2))
      Microsoft.AspNetCore.Mvc.Core (>= 2.2)
    Microsoft.AspNetCore.Mvc.Core (2.2.5) - restriction: || (&& (== netcoreapp2.0) (>= netcoreapp2.2)) (== netcoreapp2.2) (&& (== netstandard2.0) (>= netcoreapp2.2))
      Microsoft.AspNetCore.Authentication.Core (>= 2.2)
      Microsoft.AspNetCore.Authorization.Policy (>= 2.2)
      Microsoft.AspNetCore.Hosting.Abstractions (>= 2.2)
      Microsoft.AspNetCore.Http (>= 2.2)
      Microsoft.AspNetCore.Http.Extensions (>= 2.2)
      Microsoft.AspNetCore.Mvc.Abstractions (>= 2.2)
      Microsoft.AspNetCore.ResponseCaching.Abstractions (>= 2.2)
      Microsoft.AspNetCore.Routing (>= 2.2)
      Microsoft.AspNetCore.Routing.Abstractions (>= 2.2)
      Microsoft.Extensions.DependencyInjection (>= 2.2)
      Microsoft.Extensions.DependencyModel (>= 2.1)
      Microsoft.Extensions.FileProviders.Abstractions (>= 2.2)
      Microsoft.Extensions.Logging.Abstractions (>= 2.2)
      System.Diagnostics.DiagnosticSource (>= 4.5)
      System.Threading.Tasks.Extensions (>= 4.5.1)
    Microsoft.AspNetCore.Mvc.Cors (2.2) - restriction: || (&& (== netcoreapp2.0) (>= netcoreapp2.2)) (== netcoreapp2.2) (&& (== netstandard2.0) (>= netcoreapp2.2))
      Microsoft.AspNetCore.Cors (>= 2.2)
      Microsoft.AspNetCore.Mvc.Core (>= 2.2)
    Microsoft.AspNetCore.Mvc.DataAnnotations (2.2) - restriction: || (&& (== netcoreapp2.0) (>= netcoreapp2.2)) (== netcoreapp2.2) (&& (== netstandard2.0) (>= netcoreapp2.2))
      Microsoft.AspNetCore.Mvc.Core (>= 2.2)
      Microsoft.Extensions.Localization (>= 2.2)
      System.ComponentModel.Annotations (>= 4.5)
    Microsoft.AspNetCore.Mvc.Formatters.Json (2.2) - restriction: || (&& (== netcoreapp2.0) (>= netcoreapp2.2)) (== netcoreapp2.2) (&& (== netstandard2.0) (>= netcoreapp2.2))
      Microsoft.AspNetCore.JsonPatch (>= 2.2)
      Microsoft.AspNetCore.Mvc.Core (>= 2.2)
    Microsoft.AspNetCore.Mvc.Formatters.Xml (2.2) - restriction: || (&& (== netcoreapp2.0) (>= netcoreapp2.2)) (== netcoreapp2.2) (&& (== netstandard2.0) (>= netcoreapp2.2))
      Microsoft.AspNetCore.Mvc.Core (>= 2.2)
    Microsoft.AspNetCore.Mvc.Localization (2.2) - restriction: || (&& (== netcoreapp2.0) (>= netcoreapp2.2)) (== netcoreapp2.2) (&& (== netstandard2.0) (>= netcoreapp2.2))
      Microsoft.AspNetCore.Localization (>= 2.2)
      Microsoft.AspNetCore.Mvc.Razor (>= 2.2)
      Microsoft.Extensions.DependencyInjection (>= 2.2)
      Microsoft.Extensions.Localization (>= 2.2)
    Microsoft.AspNetCore.Mvc.Razor (2.2) - restriction: || (&& (== netcoreapp2.0) (>= netcoreapp2.2)) (== netcoreapp2.2) (&& (== netstandard2.0) (>= netcoreapp2.2))
      Microsoft.AspNetCore.Mvc.Razor.Extensions (>= 2.2)
      Microsoft.AspNetCore.Mvc.ViewFeatures (>= 2.2)
      Microsoft.AspNetCore.Razor.Runtime (>= 2.2)
      Microsoft.CodeAnalysis.CSharp (>= 2.8)
      Microsoft.CodeAnalysis.Razor (>= 2.2)
      Microsoft.Extensions.Caching.Memory (>= 2.2)
      Microsoft.Extensions.FileProviders.Composite (>= 2.2)
    Microsoft.AspNetCore.Mvc.Razor.Extensions (2.2) - restriction: || (&& (== netcoreapp2.0) (>= netcoreapp2.2)) (== netcoreapp2.2) (&& (== netstandard2.0) (>= netcoreapp2.2))
      Microsoft.AspNetCore.Razor.Language (>= 2.2)
      Microsoft.CodeAnalysis.Razor (>= 2.2)
    Microsoft.AspNetCore.Mvc.Razor.ViewCompilation (2.2) - restriction: || (&& (== netcoreapp2.0) (>= netcoreapp2.2)) (== netcoreapp2.2) (&& (== netstandard2.0) (>= netcoreapp2.2))
      Microsoft.AspNetCore.Hosting (>= 2.2) - restriction: || (== netcoreapp2.0) (== netcoreapp2.2) (&& (== netstandard2.0) (>= net461)) (&& (== netstandard2.0) (>= netcoreapp2.0))
      Microsoft.AspNetCore.Mvc.RazorPages (>= 2.2) - restriction: || (== netcoreapp2.0) (== netcoreapp2.2) (&& (== netstandard2.0) (>= net461)) (&& (== netstandard2.0) (>= netcoreapp2.0))
    Microsoft.AspNetCore.Mvc.RazorPages (2.2.5) - restriction: || (&& (== netcoreapp2.0) (>= netcoreapp2.2)) (== netcoreapp2.2) (&& (== netstandard2.0) (>= netcoreapp2.2))
      Microsoft.AspNetCore.Mvc.Razor (>= 2.2)
    Microsoft.AspNetCore.Mvc.TagHelpers (2.2) - restriction: || (&& (== netcoreapp2.0) (>= netcoreapp2.2)) (== netcoreapp2.2) (&& (== netstandard2.0) (>= netcoreapp2.2))
      Microsoft.AspNetCore.Mvc.Razor (>= 2.2)
      Microsoft.AspNetCore.Razor.Runtime (>= 2.2)
      Microsoft.AspNetCore.Routing.Abstractions (>= 2.2)
      Microsoft.Extensions.Caching.Memory (>= 2.2)
      Microsoft.Extensions.FileSystemGlobbing (>= 2.2)
      Microsoft.Extensions.Primitives (>= 2.2)
    Microsoft.AspNetCore.Mvc.ViewFeatures (2.2) - restriction: || (&& (== netcoreapp2.0) (>= netcoreapp2.2)) (== netcoreapp2.2) (&& (== netstandard2.0) (>= netcoreapp2.2))
      Microsoft.AspNetCore.Antiforgery (>= 2.2)
      Microsoft.AspNetCore.Diagnostics.Abstractions (>= 2.2)
      Microsoft.AspNetCore.Html.Abstractions (>= 2.2)
      Microsoft.AspNetCore.Mvc.Core (>= 2.2)
      Microsoft.AspNetCore.Mvc.DataAnnotations (>= 2.2)
      Microsoft.AspNetCore.Mvc.Formatters.Json (>= 2.2)
      Microsoft.Extensions.WebEncoders (>= 2.2)
      Newtonsoft.Json.Bson (>= 1.0.1)
    Microsoft.AspNetCore.NodeServices (2.2) - restriction: || (&& (== netcoreapp2.0) (>= netcoreapp2.2)) (== netcoreapp2.2) (&& (== netstandard2.0) (>= netcoreapp2.2))
      Microsoft.AspNetCore.Hosting.Abstractions (>= 2.2)
      Microsoft.Extensions.Logging.Console (>= 2.2)
      Newtonsoft.Json (>= 11.0.2)
    Microsoft.AspNetCore.Owin (2.2) - restriction: || (&& (== netcoreapp2.0) (>= netcoreapp2.2)) (== netcoreapp2.2) (&& (== netstandard2.0) (>= netcoreapp2.2))
      Microsoft.AspNetCore.Http (>= 2.2)
    Microsoft.AspNetCore.Razor (2.2) - restriction: || (&& (== netcoreapp2.0) (>= netcoreapp2.2)) (== netcoreapp2.2) (&& (== netstandard2.0) (>= netcoreapp2.2))
      Microsoft.AspNetCore.Html.Abstractions (>= 2.2)
    Microsoft.AspNetCore.Razor.Design (2.2) - restriction: || (&& (== netcoreapp2.0) (>= netcoreapp2.2)) (== netcoreapp2.2) (&& (== netstandard2.0) (>= netcoreapp2.2))
    Microsoft.AspNetCore.Razor.Language (2.2) - restriction: || (&& (== netcoreapp2.0) (>= netcoreapp2.2)) (== netcoreapp2.2) (&& (== netstandard2.0) (>= netcoreapp2.2))
    Microsoft.AspNetCore.Razor.Runtime (2.2) - restriction: || (&& (== netcoreapp2.0) (>= netcoreapp2.2)) (== netcoreapp2.2) (&& (== netstandard2.0) (>= netcoreapp2.2))
      Microsoft.AspNetCore.Html.Abstractions (>= 2.2)
      Microsoft.AspNetCore.Razor (>= 2.2)
    Microsoft.AspNetCore.ResponseCaching (2.2) - restriction: || (&& (== netcoreapp2.0) (>= netcoreapp2.2)) (== netcoreapp2.2) (&& (== netstandard2.0) (>= netcoreapp2.2))
      Microsoft.AspNetCore.Http (>= 2.2)
      Microsoft.AspNetCore.Http.Extensions (>= 2.2)
      Microsoft.AspNetCore.ResponseCaching.Abstractions (>= 2.2)
      Microsoft.Extensions.Caching.Memory (>= 2.2)
      Microsoft.Extensions.Logging.Abstractions (>= 2.2)
    Microsoft.AspNetCore.ResponseCaching.Abstractions (2.2) - restriction: || (&& (== netcoreapp2.0) (>= netcoreapp2.2)) (== netcoreapp2.2) (&& (== netstandard2.0) (>= netcoreapp2.2))
      Microsoft.Extensions.Primitives (>= 2.2)
    Microsoft.AspNetCore.ResponseCompression (2.2) - restriction: || (&& (== netcoreapp2.0) (>= netcoreapp2.2)) (== netcoreapp2.2) (&& (== netstandard2.0) (>= netcoreapp2.2))
      Microsoft.AspNetCore.Http.Extensions (>= 2.2)
      Microsoft.Extensions.Logging.Abstractions (>= 2.2)
      Microsoft.Extensions.Options (>= 2.2)
    Microsoft.AspNetCore.Rewrite (2.2) - restriction: || (&& (== netcoreapp2.0) (>= netcoreapp2.2)) (== netcoreapp2.2) (&& (== netstandard2.0) (>= netcoreapp2.2))
      Microsoft.AspNetCore.Hosting.Abstractions (>= 2.2)
      Microsoft.AspNetCore.Http.Extensions (>= 2.2)
      Microsoft.Extensions.Configuration.Abstractions (>= 2.2)
      Microsoft.Extensions.FileProviders.Abstractions (>= 2.2)
      Microsoft.Extensions.Logging.Abstractions (>= 2.2)
      Microsoft.Extensions.Options (>= 2.2)
    Microsoft.AspNetCore.Routing (2.2.2)
      Microsoft.AspNetCore.Http.Extensions (>= 2.2)
      Microsoft.AspNetCore.Routing.Abstractions (>= 2.2)
      Microsoft.Extensions.Logging.Abstractions (>= 2.2)
      Microsoft.Extensions.ObjectPool (>= 2.2)
      Microsoft.Extensions.Options (>= 2.2)
    Microsoft.AspNetCore.Routing.Abstractions (2.2) - restriction: || (&& (== netcoreapp2.0) (>= netcoreapp2.2)) (== netcoreapp2.2) (&& (== netstandard2.0) (>= netcoreapp2.2))
      Microsoft.AspNetCore.Http.Abstractions (>= 2.2)
    Microsoft.AspNetCore.Server.HttpSys (2.2.6) - restriction: || (&& (== netcoreapp2.0) (>= netcoreapp2.2)) (== netcoreapp2.2) (&& (== netstandard2.0) (>= netcoreapp2.2))
      Microsoft.AspNetCore.Authentication.Core (>= 2.2)
      Microsoft.AspNetCore.Hosting (>= 2.2)
      Microsoft.Net.Http.Headers (>= 2.2)
      Microsoft.Win32.Registry (>= 4.5)
      System.Security.Principal.Windows (>= 4.5)
    Microsoft.AspNetCore.Server.IIS (2.2.6)
      Microsoft.AspNetCore.Authentication.Core (>= 2.2)
      Microsoft.AspNetCore.Connections.Abstractions (>= 2.2)
      Microsoft.AspNetCore.Hosting.Abstractions (>= 2.2)
      System.IO.Pipelines (>= 4.5.3)
      System.Security.Principal.Windows (>= 4.5)
    Microsoft.AspNetCore.Server.IISIntegration (2.2.1)
      Microsoft.AspNetCore.Authentication.Core (>= 2.2)
      Microsoft.AspNetCore.Hosting.Abstractions (>= 2.2)
      Microsoft.AspNetCore.Http (>= 2.2)
      Microsoft.AspNetCore.Http.Extensions (>= 2.2)
      Microsoft.AspNetCore.HttpOverrides (>= 2.2)
      Microsoft.Extensions.Logging.Abstractions (>= 2.2)
      Microsoft.Extensions.Options (>= 2.2)
      System.Buffers (>= 4.5)
      System.IO.Pipelines (>= 4.5.2)
      System.Memory (>= 4.5.1)
      System.Numerics.Vectors (>= 4.5)
      System.Runtime.CompilerServices.Unsafe (>= 4.5.1)
      System.Security.Principal.Windows (>= 4.5)
    Microsoft.AspNetCore.Server.Kestrel (2.2)
      Microsoft.AspNetCore.Hosting (>= 2.2)
      Microsoft.AspNetCore.Server.Kestrel.Core (>= 2.2)
      Microsoft.AspNetCore.Server.Kestrel.Https (>= 2.2)
      Microsoft.AspNetCore.Server.Kestrel.Transport.Sockets (>= 2.2)
    Microsoft.AspNetCore.Server.Kestrel.Core (2.2) - restriction: || (&& (== netcoreapp2.0) (>= netcoreapp2.2)) (== netcoreapp2.2) (&& (== netstandard2.0) (>= netcoreapp2.2))
      Microsoft.AspNetCore.Hosting.Abstractions (>= 2.2)
      Microsoft.AspNetCore.Http (>= 2.2)
      Microsoft.AspNetCore.Server.Kestrel.Transport.Abstractions (>= 2.2)
      Microsoft.AspNetCore.WebUtilities (>= 2.2)
      Microsoft.Extensions.Configuration.Binder (>= 2.2)
      Microsoft.Extensions.Logging.Abstractions (>= 2.2)
      Microsoft.Extensions.Options (>= 2.2)
      Microsoft.Net.Http.Headers (>= 2.2)
      System.Memory (>= 4.5.1)
      System.Numerics.Vectors (>= 4.5)
      System.Runtime.CompilerServices.Unsafe (>= 4.5.1)
      System.Security.Cryptography.Cng (>= 4.5)
      System.Threading.Tasks.Extensions (>= 4.5.1)
    Microsoft.AspNetCore.Server.Kestrel.Https (2.2)
      Microsoft.AspNetCore.Http.Abstractions (>= 2.2)
      Microsoft.AspNetCore.Server.Kestrel.Core (>= 2.2)
    Microsoft.AspNetCore.Server.Kestrel.Transport.Abstractions (2.2) - restriction: || (&& (== netcoreapp2.0) (>= netcoreapp2.2)) (== netcoreapp2.2) (&& (== netstandard2.0) (>= netcoreapp2.2))
      Microsoft.AspNetCore.Connections.Abstractions (>= 2.2)
    Microsoft.AspNetCore.Server.Kestrel.Transport.Sockets (2.2.1) - restriction: || (&& (== netcoreapp2.0) (>= netcoreapp2.2)) (== netcoreapp2.2) (&& (== netstandard2.0) (>= netcoreapp2.2))
      Microsoft.AspNetCore.Hosting.Abstractions (>= 2.2)
      Microsoft.AspNetCore.Server.Kestrel.Transport.Abstractions (>= 2.2)
      Microsoft.Extensions.Options (>= 2.2)
    Microsoft.AspNetCore.Session (2.2) - restriction: || (&& (== netcoreapp2.0) (>= netcoreapp2.2)) (== netcoreapp2.2) (&& (== netstandard2.0) (>= netcoreapp2.2))
      Microsoft.AspNetCore.DataProtection (>= 2.2)
      Microsoft.AspNetCore.Http.Abstractions (>= 2.2)
      Microsoft.Extensions.Caching.Abstractions (>= 2.2)
      Microsoft.Extensions.Logging.Abstractions (>= 2.2)
      Microsoft.Extensions.Options (>= 2.2)
    Microsoft.AspNetCore.SignalR (1.1) - restriction: || (&& (== netcoreapp2.0) (>= netcoreapp2.2)) (== netcoreapp2.2) (&& (== netstandard2.0) (>= netcoreapp2.2))
      Microsoft.AspNetCore.Http.Connections (>= 1.1)
      Microsoft.AspNetCore.SignalR.Core (>= 1.1)
    Microsoft.AspNetCore.SignalR.Common (1.1) - restriction: || (&& (== netcoreapp2.0) (>= netcoreapp2.2)) (== netcoreapp2.2) (&& (== netstandard2.0) (>= netcoreapp2.2))
      Microsoft.AspNetCore.Connections.Abstractions (>= 2.2)
      Microsoft.Extensions.Options (>= 2.2)
      Newtonsoft.Json (>= 11.0.2)
      System.Buffers (>= 4.5)
    Microsoft.AspNetCore.SignalR.Core (1.1) - restriction: || (&& (== netcoreapp2.0) (>= netcoreapp2.2)) (== netcoreapp2.2) (&& (== netstandard2.0) (>= netcoreapp2.2))
      Microsoft.AspNetCore.Authorization (>= 2.2)
      Microsoft.AspNetCore.SignalR.Common (>= 1.1)
      Microsoft.AspNetCore.SignalR.Protocols.Json (>= 1.1)
      Microsoft.Extensions.DependencyInjection.Abstractions (>= 2.2)
      Microsoft.Extensions.Logging.Abstractions (>= 2.2)
      System.Reflection.Emit (>= 4.3)
      System.Threading.Channels (>= 4.5)
    Microsoft.AspNetCore.SignalR.Protocols.Json (1.1) - restriction: || (&& (== netcoreapp2.0) (>= netcoreapp2.2)) (== netcoreapp2.2) (&& (== netstandard2.0) (>= netcoreapp2.2))
      Microsoft.AspNetCore.SignalR.Common (>= 1.1)
      Newtonsoft.Json (>= 11.0.2)
    Microsoft.AspNetCore.SpaServices (2.2) - restriction: || (&& (== netcoreapp2.0) (>= netcoreapp2.2)) (== netcoreapp2.2) (&& (== netstandard2.0) (>= netcoreapp2.2))
      Microsoft.AspNetCore.Mvc.TagHelpers (>= 2.2)
      Microsoft.AspNetCore.Mvc.ViewFeatures (>= 2.2)
      Microsoft.AspNetCore.NodeServices (>= 2.2)
    Microsoft.AspNetCore.SpaServices.Extensions (2.2) - restriction: || (&& (== netcoreapp2.0) (>= netcoreapp2.2)) (== netcoreapp2.2) (&& (== netstandard2.0) (>= netcoreapp2.2))
      Microsoft.AspNetCore.SpaServices (>= 2.2)
      Microsoft.AspNetCore.StaticFiles (>= 2.2)
      Microsoft.AspNetCore.WebSockets (>= 2.2)
      Microsoft.Extensions.FileProviders.Physical (>= 2.2)
    Microsoft.AspNetCore.StaticFiles (2.2) - restriction: || (&& (== netcoreapp2.0) (>= netcoreapp2.2)) (== netcoreapp2.2) (&& (== netstandard2.0) (>= netcoreapp2.2))
      Microsoft.AspNetCore.Hosting.Abstractions (>= 2.2)
      Microsoft.AspNetCore.Http.Extensions (>= 2.2)
      Microsoft.Extensions.FileProviders.Abstractions (>= 2.2)
      Microsoft.Extensions.Logging.Abstractions (>= 2.2)
      Microsoft.Extensions.WebEncoders (>= 2.2)
    Microsoft.AspNetCore.WebSockets (2.2.1) - restriction: || (&& (== netcoreapp2.0) (>= netcoreapp2.2)) (== netcoreapp2.2) (&& (== netstandard2.0) (>= netcoreapp2.2))
      Microsoft.AspNetCore.Http.Extensions (>= 2.2)
      Microsoft.Extensions.Logging.Abstractions (>= 2.2)
      Microsoft.Extensions.Options (>= 2.2)
      System.Net.WebSockets.WebSocketProtocol (>= 4.5.3)
    Microsoft.AspNetCore.WebUtilities (2.2) - restriction: || (&& (== netcoreapp2.0) (>= netcoreapp2.2)) (== netcoreapp2.2) (&& (== netstandard2.0) (>= netcoreapp2.2))
      Microsoft.Net.Http.Headers (>= 2.2)
      System.Text.Encodings.Web (>= 4.5)
    Microsoft.CodeAnalysis.Analyzers (2.9.4) - restriction: || (&& (== netcoreapp2.0) (>= netcoreapp2.2)) (== netcoreapp2.2) (&& (== netstandard2.0) (>= netcoreapp2.2))
    Microsoft.CodeAnalysis.Common (3.2.1) - restriction: || (&& (== netcoreapp2.0) (>= netcoreapp2.2)) (== netcoreapp2.2) (&& (== netstandard2.0) (>= netcoreapp2.2))
      Microsoft.CodeAnalysis.Analyzers (>= 2.9.3)
      System.Collections.Immutable (>= 1.5)
      System.Memory (>= 4.5.2)
      System.Reflection.Metadata (>= 1.6)
      System.Runtime.CompilerServices.Unsafe (>= 4.5.2)
      System.Text.Encoding.CodePages (>= 4.5.1)
      System.Threading.Tasks.Extensions (>= 4.5.2)
    Microsoft.CodeAnalysis.CSharp (3.2.1) - restriction: || (&& (== netcoreapp2.0) (>= netcoreapp2.2)) (== netcoreapp2.2) (&& (== netstandard2.0) (>= netcoreapp2.2))
      Microsoft.CodeAnalysis.Common (3.2.1)
    Microsoft.CodeAnalysis.Razor (2.2) - restriction: || (&& (== netcoreapp2.0) (>= netcoreapp2.2)) (== netcoreapp2.2) (&& (== netstandard2.0) (>= netcoreapp2.2))
      Microsoft.AspNetCore.Razor.Language (>= 2.2)
      Microsoft.CodeAnalysis.Common (>= 2.8)
      Microsoft.CodeAnalysis.CSharp (>= 2.8)
    Microsoft.CSharp (4.5) - restriction: || (&& (== netcoreapp2.0) (>= netcoreapp2.2)) (== netcoreapp2.2) (&& (== netstandard2.0) (>= netcoreapp2.2))
    Microsoft.DotNet.PlatformAbstractions (2.1) - restriction: || (&& (== netcoreapp2.0) (>= netcoreapp2.2)) (== netcoreapp2.2) (&& (== netstandard2.0) (>= netcoreapp2.2))
      System.AppContext (>= 4.1)
      System.Collections (>= 4.0.11)
      System.IO (>= 4.1)
      System.IO.FileSystem (>= 4.0.1)
      System.Reflection.TypeExtensions (>= 4.1)
      System.Runtime.Extensions (>= 4.1)
      System.Runtime.InteropServices (>= 4.1)
      System.Runtime.InteropServices.RuntimeInformation (>= 4.0)
    Microsoft.EntityFrameworkCore (2.2.6) - restriction: || (&& (== netcoreapp2.0) (>= netcoreapp2.2)) (== netcoreapp2.2) (&& (== netstandard2.0) (>= netcoreapp2.2))
      Microsoft.EntityFrameworkCore.Abstractions (>= 2.2.6)
      Microsoft.EntityFrameworkCore.Analyzers (>= 2.2.6)
      Microsoft.Extensions.Caching.Memory (>= 2.2)
      Microsoft.Extensions.DependencyInjection (>= 2.2)
      Microsoft.Extensions.Logging (>= 2.2)
      Remotion.Linq (>= 2.2)
      System.Collections.Immutable (>= 1.5)
      System.ComponentModel.Annotations (>= 4.5)
      System.Diagnostics.DiagnosticSource (>= 4.5)
      System.Interactive.Async (>= 3.2)
    Microsoft.EntityFrameworkCore.Abstractions (2.2.6) - restriction: || (&& (== netcoreapp2.0) (>= netcoreapp2.2)) (== netcoreapp2.2) (&& (== netstandard2.0) (>= netcoreapp2.2))
    Microsoft.EntityFrameworkCore.Analyzers (2.2.6) - restriction: || (&& (== netcoreapp2.0) (>= netcoreapp2.2)) (== netcoreapp2.2) (&& (== netstandard2.0) (>= netcoreapp2.2))
    Microsoft.EntityFrameworkCore.Design (2.2.6) - restriction: || (&& (== netcoreapp2.0) (>= netcoreapp2.2)) (== netcoreapp2.2) (&& (== netstandard2.0) (>= netcoreapp2.2))
      Microsoft.CSharp (>= 4.5)
      Microsoft.EntityFrameworkCore.Relational (>= 2.2.6)
    Microsoft.EntityFrameworkCore.InMemory (2.2.6) - restriction: || (&& (== netcoreapp2.0) (>= netcoreapp2.2)) (== netcoreapp2.2) (&& (== netstandard2.0) (>= netcoreapp2.2))
      Microsoft.EntityFrameworkCore (>= 2.2.6)
    Microsoft.EntityFrameworkCore.Relational (2.2.6) - restriction: || (&& (== netcoreapp2.0) (>= netcoreapp2.2)) (== netcoreapp2.2) (&& (== netstandard2.0) (>= netcoreapp2.2))
      Microsoft.EntityFrameworkCore (>= 2.2.6)
    Microsoft.EntityFrameworkCore.SqlServer (2.2.6) - restriction: || (&& (== netcoreapp2.0) (>= netcoreapp2.2)) (== netcoreapp2.2) (&& (== netstandard2.0) (>= netcoreapp2.2))
      Microsoft.EntityFrameworkCore.Relational (>= 2.2.6)
      System.Data.SqlClient (>= 4.6.1)
    Microsoft.EntityFrameworkCore.Tools (2.2.6) - restriction: || (&& (== netcoreapp2.0) (>= netcoreapp2.2)) (== netcoreapp2.2) (&& (== netstandard2.0) (>= netcoreapp2.2))
      Microsoft.EntityFrameworkCore.Design (>= 2.2.6)
    Microsoft.Extensions.Caching.Abstractions (2.2) - restriction: || (&& (== netcoreapp2.0) (>= netcoreapp2.2)) (== netcoreapp2.2) (&& (== netstandard2.0) (>= netcoreapp2.2))
      Microsoft.Extensions.Primitives (>= 2.2)
    Microsoft.Extensions.Caching.Memory (2.2) - restriction: || (&& (== netcoreapp2.0) (>= netcoreapp2.2)) (== netcoreapp2.2) (&& (== netstandard2.0) (>= netcoreapp2.2))
      Microsoft.Extensions.Caching.Abstractions (>= 2.2)
      Microsoft.Extensions.DependencyInjection.Abstractions (>= 2.2)
      Microsoft.Extensions.Options (>= 2.2)
    Microsoft.Extensions.Caching.SqlServer (2.2) - restriction: || (&& (== netcoreapp2.0) (>= netcoreapp2.2)) (== netcoreapp2.2) (&& (== netstandard2.0) (>= netcoreapp2.2))
      Microsoft.Extensions.Caching.Abstractions (>= 2.2)
      Microsoft.Extensions.Options (>= 2.2)
      System.Data.SqlClient (>= 4.6)
    Microsoft.Extensions.Configuration (2.2) - restriction: || (&& (== netcoreapp2.0) (>= netcoreapp2.2)) (== netcoreapp2.2) (&& (== netstandard2.0) (>= netcoreapp2.2))
      Microsoft.Extensions.Configuration.Abstractions (>= 2.2)
    Microsoft.Extensions.Configuration.Abstractions (2.2) - restriction: || (&& (== netcoreapp2.0) (>= netcoreapp2.2)) (== netcoreapp2.2) (&& (== netstandard2.0) (>= netcoreapp2.2))
      Microsoft.Extensions.Primitives (>= 2.2)
    Microsoft.Extensions.Configuration.Binder (2.2.4) - restriction: || (&& (== netcoreapp2.0) (>= netcoreapp2.2)) (== netcoreapp2.2) (&& (== netstandard2.0) (>= netcoreapp2.2))
      Microsoft.Extensions.Configuration (>= 2.2)
    Microsoft.Extensions.Configuration.CommandLine (2.2)
      Microsoft.Extensions.Configuration (>= 2.2)
    Microsoft.Extensions.Configuration.EnvironmentVariables (2.2.4)
      Microsoft.Extensions.Configuration (>= 2.2)
    Microsoft.Extensions.Configuration.FileExtensions (2.2)
      Microsoft.Extensions.Configuration (>= 2.2)
      Microsoft.Extensions.FileProviders.Physical (>= 2.2)
    Microsoft.Extensions.Configuration.Ini (2.2) - restriction: || (&& (== netcoreapp2.0) (>= netcoreapp2.2)) (== netcoreapp2.2) (&& (== netstandard2.0) (>= netcoreapp2.2))
      Microsoft.Extensions.Configuration (>= 2.2)
      Microsoft.Extensions.Configuration.FileExtensions (>= 2.2)
    Microsoft.Extensions.Configuration.Json (2.2)
      Microsoft.Extensions.Configuration (>= 2.2)
      Microsoft.Extensions.Configuration.FileExtensions (>= 2.2)
      Newtonsoft.Json (>= 11.0.2)
    Microsoft.Extensions.Configuration.KeyPerFile (2.2.4) - restriction: || (&& (== netcoreapp2.0) (>= netcoreapp2.2)) (== netcoreapp2.2) (&& (== netstandard2.0) (>= netcoreapp2.2))
      Microsoft.Extensions.Configuration (>= 2.2)
      Microsoft.Extensions.FileProviders.Physical (>= 2.2)
    Microsoft.Extensions.Configuration.UserSecrets (2.2)
      Microsoft.Extensions.Configuration.Json (>= 2.2)
    Microsoft.Extensions.Configuration.Xml (2.2) - restriction: || (&& (== netcoreapp2.0) (>= netcoreapp2.2)) (== netcoreapp2.2) (&& (== netstandard2.0) (>= netcoreapp2.2))
      Microsoft.Extensions.Configuration (>= 2.2)
      Microsoft.Extensions.Configuration.FileExtensions (>= 2.2)
      System.Security.Cryptography.Xml (>= 4.5)
    Microsoft.Extensions.DependencyInjection (2.2) - restriction: || (&& (== netcoreapp2.0) (>= netcoreapp2.2)) (== netcoreapp2.2) (&& (== netstandard2.0) (>= netcoreapp2.2))
      Microsoft.Extensions.DependencyInjection.Abstractions (>= 2.2)
    Microsoft.Extensions.DependencyInjection.Abstractions (2.2) - restriction: || (&& (== netcoreapp2.0) (>= netcoreapp2.2)) (== netcoreapp2.2) (&& (== netstandard2.0) (>= netcoreapp2.2))
    Microsoft.Extensions.DependencyModel (2.1) - restriction: || (&& (== netcoreapp2.0) (>= netcoreapp2.2)) (== netcoreapp2.2) (&& (== netstandard2.0) (>= netcoreapp2.2))
      Microsoft.DotNet.PlatformAbstractions (>= 2.1)
      Newtonsoft.Json (>= 9.0.1)
      System.Diagnostics.Debug (>= 4.0.11)
      System.Dynamic.Runtime (>= 4.0.11)
      System.Linq (>= 4.1)
    Microsoft.Extensions.DiagnosticAdapter (2.2) - restriction: || (&& (== netcoreapp2.0) (>= netcoreapp2.2)) (== netcoreapp2.2) (&& (== netstandard2.0) (>= netcoreapp2.2))
      System.Diagnostics.DiagnosticSource (>= 4.5)
    Microsoft.Extensions.Diagnostics.HealthChecks (2.2.5) - restriction: || (&& (== netcoreapp2.0) (>= netcoreapp2.2)) (== netcoreapp2.2) (&& (== netstandard2.0) (>= netcoreapp2.2))
      Microsoft.Extensions.Diagnostics.HealthChecks.Abstractions (>= 2.2)
      Microsoft.Extensions.Hosting.Abstractions (>= 2.2)
      Microsoft.Extensions.Options (>= 2.2)
    Microsoft.Extensions.Diagnostics.HealthChecks.Abstractions (2.2) - restriction: || (&& (== netcoreapp2.0) (>= netcoreapp2.2)) (== netcoreapp2.2) (&& (== netstandard2.0) (>= netcoreapp2.2))
    Microsoft.Extensions.FileProviders.Abstractions (2.2) - restriction: || (&& (== netcoreapp2.0) (>= netcoreapp2.2)) (== netcoreapp2.2) (&& (== netstandard2.0) (>= netcoreapp2.2))
      Microsoft.Extensions.Primitives (>= 2.2)
    Microsoft.Extensions.FileProviders.Composite (2.2) - restriction: || (&& (== netcoreapp2.0) (>= netcoreapp2.2)) (== netcoreapp2.2) (&& (== netstandard2.0) (>= netcoreapp2.2))
      Microsoft.Extensions.FileProviders.Abstractions (>= 2.2)
    Microsoft.Extensions.FileProviders.Embedded (2.2) - restriction: || (&& (== netcoreapp2.0) (>= netcoreapp2.2)) (== netcoreapp2.2) (&& (== netstandard2.0) (>= netcoreapp2.2))
      Microsoft.Extensions.FileProviders.Abstractions (>= 2.2)
    Microsoft.Extensions.FileProviders.Physical (2.2) - restriction: || (&& (== netcoreapp2.0) (>= netcoreapp2.2)) (== netcoreapp2.2) (&& (== netstandard2.0) (>= netcoreapp2.2))
      Microsoft.Extensions.FileProviders.Abstractions (>= 2.2)
      Microsoft.Extensions.FileSystemGlobbing (>= 2.2)
    Microsoft.Extensions.FileSystemGlobbing (2.2) - restriction: || (&& (== netcoreapp2.0) (>= netcoreapp2.2)) (== netcoreapp2.2) (&& (== netstandard2.0) (>= netcoreapp2.2))
    Microsoft.Extensions.Hosting (2.2) - restriction: || (&& (== netcoreapp2.0) (>= netcoreapp2.2)) (== netcoreapp2.2) (&& (== netstandard2.0) (>= netcoreapp2.2))
      Microsoft.Extensions.Configuration (>= 2.2)
      Microsoft.Extensions.DependencyInjection (>= 2.2)
      Microsoft.Extensions.FileProviders.Physical (>= 2.2)
      Microsoft.Extensions.Hosting.Abstractions (>= 2.2)
      Microsoft.Extensions.Logging (>= 2.2)
    Microsoft.Extensions.Hosting.Abstractions (2.2) - restriction: || (&& (== netcoreapp2.0) (>= netcoreapp2.2)) (== netcoreapp2.2) (&& (== netstandard2.0) (>= netcoreapp2.2))
      Microsoft.Extensions.Configuration.Abstractions (>= 2.2)
      Microsoft.Extensions.DependencyInjection.Abstractions (>= 2.2)
      Microsoft.Extensions.FileProviders.Abstractions (>= 2.2)
      Microsoft.Extensions.Logging.Abstractions (>= 2.2)
    Microsoft.Extensions.Http (2.2) - restriction: || (&& (== netcoreapp2.0) (>= netcoreapp2.2)) (== netcoreapp2.2) (&& (== netstandard2.0) (>= netcoreapp2.2))
      Microsoft.Extensions.DependencyInjection.Abstractions (>= 2.2)
      Microsoft.Extensions.Logging (>= 2.2)
      Microsoft.Extensions.Options (>= 2.2)
    Microsoft.Extensions.Identity.Core (2.2) - restriction: || (&& (== netcoreapp2.0) (>= netcoreapp2.2)) (== netcoreapp2.2) (&& (== netstandard2.0) (>= netcoreapp2.2))
      Microsoft.AspNetCore.Cryptography.KeyDerivation (>= 2.2)
      Microsoft.Extensions.Logging (>= 2.2)
      Microsoft.Extensions.Options (>= 2.2)
      System.ComponentModel.Annotations (>= 4.5)
    Microsoft.Extensions.Identity.Stores (2.2) - restriction: || (&& (== netcoreapp2.0) (>= netcoreapp2.2)) (== netcoreapp2.2) (&& (== netstandard2.0) (>= netcoreapp2.2))
      Microsoft.Extensions.Identity.Core (>= 2.2)
      Microsoft.Extensions.Logging (>= 2.2)
      System.ComponentModel.Annotations (>= 4.5)
    Microsoft.Extensions.Localization (2.2) - restriction: || (&& (== netcoreapp2.0) (>= netcoreapp2.2)) (== netcoreapp2.2) (&& (== netstandard2.0) (>= netcoreapp2.2))
      Microsoft.Extensions.DependencyInjection.Abstractions (>= 2.2)
      Microsoft.Extensions.Localization.Abstractions (>= 2.2)
      Microsoft.Extensions.Logging.Abstractions (>= 2.2)
      Microsoft.Extensions.Options (>= 2.2)
    Microsoft.Extensions.Localization.Abstractions (2.2) - restriction: || (&& (== netcoreapp2.0) (>= netcoreapp2.2)) (== netcoreapp2.2) (&& (== netstandard2.0) (>= netcoreapp2.2))
    Microsoft.Extensions.Logging (2.2)
      Microsoft.Extensions.Configuration.Binder (>= 2.2)
      Microsoft.Extensions.DependencyInjection.Abstractions (>= 2.2)
      Microsoft.Extensions.Logging.Abstractions (>= 2.2)
      Microsoft.Extensions.Options (>= 2.2)
    Microsoft.Extensions.Logging.Abstractions (2.2) - restriction: || (&& (== netcoreapp2.0) (>= netcoreapp2.2)) (== netcoreapp2.2) (&& (== netstandard2.0) (>= netcoreapp2.2))
    Microsoft.Extensions.Logging.Configuration (2.2)
      Microsoft.Extensions.Logging (>= 2.2)
      Microsoft.Extensions.Options.ConfigurationExtensions (>= 2.2)
    Microsoft.Extensions.Logging.Console (2.2)
      Microsoft.Extensions.Configuration.Abstractions (>= 2.2)
      Microsoft.Extensions.Logging (>= 2.2)
      Microsoft.Extensions.Logging.Configuration (>= 2.2)
    Microsoft.Extensions.Logging.Debug (2.2)
      Microsoft.Extensions.Logging (>= 2.2)
    Microsoft.Extensions.Logging.EventSource (2.2)
      Microsoft.Extensions.Logging (>= 2.2)
      Newtonsoft.Json (>= 11.0.2)
    Microsoft.Extensions.Logging.TraceSource (2.2) - restriction: || (&& (== netcoreapp2.0) (>= netcoreapp2.2)) (== netcoreapp2.2) (&& (== netstandard2.0) (>= netcoreapp2.2))
      Microsoft.Extensions.Logging (>= 2.2)
    Microsoft.Extensions.ObjectPool (2.2) - restriction: || (&& (== netcoreapp2.0) (>= netcoreapp2.2)) (== netcoreapp2.2) (&& (== netstandard2.0) (>= netcoreapp2.2))
    Microsoft.Extensions.Options (2.2) - restriction: || (&& (== netcoreapp2.0) (>= netcoreapp2.2)) (== netcoreapp2.2) (&& (== netstandard2.0) (>= netcoreapp2.2))
      Microsoft.Extensions.DependencyInjection.Abstractions (>= 2.2)
      Microsoft.Extensions.Primitives (>= 2.2)
      System.ComponentModel.Annotations (>= 4.5)
    Microsoft.Extensions.Options.ConfigurationExtensions (2.2) - restriction: || (&& (== netcoreapp2.0) (>= netcoreapp2.2)) (== netcoreapp2.2) (&& (== netstandard2.0) (>= netcoreapp2.2))
      Microsoft.Extensions.Configuration.Abstractions (>= 2.2)
      Microsoft.Extensions.Configuration.Binder (>= 2.2)
      Microsoft.Extensions.DependencyInjection.Abstractions (>= 2.2)
      Microsoft.Extensions.Options (>= 2.2)
    Microsoft.Extensions.Options.DataAnnotations (2.2) - restriction: || (&& (== netcoreapp2.0) (>= netcoreapp2.2)) (== netcoreapp2.2) (&& (== netstandard2.0) (>= netcoreapp2.2))
      Microsoft.Extensions.DependencyInjection.Abstractions (>= 2.2)
      Microsoft.Extensions.Options (>= 2.2)
      System.ComponentModel.Annotations (>= 4.5)
    Microsoft.Extensions.Primitives (2.2) - restriction: || (&& (== netcoreapp2.0) (>= netcoreapp2.2)) (== netcoreapp2.2) (&& (== netstandard2.0) (>= netcoreapp2.2))
      System.Memory (>= 4.5.1)
      System.Runtime.CompilerServices.Unsafe (>= 4.5.1)
    Microsoft.Extensions.WebEncoders (2.2) - restriction: || (&& (== netcoreapp2.0) (>= netcoreapp2.2)) (== netcoreapp2.2) (&& (== netstandard2.0) (>= netcoreapp2.2))
      Microsoft.Extensions.DependencyInjection.Abstractions (>= 2.2)
      Microsoft.Extensions.Options (>= 2.2)
      System.Text.Encodings.Web (>= 4.5)
    Microsoft.IdentityModel.JsonWebTokens (5.5) - restriction: || (&& (== netcoreapp2.0) (>= netcoreapp2.2)) (== netcoreapp2.2) (&& (== netstandard2.0) (>= netcoreapp2.2))
      Microsoft.IdentityModel.Tokens (>= 5.5)
      Newtonsoft.Json (>= 10.0.1)
    Microsoft.IdentityModel.Logging (5.5) - restriction: || (&& (== netcoreapp2.0) (>= netcoreapp2.2)) (== netcoreapp2.2) (&& (== netstandard2.0) (>= netcoreapp2.2))
    Microsoft.IdentityModel.Protocols (5.5) - restriction: || (&& (== netcoreapp2.0) (>= netcoreapp2.2)) (== netcoreapp2.2) (&& (== netstandard2.0) (>= netcoreapp2.2))
      Microsoft.IdentityModel.Logging (>= 5.5)
      Microsoft.IdentityModel.Tokens (>= 5.5)
    Microsoft.IdentityModel.Protocols.OpenIdConnect (5.5) - restriction: || (&& (== netcoreapp2.0) (>= netcoreapp2.2)) (== netcoreapp2.2) (&& (== netstandard2.0) (>= netcoreapp2.2))
      Microsoft.IdentityModel.Protocols (>= 5.5)
      Newtonsoft.Json (>= 10.0.1)
      System.IdentityModel.Tokens.Jwt (>= 5.5)
    Microsoft.IdentityModel.Protocols.WsFederation (5.5) - restriction: || (&& (== netcoreapp2.0) (>= netcoreapp2.2)) (== netcoreapp2.2) (&& (== netstandard2.0) (>= netcoreapp2.2))
      Microsoft.IdentityModel.Protocols (>= 5.5)
      Microsoft.IdentityModel.Tokens.Saml (>= 5.5)
      Microsoft.IdentityModel.Xml (>= 5.5)
      System.Xml.XmlDocument (>= 4.3)
    Microsoft.IdentityModel.Tokens (5.5) - restriction: || (&& (== netcoreapp2.0) (>= netcoreapp2.2)) (== netcoreapp2.2) (&& (== netstandard2.0) (>= netcoreapp2.2))
      Microsoft.IdentityModel.Logging (>= 5.5)
      Newtonsoft.Json (>= 10.0.1)
      System.Security.Cryptography.Cng (>= 4.5)
    Microsoft.IdentityModel.Tokens.Saml (5.5) - restriction: || (&& (== netcoreapp2.0) (>= netcoreapp2.2)) (== netcoreapp2.2) (&& (== netstandard2.0) (>= netcoreapp2.2))
      Microsoft.IdentityModel.Tokens (>= 5.5)
      Microsoft.IdentityModel.Xml (>= 5.5)
    Microsoft.IdentityModel.Xml (5.5) - restriction: || (&& (== netcoreapp2.0) (>= netcoreapp2.2)) (== netcoreapp2.2) (&& (== netstandard2.0) (>= netcoreapp2.2))
      Microsoft.IdentityModel.Tokens (>= 5.5)
    Microsoft.Net.Http.Headers (2.2) - restriction: || (&& (== netcoreapp2.0) (>= netcoreapp2.2)) (== netcoreapp2.2) (&& (== netstandard2.0) (>= netcoreapp2.2))
      Microsoft.Extensions.Primitives (>= 2.2)
      System.Buffers (>= 4.5)
    Microsoft.NETCore.Platforms (2.2.2) - restriction: || (&& (== netcoreapp2.0) (>= netcoreapp2.2)) (== netcoreapp2.2) (&& (== netstandard2.0) (>= netcoreapp2.2))
    Microsoft.NETCore.Targets (2.1) - restriction: || (&& (== netcoreapp2.0) (>= netcoreapp2.2)) (== netcoreapp2.2) (&& (== netstandard2.0) (>= netcoreapp2.2))
    Microsoft.Win32.Registry (4.5) - restriction: || (&& (== netcoreapp2.0) (>= netcoreapp2.2)) (== netcoreapp2.2) (&& (== netstandard2.0) (>= netcoreapp2.2))
      System.Security.AccessControl (>= 4.5)
      System.Security.Principal.Windows (>= 4.5)
    Newtonsoft.Json (12.0.2) - restriction: || (&& (== netcoreapp2.0) (>= netcoreapp2.2)) (== netcoreapp2.2) (&& (== netstandard2.0) (>= netcoreapp2.2))
    Newtonsoft.Json.Bson (1.0.2) - restriction: || (&& (== netcoreapp2.0) (>= netcoreapp2.2)) (== netcoreapp2.2) (&& (== netstandard2.0) (>= netcoreapp2.2))
      Newtonsoft.Json (>= 12.0.1)
    Remotion.Linq (2.2) - restriction: || (&& (== netcoreapp2.0) (>= netcoreapp2.2)) (== netcoreapp2.2) (&& (== netstandard2.0) (>= netcoreapp2.2))
      System.Collections (>= 4.0.11)
      System.Diagnostics.Debug (>= 4.0.11)
      System.Linq (>= 4.1)
      System.Linq.Expressions (>= 4.1)
      System.Linq.Queryable (>= 4.0.1)
      System.ObjectModel (>= 4.0.12)
      System.Reflection (>= 4.1)
      System.Reflection.Extensions (>= 4.0.1)
      System.Runtime (>= 4.1)
      System.Runtime.Extensions (>= 4.1)
      System.Threading (>= 4.0.11)
    runtime.native.System (4.3.1) - restriction: || (&& (== netcoreapp2.0) (>= netcoreapp2.2)) (== netcoreapp2.2) (&& (== netstandard2.0) (>= netcoreapp2.2))
      Microsoft.NETCore.Platforms (>= 1.1.1)
      Microsoft.NETCore.Targets (>= 1.1.3)
    runtime.native.System.Data.SqlClient.sni (4.5) - restriction: || (&& (== netcoreapp2.0) (>= netcoreapp2.2)) (== netcoreapp2.2) (&& (== netstandard2.0) (>= netcoreapp2.2))
      runtime.win-arm64.runtime.native.System.Data.SqlClient.sni (>= 4.4)
      runtime.win-x64.runtime.native.System.Data.SqlClient.sni (>= 4.4)
      runtime.win-x86.runtime.native.System.Data.SqlClient.sni (>= 4.4)
    runtime.win-arm64.runtime.native.System.Data.SqlClient.sni (4.4) - restriction: || (&& (== netcoreapp2.0) (>= netcoreapp2.2)) (== netcoreapp2.2) (&& (== netstandard2.0) (>= netcoreapp2.2))
    runtime.win-x64.runtime.native.System.Data.SqlClient.sni (4.4) - restriction: || (&& (== netcoreapp2.0) (>= netcoreapp2.2)) (== netcoreapp2.2) (&& (== netstandard2.0) (>= netcoreapp2.2))
    runtime.win-x86.runtime.native.System.Data.SqlClient.sni (4.4) - restriction: || (&& (== netcoreapp2.0) (>= netcoreapp2.2)) (== netcoreapp2.2) (&& (== netstandard2.0) (>= netcoreapp2.2))
    System.AppContext (4.3) - restriction: || (&& (== netcoreapp2.0) (>= netcoreapp2.2)) (== netcoreapp2.2) (&& (== netstandard2.0) (>= netcoreapp2.2))
      System.Runtime (>= 4.3)
    System.Buffers (4.5) - restriction: || (&& (== netcoreapp2.0) (>= netcoreapp2.2)) (== netcoreapp2.2) (&& (== netstandard2.0) (>= netcoreapp2.2))
    System.Collections (4.3) - restriction: || (&& (== netcoreapp2.0) (>= netcoreapp2.2)) (== netcoreapp2.2) (&& (== netstandard2.0) (>= netcoreapp2.2))
      Microsoft.NETCore.Platforms (>= 1.1)
      Microsoft.NETCore.Targets (>= 1.1)
      System.Runtime (>= 4.3)
    System.Collections.Immutable (1.5) - restriction: || (&& (== netcoreapp2.0) (>= netcoreapp2.2)) (== netcoreapp2.2) (&& (== netstandard2.0) (>= netcoreapp2.2))
    System.ComponentModel.Annotations (4.5) - restriction: || (&& (== netcoreapp2.0) (>= netcoreapp2.2)) (== netcoreapp2.2) (&& (== netstandard2.0) (>= netcoreapp2.2))
    System.Data.SqlClient (4.6.1) - restriction: || (&& (== netcoreapp2.0) (>= netcoreapp2.2)) (== netcoreapp2.2) (&& (== netstandard2.0) (>= netcoreapp2.2))
      Microsoft.Win32.Registry (>= 4.5)
      runtime.native.System.Data.SqlClient.sni (>= 4.5)
      System.Security.Principal.Windows (>= 4.5)
      System.Text.Encoding.CodePages (>= 4.5)
    System.Diagnostics.Debug (4.3) - restriction: || (&& (== netcoreapp2.0) (>= netcoreapp2.2)) (== netcoreapp2.2) (&& (== netstandard2.0) (>= netcoreapp2.2))
      Microsoft.NETCore.Platforms (>= 1.1)
      Microsoft.NETCore.Targets (>= 1.1)
      System.Runtime (>= 4.3)
    System.Diagnostics.DiagnosticSource (4.5.1) - restriction: || (&& (== netcoreapp2.0) (>= netcoreapp2.2)) (== netcoreapp2.2) (&& (== netstandard2.0) (>= netcoreapp2.2))
    System.Dynamic.Runtime (4.3) - restriction: || (&& (== netcoreapp2.0) (>= netcoreapp2.2)) (== netcoreapp2.2) (&& (== netstandard2.0) (>= netcoreapp2.2))
      System.Collections (>= 4.3)
      System.Diagnostics.Debug (>= 4.3)
      System.Linq (>= 4.3)
      System.Linq.Expressions (>= 4.3)
      System.ObjectModel (>= 4.3)
      System.Reflection (>= 4.3)
      System.Reflection.Emit (>= 4.3)
      System.Reflection.Emit.ILGeneration (>= 4.3)
      System.Reflection.Primitives (>= 4.3)
      System.Reflection.TypeExtensions (>= 4.3)
      System.Resources.ResourceManager (>= 4.3)
      System.Runtime (>= 4.3)
      System.Runtime.Extensions (>= 4.3)
      System.Threading (>= 4.3)
    System.Globalization (4.3) - restriction: || (&& (== netcoreapp2.0) (>= netcoreapp2.2)) (== netcoreapp2.2) (&& (== netstandard2.0) (>= netcoreapp2.2))
      Microsoft.NETCore.Platforms (>= 1.1)
      Microsoft.NETCore.Targets (>= 1.1)
      System.Runtime (>= 4.3)
    System.IdentityModel.Tokens.Jwt (5.5) - restriction: || (&& (== netcoreapp2.0) (>= netcoreapp2.2)) (== netcoreapp2.2) (&& (== netstandard2.0) (>= netcoreapp2.2))
      Microsoft.IdentityModel.JsonWebTokens (>= 5.5)
      Microsoft.IdentityModel.Tokens (>= 5.5)
      Newtonsoft.Json (>= 10.0.1)
    System.Interactive.Async (3.2) - restriction: || (&& (== netcoreapp2.0) (>= netcoreapp2.2)) (== netcoreapp2.2) (&& (== netstandard2.0) (>= netcoreapp2.2))
    System.IO (4.3) - restriction: || (&& (== netcoreapp2.0) (>= netcoreapp2.2)) (== netcoreapp2.2) (&& (== netstandard2.0) (>= netcoreapp2.2))
      Microsoft.NETCore.Platforms (>= 1.1)
      Microsoft.NETCore.Targets (>= 1.1)
      System.Runtime (>= 4.3)
      System.Text.Encoding (>= 4.3)
      System.Threading.Tasks (>= 4.3)
    System.IO.FileSystem (4.3) - restriction: || (&& (== netcoreapp2.0) (>= netcoreapp2.2)) (== netcoreapp2.2) (&& (== netstandard2.0) (>= netcoreapp2.2))
      Microsoft.NETCore.Platforms (>= 1.1)
      Microsoft.NETCore.Targets (>= 1.1)
      System.IO (>= 4.3)
      System.IO.FileSystem.Primitives (>= 4.3)
      System.Runtime (>= 4.3)
      System.Runtime.Handles (>= 4.3)
      System.Text.Encoding (>= 4.3)
      System.Threading.Tasks (>= 4.3)
    System.IO.FileSystem.Primitives (4.3) - restriction: || (&& (== netcoreapp2.0) (>= netcoreapp2.2)) (== netcoreapp2.2) (&& (== netstandard2.0) (>= netcoreapp2.2))
      System.Runtime (>= 4.3)
    System.IO.Pipelines (4.5.3) - restriction: || (&& (== netcoreapp2.0) (>= netcoreapp2.2)) (== netcoreapp2.2) (&& (== netstandard2.0) (>= netcoreapp2.2))
    System.Linq (4.3) - restriction: || (&& (== netcoreapp2.0) (>= netcoreapp2.2)) (== netcoreapp2.2) (&& (== netstandard2.0) (>= netcoreapp2.2))
      System.Collections (>= 4.3)
      System.Diagnostics.Debug (>= 4.3)
      System.Resources.ResourceManager (>= 4.3)
      System.Runtime (>= 4.3)
      System.Runtime.Extensions (>= 4.3)
    System.Linq.Expressions (4.3) - restriction: || (&& (== netcoreapp2.0) (>= netcoreapp2.2)) (== netcoreapp2.2) (&& (== netstandard2.0) (>= netcoreapp2.2))
      System.Collections (>= 4.3)
      System.Diagnostics.Debug (>= 4.3)
      System.Globalization (>= 4.3)
      System.IO (>= 4.3)
      System.Linq (>= 4.3)
      System.ObjectModel (>= 4.3)
      System.Reflection (>= 4.3)
      System.Reflection.Emit (>= 4.3)
      System.Reflection.Emit.ILGeneration (>= 4.3)
      System.Reflection.Emit.Lightweight (>= 4.3)
      System.Reflection.Extensions (>= 4.3)
      System.Reflection.Primitives (>= 4.3)
      System.Reflection.TypeExtensions (>= 4.3)
      System.Resources.ResourceManager (>= 4.3)
      System.Runtime (>= 4.3)
      System.Runtime.Extensions (>= 4.3)
      System.Threading (>= 4.3)
    System.Linq.Queryable (4.3) - restriction: || (&& (== netcoreapp2.0) (>= netcoreapp2.2)) (== netcoreapp2.2) (&& (== netstandard2.0) (>= netcoreapp2.2))
      System.Collections (>= 4.3)
      System.Diagnostics.Debug (>= 4.3)
      System.Linq (>= 4.3)
      System.Linq.Expressions (>= 4.3)
      System.Reflection (>= 4.3)
      System.Reflection.Extensions (>= 4.3)
      System.Resources.ResourceManager (>= 4.3)
      System.Runtime (>= 4.3)
    System.Memory (4.5.3) - restriction: || (&& (== netcoreapp2.0) (>= netcoreapp2.2)) (== netcoreapp2.2) (&& (== netstandard2.0) (>= netcoreapp2.2))
    System.Net.WebSockets.WebSocketProtocol (4.5.3) - restriction: || (&& (== netcoreapp2.0) (>= netcoreapp2.2)) (== netcoreapp2.2) (&& (== netstandard2.0) (>= netcoreapp2.2))
    System.Numerics.Vectors (4.5) - restriction: || (&& (== netcoreapp2.0) (>= netcoreapp2.2)) (== netcoreapp2.2) (&& (== netstandard2.0) (>= netcoreapp2.2))
    System.ObjectModel (4.3) - restriction: || (&& (== netcoreapp2.0) (>= netcoreapp2.2)) (== netcoreapp2.2) (&& (== netstandard2.0) (>= netcoreapp2.2))
      System.Collections (>= 4.3)
      System.Diagnostics.Debug (>= 4.3)
      System.Resources.ResourceManager (>= 4.3)
      System.Runtime (>= 4.3)
      System.Threading (>= 4.3)
    System.Reflection (4.3) - restriction: || (&& (== netcoreapp2.0) (>= netcoreapp2.2)) (== netcoreapp2.2) (&& (== netstandard2.0) (>= netcoreapp2.2))
      Microsoft.NETCore.Platforms (>= 1.1)
      Microsoft.NETCore.Targets (>= 1.1)
      System.IO (>= 4.3)
      System.Reflection.Primitives (>= 4.3)
      System.Runtime (>= 4.3)
    System.Reflection.Emit (4.3) - restriction: || (&& (== netcoreapp2.0) (>= netcoreapp2.2)) (== netcoreapp2.2) (&& (== netstandard2.0) (>= netcoreapp2.2))
      System.IO (>= 4.3)
      System.Reflection (>= 4.3)
      System.Reflection.Emit.ILGeneration (>= 4.3)
      System.Reflection.Primitives (>= 4.3)
      System.Runtime (>= 4.3)
    System.Reflection.Emit.ILGeneration (4.3) - restriction: || (&& (== netcoreapp2.0) (>= netcoreapp2.2)) (== netcoreapp2.2) (&& (== netstandard2.0) (>= netcoreapp2.2))
      System.Reflection (>= 4.3)
      System.Reflection.Primitives (>= 4.3)
      System.Runtime (>= 4.3)
    System.Reflection.Emit.Lightweight (4.3) - restriction: || (&& (== netcoreapp2.0) (>= netcoreapp2.2)) (== netcoreapp2.2) (&& (== netstandard2.0) (>= netcoreapp2.2))
      System.Reflection (>= 4.3)
      System.Reflection.Emit.ILGeneration (>= 4.3)
      System.Reflection.Primitives (>= 4.3)
      System.Runtime (>= 4.3)
    System.Reflection.Extensions (4.3) - restriction: || (&& (== netcoreapp2.0) (>= netcoreapp2.2)) (== netcoreapp2.2) (&& (== netstandard2.0) (>= netcoreapp2.2))
      Microsoft.NETCore.Platforms (>= 1.1)
      Microsoft.NETCore.Targets (>= 1.1)
      System.Reflection (>= 4.3)
      System.Runtime (>= 4.3)
    System.Reflection.Metadata (1.6) - restriction: || (&& (== netcoreapp2.0) (>= netcoreapp2.2)) (== netcoreapp2.2) (&& (== netstandard2.0) (>= netcoreapp2.2))
    System.Reflection.Primitives (4.3) - restriction: || (&& (== netcoreapp2.0) (>= netcoreapp2.2)) (== netcoreapp2.2) (&& (== netstandard2.0) (>= netcoreapp2.2))
      Microsoft.NETCore.Platforms (>= 1.1)
      Microsoft.NETCore.Targets (>= 1.1)
      System.Runtime (>= 4.3)
    System.Reflection.TypeExtensions (4.5.1) - restriction: || (&& (== netcoreapp2.0) (>= netcoreapp2.2)) (== netcoreapp2.2) (&& (== netstandard2.0) (>= netcoreapp2.2))
    System.Resources.ResourceManager (4.3) - restriction: || (&& (== netcoreapp2.0) (>= netcoreapp2.2)) (== netcoreapp2.2) (&& (== netstandard2.0) (>= netcoreapp2.2))
      Microsoft.NETCore.Platforms (>= 1.1)
      Microsoft.NETCore.Targets (>= 1.1)
      System.Globalization (>= 4.3)
      System.Reflection (>= 4.3)
      System.Runtime (>= 4.3)
    System.Runtime (4.3.1) - restriction: || (&& (== netcoreapp2.0) (>= netcoreapp2.2)) (== netcoreapp2.2) (&& (== netstandard2.0) (>= netcoreapp2.2))
      Microsoft.NETCore.Platforms (>= 1.1.1)
      Microsoft.NETCore.Targets (>= 1.1.3)
    System.Runtime.CompilerServices.Unsafe (4.5.2) - restriction: || (&& (== netcoreapp2.0) (>= netcoreapp2.2)) (== netcoreapp2.2) (&& (== netstandard2.0) (>= netcoreapp2.2))
    System.Runtime.Extensions (4.3.1) - restriction: || (&& (== netcoreapp2.0) (>= netcoreapp2.2)) (== netcoreapp2.2) (&& (== netstandard2.0) (>= netcoreapp2.2))
      Microsoft.NETCore.Platforms (>= 1.1.1)
      Microsoft.NETCore.Targets (>= 1.1.3)
      System.Runtime (>= 4.3.1)
    System.Runtime.Handles (4.3) - restriction: || (&& (== netcoreapp2.0) (>= netcoreapp2.2)) (== netcoreapp2.2) (&& (== netstandard2.0) (>= netcoreapp2.2))
      Microsoft.NETCore.Platforms (>= 1.1)
      Microsoft.NETCore.Targets (>= 1.1)
      System.Runtime (>= 4.3)
    System.Runtime.InteropServices (4.3) - restriction: || (&& (== netcoreapp2.0) (>= netcoreapp2.2)) (== netcoreapp2.2) (&& (== netstandard2.0) (>= netcoreapp2.2))
      Microsoft.NETCore.Platforms (>= 1.1)
      Microsoft.NETCore.Targets (>= 1.1)
      System.Reflection (>= 4.3)
      System.Reflection.Primitives (>= 4.3)
      System.Runtime (>= 4.3)
      System.Runtime.Handles (>= 4.3)
    System.Runtime.InteropServices.RuntimeInformation (4.3) - restriction: || (&& (== netcoreapp2.0) (>= netcoreapp2.2)) (== netcoreapp2.2) (&& (== netstandard2.0) (>= netcoreapp2.2))
      runtime.native.System (>= 4.3)
      System.Reflection (>= 4.3)
      System.Reflection.Extensions (>= 4.3)
      System.Resources.ResourceManager (>= 4.3)
      System.Runtime (>= 4.3)
      System.Runtime.InteropServices (>= 4.3)
      System.Threading (>= 4.3)
    System.Security.AccessControl (4.5) - restriction: || (&& (== netcoreapp2.0) (>= netcoreapp2.2)) (== netcoreapp2.2) (&& (== netstandard2.0) (>= netcoreapp2.2))
      Microsoft.NETCore.Platforms (>= 2.0) - restriction: || (== netcoreapp2.0) (== netcoreapp2.2) (&& (== netstandard2.0) (>= netcoreapp2.0))
      System.Security.Principal.Windows (>= 4.5)
    System.Security.Cryptography.Cng (4.5) - restriction: || (&& (== netcoreapp2.0) (>= netcoreapp2.2)) (== netcoreapp2.2) (&& (== netstandard2.0) (>= netcoreapp2.2))
    System.Security.Cryptography.Pkcs (4.5.2) - restriction: || (&& (== netcoreapp2.0) (>= netcoreapp2.2)) (== netcoreapp2.2) (&& (== netstandard2.0) (>= netcoreapp2.2))
      System.Security.Cryptography.Cng (>= 4.5) - restriction: || (&& (== netcoreapp2.0) (>= netcoreapp2.1)) (== netcoreapp2.2) (&& (== netstandard2.0) (>= netcoreapp2.1))
    System.Security.Cryptography.Xml (4.5) - restriction: || (&& (== netcoreapp2.0) (>= netcoreapp2.2)) (== netcoreapp2.2) (&& (== netstandard2.0) (>= netcoreapp2.2))
      System.Security.Cryptography.Pkcs (>= 4.5)
      System.Security.Permissions (>= 4.5)
    System.Security.Permissions (4.5) - restriction: || (&& (== netcoreapp2.0) (>= netcoreapp2.2)) (== netcoreapp2.2) (&& (== netstandard2.0) (>= netcoreapp2.2))
      System.Security.AccessControl (>= 4.5)
    System.Security.Principal.Windows (4.5.1) - restriction: || (&& (== netcoreapp2.0) (>= netcoreapp2.2)) (== netcoreapp2.2) (&& (== netstandard2.0) (>= netcoreapp2.2))
      Microsoft.NETCore.Platforms (>= 2.0) - restriction: || (== netcoreapp2.0) (== netcoreapp2.2) (&& (== netstandard2.0) (>= netcoreapp2.0))
    System.Text.Encoding (4.3) - restriction: || (&& (== netcoreapp2.0) (>= netcoreapp2.2)) (== netcoreapp2.2) (&& (== netstandard2.0) (>= netcoreapp2.2))
      Microsoft.NETCore.Platforms (>= 1.1)
      Microsoft.NETCore.Targets (>= 1.1)
      System.Runtime (>= 4.3)
    System.Text.Encoding.CodePages (4.5.1) - restriction: || (&& (== netcoreapp2.0) (>= netcoreapp2.2)) (== netcoreapp2.2) (&& (== netstandard2.0) (>= netcoreapp2.2))
      Microsoft.NETCore.Platforms (>= 2.1.2) - restriction: || (== netcoreapp2.0) (== netcoreapp2.2) (&& (== netstandard2.0) (>= netcoreapp2.0))
      System.Runtime.CompilerServices.Unsafe (>= 4.5.2)
    System.Text.Encoding.Extensions (4.3) - restriction: || (&& (== netcoreapp2.0) (>= netcoreapp2.2)) (== netcoreapp2.2) (&& (== netstandard2.0) (>= netcoreapp2.2))
      Microsoft.NETCore.Platforms (>= 1.1)
      Microsoft.NETCore.Targets (>= 1.1)
      System.Runtime (>= 4.3)
      System.Text.Encoding (>= 4.3)
    System.Text.Encodings.Web (4.5) - restriction: || (&& (== netcoreapp2.0) (>= netcoreapp2.2)) (== netcoreapp2.2) (&& (== netstandard2.0) (>= netcoreapp2.2))
    System.Text.RegularExpressions (4.3.1) - restriction: || (&& (== netcoreapp2.0) (>= netcoreapp2.2)) (== netcoreapp2.2) (&& (== netstandard2.0) (>= netcoreapp2.2))
      System.Runtime (>= 4.3.1)
    System.Threading (4.3) - restriction: || (&& (== netcoreapp2.0) (>= netcoreapp2.2)) (== netcoreapp2.2) (&& (== netstandard2.0) (>= netcoreapp2.2))
      System.Runtime (>= 4.3)
      System.Threading.Tasks (>= 4.3)
    System.Threading.Channels (4.5) - restriction: || (&& (== netcoreapp2.0) (>= netcoreapp2.2)) (== netcoreapp2.2) (&& (== netstandard2.0) (>= netcoreapp2.2))
    System.Threading.Tasks (4.3) - restriction: || (&& (== netcoreapp2.0) (>= netcoreapp2.2)) (== netcoreapp2.2) (&& (== netstandard2.0) (>= netcoreapp2.2))
      Microsoft.NETCore.Platforms (>= 1.1)
      Microsoft.NETCore.Targets (>= 1.1)
      System.Runtime (>= 4.3)
    System.Threading.Tasks.Extensions (4.5.3) - restriction: || (&& (== netcoreapp2.0) (>= netcoreapp2.2)) (== netcoreapp2.2) (&& (== netstandard2.0) (>= netcoreapp2.2))
    System.Xml.ReaderWriter (4.3.1) - restriction: || (&& (== netcoreapp2.0) (>= netcoreapp2.2)) (== netcoreapp2.2) (&& (== netstandard2.0) (>= netcoreapp2.2))
      System.Collections (>= 4.3)
      System.Diagnostics.Debug (>= 4.3)
      System.Globalization (>= 4.3)
      System.IO (>= 4.3)
      System.IO.FileSystem (>= 4.3)
      System.IO.FileSystem.Primitives (>= 4.3)
      System.Resources.ResourceManager (>= 4.3)
      System.Runtime (>= 4.3)
      System.Runtime.Extensions (>= 4.3)
      System.Runtime.InteropServices (>= 4.3)
      System.Text.Encoding (>= 4.3)
      System.Text.Encoding.Extensions (>= 4.3)
      System.Text.RegularExpressions (>= 4.3)
      System.Threading.Tasks (>= 4.3)
      System.Threading.Tasks.Extensions (>= 4.3)
    System.Xml.XmlDocument (4.3) - restriction: || (&& (== netcoreapp2.0) (>= netcoreapp2.2)) (== netcoreapp2.2) (&& (== netstandard2.0) (>= netcoreapp2.2))
      System.Collections (>= 4.3)
      System.Diagnostics.Debug (>= 4.3)
      System.Globalization (>= 4.3)
      System.IO (>= 4.3)
      System.Resources.ResourceManager (>= 4.3)
      System.Runtime (>= 4.3)
      System.Runtime.Extensions (>= 4.3)
      System.Text.Encoding (>= 4.3)
      System.Threading (>= 4.3)
      System.Xml.ReaderWriter (>= 4.3)

GROUP Benchmarks
REDIRECTS: ON
STORAGE: NONE
RESTRICTION: || (== netcoreapp2.0) (== netcoreapp2.2) (== netstandard2.0)
NUGET
  remote: https://api.nuget.org/v3/index.json
    BenchmarkDotNet (0.11.5)
      BenchmarkDotNet.Annotations (>= 0.11.5)
      CommandLineParser (>= 2.4.3)
      Microsoft.CodeAnalysis.CSharp (>= 2.10)
      Microsoft.DotNet.PlatformAbstractions (>= 2.1)
      Microsoft.Win32.Registry (>= 4.5)
      System.Collections.Immutable (>= 1.5)
      System.Diagnostics.FileVersionInfo (>= 4.3)
      System.Management (>= 4.5)
      System.Reflection.Emit (>= 4.3)
      System.Reflection.Emit.Lightweight (>= 4.3)
      System.Reflection.Metadata (>= 1.6)
      System.Runtime.InteropServices.RuntimeInformation (>= 4.3)
      System.Threading.Tasks.Extensions (>= 4.5.2)
      System.ValueTuple (>= 4.5)
      System.Xml.XmlSerializer (>= 4.3)
      System.Xml.XPath.XmlDocument (>= 4.3)
    BenchmarkDotNet.Annotations (0.11.5)
    CommandLineParser (2.6)
    Expecto (8.11)
      FSharp.Core (>= 4.3.4)
      Mono.Cecil (>= 0.10.3)
    Expecto.BenchmarkDotNet (8.11)
      BenchmarkDotNet (>= 0.10.14) - restriction: || (== netcoreapp2.0) (== netcoreapp2.2) (&& (== netstandard2.0) (>= net461)) (&& (== netstandard2.0) (>= netcoreapp2.0))
      FSharp.Core (>= 4.3.4) - restriction: || (== netcoreapp2.0) (== netcoreapp2.2) (&& (== netstandard2.0) (>= net461)) (&& (== netstandard2.0) (>= netcoreapp2.0))
    FParsec (1.0.3)
      FSharp.Core (>= 4.2.3)
      NETStandard.Library (>= 1.6.1)
    FSharp.Core (4.6.2)
    Hopac (0.4.1)
      FSharp.Core (>= 4.5 < 5.0)
    Microsoft.CodeAnalysis.Analyzers (2.9.4)
    Microsoft.CodeAnalysis.Common (3.2.1)
      Microsoft.CodeAnalysis.Analyzers (>= 2.9.3)
      System.Collections.Immutable (>= 1.5)
      System.Memory (>= 4.5.2)
      System.Reflection.Metadata (>= 1.6)
      System.Runtime.CompilerServices.Unsafe (>= 4.5.2)
      System.Text.Encoding.CodePages (>= 4.5.1)
      System.Threading.Tasks.Extensions (>= 4.5.2)
    Microsoft.CodeAnalysis.CSharp (3.2.1)
      Microsoft.CodeAnalysis.Common (3.2.1)
    Microsoft.DotNet.PlatformAbstractions (2.1)
      System.AppContext (>= 4.1)
      System.Collections (>= 4.0.11)
      System.IO (>= 4.1)
      System.IO.FileSystem (>= 4.0.1)
      System.Reflection.TypeExtensions (>= 4.1)
      System.Runtime.Extensions (>= 4.1)
      System.Runtime.InteropServices (>= 4.1)
      System.Runtime.InteropServices.RuntimeInformation (>= 4.0)
    Microsoft.NETCore.Platforms (2.2.2)
    Microsoft.NETCore.Targets (2.1)
    Microsoft.Win32.Registry (4.5)
      System.Buffers (>= 4.4) - restriction: || (&& (== netcoreapp2.0) (>= monoandroid) (< netstandard2.0)) (&& (== netcoreapp2.0) (>= monotouch)) (&& (== netcoreapp2.0) (>= xamarinios)) (&& (== netcoreapp2.0) (>= xamarinmac)) (&& (== netcoreapp2.0) (>= xamarintvos)) (&& (== netcoreapp2.0) (>= xamarinwatchos)) (&& (== netcoreapp2.2) (>= monoandroid) (< netstandard2.0)) (&& (== netcoreapp2.2) (>= monotouch)) (&& (== netcoreapp2.2) (< netcoreapp2.0)) (&& (== netcoreapp2.2) (>= xamarinios)) (&& (== netcoreapp2.2) (>= xamarinmac)) (&& (== netcoreapp2.2) (>= xamarintvos)) (&& (== netcoreapp2.2) (>= xamarinwatchos)) (== netstandard2.0)
      System.Memory (>= 4.5) - restriction: || (== netcoreapp2.0) (&& (== netcoreapp2.2) (< netcoreapp2.0)) (&& (== netcoreapp2.2) (< netcoreapp2.1)) (&& (== netcoreapp2.2) (>= uap10.1)) (== netstandard2.0)
      System.Security.AccessControl (>= 4.5)
      System.Security.Principal.Windows (>= 4.5)
    Mono.Cecil (0.11)
    NETStandard.Library (2.0.3)
      Microsoft.NETCore.Platforms (>= 1.1)
    NodaTime (2.4.6)
    runtime.native.System (4.3.1)
      Microsoft.NETCore.Platforms (>= 1.1.1)
      Microsoft.NETCore.Targets (>= 1.1.3)
    System.AppContext (4.3)
      System.Runtime (>= 4.3)
    System.Buffers (4.5) - restriction: || (&& (== netcoreapp2.0) (>= monoandroid) (< netstandard2.0)) (&& (== netcoreapp2.0) (>= monotouch)) (&& (== netcoreapp2.0) (>= xamarinios)) (&& (== netcoreapp2.0) (>= xamarinmac)) (&& (== netcoreapp2.0) (>= xamarintvos)) (&& (== netcoreapp2.0) (>= xamarinwatchos)) (&& (== netcoreapp2.2) (>= monoandroid) (< netstandard2.0)) (&& (== netcoreapp2.2) (>= monotouch)) (&& (== netcoreapp2.2) (< netcoreapp2.0)) (&& (== netcoreapp2.2) (>= xamarinios)) (&& (== netcoreapp2.2) (>= xamarinmac)) (&& (== netcoreapp2.2) (>= xamarintvos)) (&& (== netcoreapp2.2) (>= xamarinwatchos)) (== netstandard2.0)
    System.CodeDom (4.5)
    System.Collections (4.3)
      Microsoft.NETCore.Platforms (>= 1.1)
      Microsoft.NETCore.Targets (>= 1.1)
      System.Runtime (>= 4.3)
    System.Collections.Immutable (1.5)
    System.Diagnostics.Debug (4.3)
      Microsoft.NETCore.Platforms (>= 1.1)
      Microsoft.NETCore.Targets (>= 1.1)
      System.Runtime (>= 4.3)
    System.Diagnostics.FileVersionInfo (4.3)
      Microsoft.NETCore.Platforms (>= 1.1)
      System.Globalization (>= 4.3)
      System.IO (>= 4.3)
      System.IO.FileSystem (>= 4.3)
      System.IO.FileSystem.Primitives (>= 4.3)
      System.Reflection.Metadata (>= 1.4.1)
      System.Runtime (>= 4.3)
      System.Runtime.Extensions (>= 4.3)
      System.Runtime.InteropServices (>= 4.3)
    System.Globalization (4.3)
      Microsoft.NETCore.Platforms (>= 1.1)
      Microsoft.NETCore.Targets (>= 1.1)
      System.Runtime (>= 4.3)
    System.IO (4.3)
      Microsoft.NETCore.Platforms (>= 1.1)
      Microsoft.NETCore.Targets (>= 1.1)
      System.Runtime (>= 4.3)
      System.Text.Encoding (>= 4.3)
      System.Threading.Tasks (>= 4.3)
    System.IO.FileSystem (4.3)
      Microsoft.NETCore.Platforms (>= 1.1)
      Microsoft.NETCore.Targets (>= 1.1)
      System.IO (>= 4.3)
      System.IO.FileSystem.Primitives (>= 4.3)
      System.Runtime (>= 4.3)
      System.Runtime.Handles (>= 4.3)
      System.Text.Encoding (>= 4.3)
      System.Threading.Tasks (>= 4.3)
    System.IO.FileSystem.Primitives (4.3)
      System.Runtime (>= 4.3)
    System.Linq (4.3)
      System.Collections (>= 4.3)
      System.Diagnostics.Debug (>= 4.3)
      System.Resources.ResourceManager (>= 4.3)
      System.Runtime (>= 4.3)
      System.Runtime.Extensions (>= 4.3)
    System.Management (4.5)
      Microsoft.NETCore.Platforms (>= 2.0) - restriction: || (== netcoreapp2.0) (== netcoreapp2.2) (&& (== netstandard2.0) (>= netcoreapp2.0))
      Microsoft.Win32.Registry (>= 4.5) - restriction: || (== netcoreapp2.0) (== netcoreapp2.2) (&& (== netstandard2.0) (>= netcoreapp2.0))
      System.CodeDom (>= 4.5)
    System.Memory (4.5.3)
      System.Buffers (>= 4.4) - restriction: || (&& (== netcoreapp2.0) (>= monotouch)) (&& (== netcoreapp2.0) (>= net461)) (&& (== netcoreapp2.0) (< netstandard1.1)) (&& (== netcoreapp2.0) (< netstandard2.0)) (&& (== netcoreapp2.0) (>= xamarinios)) (&& (== netcoreapp2.0) (>= xamarinmac)) (&& (== netcoreapp2.0) (>= xamarintvos)) (&& (== netcoreapp2.0) (>= xamarinwatchos)) (&& (== netcoreapp2.2) (>= monotouch)) (&& (== netcoreapp2.2) (>= net461)) (&& (== netcoreapp2.2) (< netcoreapp2.0)) (&& (== netcoreapp2.2) (< netstandard1.1)) (&& (== netcoreapp2.2) (< netstandard2.0)) (&& (== netcoreapp2.2) (>= xamarinios)) (&& (== netcoreapp2.2) (>= xamarinmac)) (&& (== netcoreapp2.2) (>= xamarintvos)) (&& (== netcoreapp2.2) (>= xamarinwatchos)) (== netstandard2.0)
      System.Numerics.Vectors (>= 4.4) - restriction: || (&& (== netcoreapp2.0) (>= net461)) (&& (== netcoreapp2.2) (>= net461)) (&& (== netcoreapp2.2) (< netcoreapp2.0)) (== netstandard2.0)
      System.Runtime.CompilerServices.Unsafe (>= 4.5.2) - restriction: || (== netcoreapp2.0) (&& (== netcoreapp2.2) (>= monotouch)) (&& (== netcoreapp2.2) (>= net461)) (&& (== netcoreapp2.2) (< netcoreapp2.0)) (&& (== netcoreapp2.2) (< netcoreapp2.1)) (&& (== netcoreapp2.2) (< netstandard1.1)) (&& (== netcoreapp2.2) (< netstandard2.0)) (&& (== netcoreapp2.2) (>= uap10.1)) (&& (== netcoreapp2.2) (>= xamarinios)) (&& (== netcoreapp2.2) (>= xamarinmac)) (&& (== netcoreapp2.2) (>= xamarintvos)) (&& (== netcoreapp2.2) (>= xamarinwatchos)) (== netstandard2.0)
    System.Numerics.Vectors (4.5) - restriction: || (&& (== netcoreapp2.0) (>= net461)) (&& (== netcoreapp2.2) (>= net461)) (&& (== netcoreapp2.2) (< netcoreapp2.0)) (&& (== netcoreapp2.2) (>= uap10.1)) (== netstandard2.0)
    System.Reflection (4.3)
      Microsoft.NETCore.Platforms (>= 1.1)
      Microsoft.NETCore.Targets (>= 1.1)
      System.IO (>= 4.3)
      System.Reflection.Primitives (>= 4.3)
      System.Runtime (>= 4.3)
    System.Reflection.Emit (4.3)
      System.IO (>= 4.3)
      System.Reflection (>= 4.3)
      System.Reflection.Emit.ILGeneration (>= 4.3)
      System.Reflection.Primitives (>= 4.3)
      System.Runtime (>= 4.3)
    System.Reflection.Emit.ILGeneration (4.3)
      System.Reflection (>= 4.3)
      System.Reflection.Primitives (>= 4.3)
      System.Runtime (>= 4.3)
    System.Reflection.Emit.Lightweight (4.3)
      System.Reflection (>= 4.3)
      System.Reflection.Emit.ILGeneration (>= 4.3)
      System.Reflection.Primitives (>= 4.3)
      System.Runtime (>= 4.3)
    System.Reflection.Extensions (4.3)
      Microsoft.NETCore.Platforms (>= 1.1)
      Microsoft.NETCore.Targets (>= 1.1)
      System.Reflection (>= 4.3)
      System.Runtime (>= 4.3)
    System.Reflection.Metadata (1.6)
      System.Collections.Immutable (>= 1.5) - restriction: || (== netcoreapp2.0) (&& (== netcoreapp2.2) (>= net45)) (&& (== netcoreapp2.2) (< netcoreapp2.1)) (&& (== netcoreapp2.2) (< netstandard1.1)) (&& (== netcoreapp2.2) (< netstandard2.0)) (== netstandard2.0)
    System.Reflection.Primitives (4.3)
      Microsoft.NETCore.Platforms (>= 1.1)
      Microsoft.NETCore.Targets (>= 1.1)
      System.Runtime (>= 4.3)
    System.Reflection.TypeExtensions (4.5.1)
    System.Resources.ResourceManager (4.3)
      Microsoft.NETCore.Platforms (>= 1.1)
      Microsoft.NETCore.Targets (>= 1.1)
      System.Globalization (>= 4.3)
      System.Reflection (>= 4.3)
      System.Runtime (>= 4.3)
    System.Runtime (4.3.1)
      Microsoft.NETCore.Platforms (>= 1.1.1)
      Microsoft.NETCore.Targets (>= 1.1.3)
    System.Runtime.CompilerServices.Unsafe (4.5.2)
    System.Runtime.Extensions (4.3.1)
      Microsoft.NETCore.Platforms (>= 1.1.1)
      Microsoft.NETCore.Targets (>= 1.1.3)
      System.Runtime (>= 4.3.1)
    System.Runtime.Handles (4.3)
      Microsoft.NETCore.Platforms (>= 1.1)
      Microsoft.NETCore.Targets (>= 1.1)
      System.Runtime (>= 4.3)
    System.Runtime.InteropServices (4.3)
      Microsoft.NETCore.Platforms (>= 1.1)
      Microsoft.NETCore.Targets (>= 1.1)
      System.Reflection (>= 4.3)
      System.Reflection.Primitives (>= 4.3)
      System.Runtime (>= 4.3)
      System.Runtime.Handles (>= 4.3)
    System.Runtime.InteropServices.RuntimeInformation (4.3)
      runtime.native.System (>= 4.3)
      System.Reflection (>= 4.3)
      System.Reflection.Extensions (>= 4.3)
      System.Resources.ResourceManager (>= 4.3)
      System.Runtime (>= 4.3)
      System.Runtime.InteropServices (>= 4.3)
      System.Threading (>= 4.3)
    System.Security.AccessControl (4.5)
      Microsoft.NETCore.Platforms (>= 2.0) - restriction: || (== netcoreapp2.0) (== netcoreapp2.2) (&& (== netstandard2.0) (>= netcoreapp2.0))
      System.Security.Principal.Windows (>= 4.5)
    System.Security.Principal.Windows (4.5.1)
      Microsoft.NETCore.Platforms (>= 2.0) - restriction: || (== netcoreapp2.0) (== netcoreapp2.2) (&& (== netstandard2.0) (>= netcoreapp2.0))
    System.Text.Encoding (4.3)
      Microsoft.NETCore.Platforms (>= 1.1)
      Microsoft.NETCore.Targets (>= 1.1)
      System.Runtime (>= 4.3)
    System.Text.Encoding.CodePages (4.5.1)
      Microsoft.NETCore.Platforms (>= 2.1.2) - restriction: || (== netcoreapp2.0) (== netcoreapp2.2) (&& (== netstandard2.0) (>= netcoreapp2.0))
      System.Runtime.CompilerServices.Unsafe (>= 4.5.2)
    System.Text.Encoding.Extensions (4.3)
      Microsoft.NETCore.Platforms (>= 1.1)
      Microsoft.NETCore.Targets (>= 1.1)
      System.Runtime (>= 4.3)
      System.Text.Encoding (>= 4.3)
    System.Text.RegularExpressions (4.3.1)
      System.Collections (>= 4.3) - restriction: || (&& (== netcoreapp2.0) (< netcoreapp1.1)) (&& (== netcoreapp2.2) (< netcoreapp1.1)) (== netstandard2.0)
      System.Globalization (>= 4.3) - restriction: || (&& (== netcoreapp2.0) (< netcoreapp1.1)) (&& (== netcoreapp2.2) (< netcoreapp1.1)) (== netstandard2.0)
      System.Resources.ResourceManager (>= 4.3) - restriction: || (&& (== netcoreapp2.0) (< netcoreapp1.1)) (&& (== netcoreapp2.2) (< netcoreapp1.1)) (== netstandard2.0)
      System.Runtime (>= 4.3.1)
      System.Runtime.Extensions (>= 4.3.1) - restriction: || (&& (== netcoreapp2.0) (< netcoreapp1.1)) (&& (== netcoreapp2.2) (< netcoreapp1.1)) (== netstandard2.0)
      System.Threading (>= 4.3) - restriction: || (&& (== netcoreapp2.0) (< netcoreapp1.1)) (&& (== netcoreapp2.2) (< netcoreapp1.1)) (== netstandard2.0)
    System.Threading (4.3)
      System.Runtime (>= 4.3)
      System.Threading.Tasks (>= 4.3)
    System.Threading.Tasks (4.3)
      Microsoft.NETCore.Platforms (>= 1.1)
      Microsoft.NETCore.Targets (>= 1.1)
      System.Runtime (>= 4.3)
    System.Threading.Tasks.Extensions (4.5.3)
      System.Runtime.CompilerServices.Unsafe (>= 4.5.2) - restriction: || (== netcoreapp2.0) (&& (== netcoreapp2.2) (>= net45)) (&& (== netcoreapp2.2) (< netcoreapp2.1)) (&& (== netcoreapp2.2) (< netstandard1.0)) (&& (== netcoreapp2.2) (< netstandard2.0)) (&& (== netcoreapp2.2) (>= wp8)) (== netstandard2.0)
    System.ValueTuple (4.5)
    System.Xml.ReaderWriter (4.3.1)
      System.Collections (>= 4.3)
      System.Diagnostics.Debug (>= 4.3)
      System.Globalization (>= 4.3)
      System.IO (>= 4.3)
      System.IO.FileSystem (>= 4.3)
      System.IO.FileSystem.Primitives (>= 4.3)
      System.Resources.ResourceManager (>= 4.3)
      System.Runtime (>= 4.3)
      System.Runtime.Extensions (>= 4.3)
      System.Runtime.InteropServices (>= 4.3)
      System.Text.Encoding (>= 4.3)
      System.Text.Encoding.Extensions (>= 4.3)
      System.Text.RegularExpressions (>= 4.3)
      System.Threading.Tasks (>= 4.3)
      System.Threading.Tasks.Extensions (>= 4.3)
    System.Xml.XmlDocument (4.3)
      System.Collections (>= 4.3)
      System.Diagnostics.Debug (>= 4.3)
      System.Globalization (>= 4.3)
      System.IO (>= 4.3)
      System.Resources.ResourceManager (>= 4.3)
      System.Runtime (>= 4.3)
      System.Runtime.Extensions (>= 4.3)
      System.Text.Encoding (>= 4.3)
      System.Threading (>= 4.3)
      System.Xml.ReaderWriter (>= 4.3)
    System.Xml.XmlSerializer (4.3)
      System.Collections (>= 4.3)
      System.Globalization (>= 4.3)
      System.IO (>= 4.3)
      System.Linq (>= 4.3)
      System.Reflection (>= 4.3)
      System.Reflection.Emit (>= 4.3)
      System.Reflection.Emit.ILGeneration (>= 4.3)
      System.Reflection.Extensions (>= 4.3)
      System.Reflection.Primitives (>= 4.3)
      System.Reflection.TypeExtensions (>= 4.3)
      System.Resources.ResourceManager (>= 4.3)
      System.Runtime (>= 4.3)
      System.Runtime.Extensions (>= 4.3)
      System.Text.RegularExpressions (>= 4.3)
      System.Threading (>= 4.3)
      System.Xml.ReaderWriter (>= 4.3)
      System.Xml.XmlDocument (>= 4.3)
    System.Xml.XPath (4.3)
      System.Collections (>= 4.3)
      System.Diagnostics.Debug (>= 4.3)
      System.Globalization (>= 4.3)
      System.IO (>= 4.3)
      System.Resources.ResourceManager (>= 4.3)
      System.Runtime (>= 4.3)
      System.Runtime.Extensions (>= 4.3)
      System.Threading (>= 4.3)
      System.Xml.ReaderWriter (>= 4.3)
    System.Xml.XPath.XmlDocument (4.3)
      System.Collections (>= 4.3)
      System.Globalization (>= 4.3)
      System.IO (>= 4.3)
      System.Resources.ResourceManager (>= 4.3)
      System.Runtime (>= 4.3)
      System.Runtime.Extensions (>= 4.3)
      System.Threading (>= 4.3)
      System.Xml.ReaderWriter (>= 4.3)
      System.Xml.XmlDocument (>= 4.3)
      System.Xml.XPath (>= 4.3)

GROUP Build
STORAGE: NONE
RESTRICTION: || (== netcoreapp2.0) (== netcoreapp2.2) (== netstandard2.0)
NUGET
  remote: https://api.nuget.org/v3/index.json
    BlackFox.VsWhere (1.0)
      FSharp.Core (>= 4.2.3)
    Fake.Api.GitHub (5.15.4)
      FSharp.Core (>= 4.3.4)
      Octokit (>= 0.32)
    Fake.BuildServer.TeamCity (5.15.4)
      Fake.Core.Environment (>= 5.15.4)
      Fake.Core.String (>= 5.15.4)
      Fake.Core.Trace (>= 5.15.4)
      Fake.Core.Xml (>= 5.15.4)
      Fake.IO.FileSystem (>= 5.15.4)
      Fake.Net.Http (>= 5.15.4)
      FSharp.Core (>= 4.3.4)
      System.Diagnostics.FileVersionInfo (>= 4.3)
      System.Diagnostics.Process (>= 4.3)
      System.IO.FileSystem.Watcher (>= 4.3)
      System.Net.Http (>= 4.3.4)
      System.Xml.ReaderWriter (>= 4.3.1)
      System.Xml.XDocument (>= 4.3)
      System.Xml.XmlDocument (>= 4.3)
      System.Xml.XPath (>= 4.3)
      System.Xml.XPath.XDocument (>= 4.3)
      System.Xml.XPath.XmlDocument (>= 4.3)
    Fake.Core.CommandLineParsing (5.15.4)
      FParsec (>= 1.0.3)
      FSharp.Core (>= 4.3.4)
    Fake.Core.Context (5.15.4)
      FSharp.Core (>= 4.3.4)
    Fake.Core.Environment (5.15.4)
      FSharp.Core (>= 4.3.4)
    Fake.Core.FakeVar (5.15.4)
      Fake.Core.Context (>= 5.15.4)
      FSharp.Core (>= 4.3.4)
    Fake.Core.Process (5.15.4)
      Fake.Core.Environment (>= 5.15.4)
      Fake.Core.FakeVar (>= 5.15.4)
      Fake.Core.String (>= 5.15.4)
      Fake.Core.Trace (>= 5.15.4)
      Fake.IO.FileSystem (>= 5.15.4)
      FSharp.Core (>= 4.3.4)
      System.Diagnostics.Process (>= 4.3)
    Fake.Core.ReleaseNotes (5.15.4)
      Fake.Core.SemVer (>= 5.15.4)
      Fake.Core.String (>= 5.15.4)
      FSharp.Core (>= 4.3.4)
    Fake.Core.SemVer (5.15.4)
      FSharp.Core (>= 4.3.4)
      System.Runtime.Numerics (>= 4.3)
    Fake.Core.String (5.15.4)
      FSharp.Core (>= 4.3.4)
    Fake.Core.Target (5.15.4)
      Fake.Core.CommandLineParsing (>= 5.15.4)
      Fake.Core.Context (>= 5.15.4)
      Fake.Core.Environment (>= 5.15.4)
      Fake.Core.FakeVar (>= 5.15.4)
      Fake.Core.Process (>= 5.15.4)
      Fake.Core.String (>= 5.15.4)
      Fake.Core.Trace (>= 5.15.4)
      FSharp.Control.Reactive (>= 4.2)
      FSharp.Core (>= 4.3.4)
      System.Reactive.Compatibility (>= 4.1.5)
    Fake.Core.Tasks (5.15.4)
      Fake.Core.Trace (>= 5.15.4)
      FSharp.Core (>= 4.3.4)
    Fake.Core.Trace (5.15.4)
      Fake.Core.Environment (>= 5.15.4)
      Fake.Core.FakeVar (>= 5.15.4)
      FSharp.Core (>= 4.3.4)
    Fake.Core.Xml (5.15.4)
      Fake.Core.String (>= 5.15.4)
      FSharp.Core (>= 4.3.4)
      System.Xml.ReaderWriter (>= 4.3.1)
      System.Xml.XDocument (>= 4.3)
      System.Xml.XPath (>= 4.3)
      System.Xml.XPath.XDocument (>= 4.3)
      System.Xml.XPath.XmlDocument (>= 4.3)
    Fake.DotNet.AssemblyInfoFile (5.15.4)
      Fake.Core.Environment (>= 5.15.4)
      Fake.Core.String (>= 5.15.4)
      Fake.Core.Trace (>= 5.15.4)
      Fake.IO.FileSystem (>= 5.15.4)
      FSharp.Core (>= 4.3.4)
    Fake.DotNet.Cli (5.15.4)
      Fake.Core.Environment (>= 5.15.4)
      Fake.Core.Process (>= 5.15.4)
      Fake.Core.String (>= 5.15.4)
      Fake.Core.Trace (>= 5.15.4)
      Fake.DotNet.MSBuild (>= 5.15.4)
      Fake.DotNet.NuGet (>= 5.15.4)
      Fake.IO.FileSystem (>= 5.15.4)
      FSharp.Core (>= 4.3.4)
      Newtonsoft.Json (>= 12.0.2)
    Fake.DotNet.MSBuild (5.15.4)
      BlackFox.VsWhere (>= 1.0)
      Fake.Core.Environment (>= 5.15.4)
      Fake.Core.Process (>= 5.15.4)
      Fake.Core.String (>= 5.15.4)
      Fake.Core.Trace (>= 5.15.4)
      Fake.IO.FileSystem (>= 5.15.4)
      FSharp.Core (>= 4.3.4)
      MSBuild.StructuredLogger (>= 2.0.94)
    Fake.DotNet.NuGet (5.15.4)
      Fake.Core.Environment (>= 5.15.4)
      Fake.Core.Process (>= 5.15.4)
      Fake.Core.SemVer (>= 5.15.4)
      Fake.Core.String (>= 5.15.4)
      Fake.Core.Tasks (>= 5.15.4)
      Fake.Core.Trace (>= 5.15.4)
      Fake.Core.Xml (>= 5.15.4)
      Fake.IO.FileSystem (>= 5.15.4)
      Fake.Net.Http (>= 5.15.4)
      FSharp.Core (>= 4.3.4)
      Newtonsoft.Json (>= 12.0.2)
      NuGet.Protocol (>= 4.9.4)
      System.Net.Http (>= 4.3.4)
    Fake.DotNet.Paket (5.15.4)
      Fake.Core.Process (>= 5.15.4)
      Fake.Core.String (>= 5.15.4)
      Fake.Core.Trace (>= 5.15.4)
      Fake.IO.FileSystem (>= 5.15.4)
      FSharp.Core (>= 4.3.4)
    Fake.IO.FileSystem (5.15.4)
      Fake.Core.String (>= 5.15.4)
      FSharp.Core (>= 4.3.4)
      System.Diagnostics.FileVersionInfo (>= 4.3)
      System.IO.FileSystem.Watcher (>= 4.3)
    Fake.IO.Zip (5.15.4)
      Fake.Core.String (>= 5.15.4)
      Fake.IO.FileSystem (>= 5.15.4)
      FSharp.Core (>= 4.3.4)
      System.IO.Compression (>= 4.3)
      System.IO.Compression.ZipFile (>= 4.3)
    Fake.Net.Http (5.15.4)
      Fake.Core.Trace (>= 5.15.4)
      FSharp.Core (>= 4.3.4)
      System.Net.Http (>= 4.3.4)
    Fake.Tools.Git (5.15.4)
      Fake.Core.Environment (>= 5.15.4)
      Fake.Core.Process (>= 5.15.4)
      Fake.Core.SemVer (>= 5.15.4)
      Fake.Core.String (>= 5.15.4)
      Fake.Core.Trace (>= 5.15.4)
      Fake.IO.FileSystem (>= 5.15.4)
      FSharp.Core (>= 4.3.4)
    Fake.Tools.Octo (5.15.4)
      Fake.Core.Environment (>= 5.15.4)
      Fake.Core.Process (>= 5.15.4)
      Fake.IO.FileSystem (>= 5.15.4)
      FSharp.Core (>= 4.3.4)
    FParsec (1.0.3)
      FSharp.Core (>= 4.2.3)
      NETStandard.Library (>= 1.6.1)
    FSharp.Control.Reactive (4.2)
      FSharp.Core (>= 4.2.3)
      System.Reactive (>= 4.0)
    FSharp.Core (4.6.2)
    Microsoft.Build (16.0.461)
      Microsoft.Build.Framework (>= 16.0.461) - restriction: || (&& (== netcoreapp2.0) (>= net472)) (&& (== netcoreapp2.0) (>= netcoreapp2.1)) (== netcoreapp2.2) (&& (== netstandard2.0) (>= net472)) (&& (== netstandard2.0) (>= netcoreapp2.1))
      Microsoft.Win32.Registry (>= 4.3) - restriction: || (&& (== netcoreapp2.0) (>= netcoreapp2.1)) (== netcoreapp2.2) (&& (== netstandard2.0) (>= netcoreapp2.1))
      System.Collections.Immutable (>= 1.5) - restriction: || (&& (== netcoreapp2.0) (>= net472)) (&& (== netcoreapp2.0) (>= netcoreapp2.1)) (== netcoreapp2.2) (&& (== netstandard2.0) (>= net472)) (&& (== netstandard2.0) (>= netcoreapp2.1))
      System.Diagnostics.TraceSource (>= 4.0) - restriction: || (&& (== netcoreapp2.0) (>= netcoreapp2.1)) (== netcoreapp2.2) (&& (== netstandard2.0) (>= netcoreapp2.1))
      System.Reflection.Metadata (>= 1.6) - restriction: || (&& (== netcoreapp2.0) (>= netcoreapp2.1)) (== netcoreapp2.2) (&& (== netstandard2.0) (>= netcoreapp2.1))
      System.Reflection.TypeExtensions (>= 4.1) - restriction: || (&& (== netcoreapp2.0) (>= netcoreapp2.1)) (== netcoreapp2.2) (&& (== netstandard2.0) (>= netcoreapp2.1))
      System.Runtime.Loader (>= 4.0) - restriction: || (&& (== netcoreapp2.0) (>= netcoreapp2.1)) (== netcoreapp2.2) (&& (== netstandard2.0) (>= netcoreapp2.1))
      System.Security.Principal.Windows (>= 4.3) - restriction: || (&& (== netcoreapp2.0) (>= netcoreapp2.1)) (== netcoreapp2.2) (&& (== netstandard2.0) (>= netcoreapp2.1))
      System.Text.Encoding.CodePages (>= 4.0.1) - restriction: || (&& (== netcoreapp2.0) (>= netcoreapp2.1)) (== netcoreapp2.2) (&& (== netstandard2.0) (>= netcoreapp2.1))
      System.Threading.Tasks.Dataflow (>= 4.6) - restriction: || (&& (== netcoreapp2.0) (>= netcoreapp2.1)) (== netcoreapp2.2) (&& (== netstandard2.0) (>= netcoreapp2.1))
    Microsoft.Build.Framework (16.0.461)
      System.Runtime.Serialization.Primitives (>= 4.1.1)
      System.Threading.Thread (>= 4.0)
    Microsoft.Build.Tasks.Core (16.0.461)
      Microsoft.Build.Framework (>= 16.0.461)
      Microsoft.Build.Utilities.Core (>= 16.0.461)
      Microsoft.Win32.Registry (>= 4.3)
      System.CodeDom (>= 4.4)
      System.Collections.Immutable (>= 1.5)
      System.Linq.Parallel (>= 4.0.1)
      System.Net.Http (>= 4.3)
      System.Reflection.Metadata (>= 1.6)
      System.Reflection.TypeExtensions (>= 4.1)
      System.Resources.Writer (>= 4.0)
      System.Threading.Tasks.Dataflow (>= 4.6)
    Microsoft.Build.Utilities.Core (16.0.461)
      Microsoft.Build.Framework (>= 16.0.461)
      Microsoft.Win32.Registry (>= 4.3)
      System.Collections.Immutable (>= 1.5)
      System.Text.Encoding.CodePages (>= 4.0.1)
    Microsoft.NETCore.Platforms (2.2.2)
    Microsoft.NETCore.Targets (2.1)
    Microsoft.Win32.Primitives (4.3)
      Microsoft.NETCore.Platforms (>= 1.1)
      Microsoft.NETCore.Targets (>= 1.1)
      System.Runtime (>= 4.3)
    Microsoft.Win32.Registry (4.5)
      System.Buffers (>= 4.4) - restriction: || (&& (== netcoreapp2.0) (>= monoandroid) (< netstandard2.0)) (&& (== netcoreapp2.0) (>= monotouch)) (&& (== netcoreapp2.0) (>= xamarinios)) (&& (== netcoreapp2.0) (>= xamarinmac)) (&& (== netcoreapp2.0) (>= xamarintvos)) (&& (== netcoreapp2.0) (>= xamarinwatchos)) (&& (== netcoreapp2.2) (>= monoandroid) (< netstandard2.0)) (&& (== netcoreapp2.2) (>= monotouch)) (&& (== netcoreapp2.2) (< netcoreapp2.0)) (&& (== netcoreapp2.2) (>= xamarinios)) (&& (== netcoreapp2.2) (>= xamarinmac)) (&& (== netcoreapp2.2) (>= xamarintvos)) (&& (== netcoreapp2.2) (>= xamarinwatchos)) (== netstandard2.0)
      System.Memory (>= 4.5) - restriction: || (== netcoreapp2.0) (&& (== netcoreapp2.2) (< netcoreapp2.0)) (&& (== netcoreapp2.2) (< netcoreapp2.1)) (&& (== netcoreapp2.2) (>= uap10.1)) (== netstandard2.0)
      System.Security.AccessControl (>= 4.5)
      System.Security.Principal.Windows (>= 4.5)
    MSBuild.StructuredLogger (2.0.94)
      Microsoft.Build (>= 15.8.166)
      Microsoft.Build.Framework (>= 15.8.166)
      Microsoft.Build.Tasks.Core (>= 15.8.166)
      Microsoft.Build.Utilities.Core (>= 15.8.166)
    NETStandard.Library (2.0.3)
      Microsoft.NETCore.Platforms (>= 1.1)
    Newtonsoft.Json (12.0.2)
    NuGet.Common (5.2)
      NuGet.Frameworks (>= 5.2)
      System.Diagnostics.Process (>= 4.3)
      System.Threading.Thread (>= 4.3)
    NuGet.Configuration (5.2)
      NuGet.Common (>= 5.2)
      System.Security.Cryptography.ProtectedData (>= 4.3)
    NuGet.Frameworks (5.2)
    NuGet.Packaging (5.2)
      Newtonsoft.Json (>= 9.0.1)
      NuGet.Configuration (>= 5.2)
      NuGet.Versioning (>= 5.2)
      System.Dynamic.Runtime (>= 4.3)
    NuGet.Protocol (5.2)
      NuGet.Packaging (>= 5.2)
      System.Dynamic.Runtime (>= 4.3)
    NuGet.Versioning (5.2)
    Octokit (0.32)
      NETStandard.Library (>= 1.6)
    runtime.debian.8-x64.runtime.native.System.Security.Cryptography.OpenSsl (4.3.3)
    runtime.debian.9-x64.runtime.native.System.Security.Cryptography.OpenSsl (4.3.3)
    runtime.fedora.23-x64.runtime.native.System.Security.Cryptography.OpenSsl (4.3.3)
    runtime.fedora.24-x64.runtime.native.System.Security.Cryptography.OpenSsl (4.3.3)
    runtime.fedora.27-x64.runtime.native.System.Security.Cryptography.OpenSsl (4.3.3)
    runtime.fedora.28-x64.runtime.native.System.Security.Cryptography.OpenSsl (4.3.3)
    runtime.native.System (4.3.1)
      Microsoft.NETCore.Platforms (>= 1.1.1)
      Microsoft.NETCore.Targets (>= 1.1.3)
    runtime.native.System.IO.Compression (4.3.2)
      Microsoft.NETCore.Platforms (>= 1.1.1)
      Microsoft.NETCore.Targets (>= 1.1.3)
    runtime.native.System.Net.Http (4.3.1)
      Microsoft.NETCore.Platforms (>= 1.1.1)
      Microsoft.NETCore.Targets (>= 1.1.3)
    runtime.native.System.Security.Cryptography.Apple (4.3.1)
      runtime.osx.10.10-x64.runtime.native.System.Security.Cryptography.Apple (>= 4.3.1)
    runtime.native.System.Security.Cryptography.OpenSsl (4.3.3)
      runtime.debian.8-x64.runtime.native.System.Security.Cryptography.OpenSsl (>= 4.3.3)
      runtime.debian.9-x64.runtime.native.System.Security.Cryptography.OpenSsl (>= 4.3.3)
      runtime.fedora.23-x64.runtime.native.System.Security.Cryptography.OpenSsl (>= 4.3.3)
      runtime.fedora.24-x64.runtime.native.System.Security.Cryptography.OpenSsl (>= 4.3.3)
      runtime.fedora.27-x64.runtime.native.System.Security.Cryptography.OpenSsl (>= 4.3.3)
      runtime.fedora.28-x64.runtime.native.System.Security.Cryptography.OpenSsl (>= 4.3.3)
      runtime.opensuse.13.2-x64.runtime.native.System.Security.Cryptography.OpenSsl (>= 4.3.3)
      runtime.opensuse.42.1-x64.runtime.native.System.Security.Cryptography.OpenSsl (>= 4.3.3)
      runtime.opensuse.42.3-x64.runtime.native.System.Security.Cryptography.OpenSsl (>= 4.3.3)
      runtime.osx.10.10-x64.runtime.native.System.Security.Cryptography.OpenSsl (>= 4.3.3)
      runtime.rhel.7-x64.runtime.native.System.Security.Cryptography.OpenSsl (>= 4.3.3)
      runtime.ubuntu.14.04-x64.runtime.native.System.Security.Cryptography.OpenSsl (>= 4.3.3)
      runtime.ubuntu.16.04-x64.runtime.native.System.Security.Cryptography.OpenSsl (>= 4.3.3)
      runtime.ubuntu.16.10-x64.runtime.native.System.Security.Cryptography.OpenSsl (>= 4.3.3)
      runtime.ubuntu.18.04-x64.runtime.native.System.Security.Cryptography.OpenSsl (>= 4.3.3)
    runtime.opensuse.13.2-x64.runtime.native.System.Security.Cryptography.OpenSsl (4.3.3)
    runtime.opensuse.42.1-x64.runtime.native.System.Security.Cryptography.OpenSsl (4.3.3)
    runtime.opensuse.42.3-x64.runtime.native.System.Security.Cryptography.OpenSsl (4.3.3)
    runtime.osx.10.10-x64.runtime.native.System.Security.Cryptography.Apple (4.3.1)
    runtime.osx.10.10-x64.runtime.native.System.Security.Cryptography.OpenSsl (4.3.3)
    runtime.rhel.7-x64.runtime.native.System.Security.Cryptography.OpenSsl (4.3.3)
    runtime.ubuntu.14.04-x64.runtime.native.System.Security.Cryptography.OpenSsl (4.3.3)
    runtime.ubuntu.16.04-x64.runtime.native.System.Security.Cryptography.OpenSsl (4.3.3)
    runtime.ubuntu.16.10-x64.runtime.native.System.Security.Cryptography.OpenSsl (4.3.3)
    runtime.ubuntu.18.04-x64.runtime.native.System.Security.Cryptography.OpenSsl (4.3.3)
    System.Buffers (4.5)
    System.CodeDom (4.5)
    System.Collections (4.3)
      Microsoft.NETCore.Platforms (>= 1.1)
      Microsoft.NETCore.Targets (>= 1.1)
      System.Runtime (>= 4.3)
    System.Collections.Concurrent (4.3)
      System.Collections (>= 4.3)
      System.Diagnostics.Debug (>= 4.3)
      System.Diagnostics.Tracing (>= 4.3)
      System.Globalization (>= 4.3)
      System.Reflection (>= 4.3)
      System.Resources.ResourceManager (>= 4.3)
      System.Runtime (>= 4.3)
      System.Runtime.Extensions (>= 4.3)
      System.Threading (>= 4.3)
      System.Threading.Tasks (>= 4.3)
    System.Collections.Immutable (1.5)
    System.Diagnostics.Debug (4.3)
      Microsoft.NETCore.Platforms (>= 1.1)
      Microsoft.NETCore.Targets (>= 1.1)
      System.Runtime (>= 4.3)
    System.Diagnostics.DiagnosticSource (4.5.1)
    System.Diagnostics.FileVersionInfo (4.3)
      Microsoft.NETCore.Platforms (>= 1.1)
      System.Globalization (>= 4.3)
      System.IO (>= 4.3)
      System.IO.FileSystem (>= 4.3)
      System.IO.FileSystem.Primitives (>= 4.3)
      System.Reflection.Metadata (>= 1.4.1)
      System.Runtime (>= 4.3)
      System.Runtime.Extensions (>= 4.3)
      System.Runtime.InteropServices (>= 4.3)
    System.Diagnostics.Process (4.3)
      Microsoft.NETCore.Platforms (>= 1.1)
      Microsoft.Win32.Primitives (>= 4.3)
      Microsoft.Win32.Registry (>= 4.3)
      runtime.native.System (>= 4.3)
      System.Collections (>= 4.3)
      System.Diagnostics.Debug (>= 4.3)
      System.Globalization (>= 4.3)
      System.IO (>= 4.3)
      System.IO.FileSystem (>= 4.3)
      System.IO.FileSystem.Primitives (>= 4.3)
      System.Resources.ResourceManager (>= 4.3)
      System.Runtime (>= 4.3)
      System.Runtime.Extensions (>= 4.3)
      System.Runtime.Handles (>= 4.3)
      System.Runtime.InteropServices (>= 4.3)
      System.Text.Encoding (>= 4.3)
      System.Text.Encoding.Extensions (>= 4.3)
      System.Threading (>= 4.3)
      System.Threading.Tasks (>= 4.3)
      System.Threading.Thread (>= 4.3)
      System.Threading.ThreadPool (>= 4.3)
    System.Diagnostics.Tools (4.3)
      Microsoft.NETCore.Platforms (>= 1.1)
      Microsoft.NETCore.Targets (>= 1.1)
      System.Runtime (>= 4.3)
    System.Diagnostics.TraceSource (4.3) - restriction: || (&& (== netcoreapp2.0) (>= netcoreapp2.1)) (== netcoreapp2.2) (&& (== netstandard2.0) (>= netcoreapp2.1))
      Microsoft.NETCore.Platforms (>= 1.1)
      runtime.native.System (>= 4.3)
      System.Collections (>= 4.3)
      System.Diagnostics.Debug (>= 4.3)
      System.Globalization (>= 4.3)
      System.Resources.ResourceManager (>= 4.3)
      System.Runtime (>= 4.3)
      System.Runtime.Extensions (>= 4.3)
      System.Threading (>= 4.3)
    System.Diagnostics.Tracing (4.3)
      Microsoft.NETCore.Platforms (>= 1.1)
      Microsoft.NETCore.Targets (>= 1.1)
      System.Runtime (>= 4.3)
    System.Dynamic.Runtime (4.3)
      System.Collections (>= 4.3)
      System.Diagnostics.Debug (>= 4.3)
      System.Linq (>= 4.3)
      System.Linq.Expressions (>= 4.3)
      System.ObjectModel (>= 4.3)
      System.Reflection (>= 4.3)
      System.Reflection.Emit (>= 4.3)
      System.Reflection.Emit.ILGeneration (>= 4.3)
      System.Reflection.Primitives (>= 4.3)
      System.Reflection.TypeExtensions (>= 4.3)
      System.Resources.ResourceManager (>= 4.3)
      System.Runtime (>= 4.3)
      System.Runtime.Extensions (>= 4.3)
      System.Threading (>= 4.3)
    System.Globalization (4.3)
      Microsoft.NETCore.Platforms (>= 1.1)
      Microsoft.NETCore.Targets (>= 1.1)
      System.Runtime (>= 4.3)
    System.Globalization.Calendars (4.3)
      Microsoft.NETCore.Platforms (>= 1.1)
      Microsoft.NETCore.Targets (>= 1.1)
      System.Globalization (>= 4.3)
      System.Runtime (>= 4.3)
    System.Globalization.Extensions (4.3)
      Microsoft.NETCore.Platforms (>= 1.1)
      System.Globalization (>= 4.3)
      System.Resources.ResourceManager (>= 4.3)
      System.Runtime (>= 4.3)
      System.Runtime.Extensions (>= 4.3)
      System.Runtime.InteropServices (>= 4.3)
    System.IO (4.3)
      Microsoft.NETCore.Platforms (>= 1.1)
      Microsoft.NETCore.Targets (>= 1.1)
      System.Runtime (>= 4.3)
      System.Text.Encoding (>= 4.3)
      System.Threading.Tasks (>= 4.3)
    System.IO.Compression (4.3)
      Microsoft.NETCore.Platforms (>= 1.1)
      runtime.native.System (>= 4.3)
      runtime.native.System.IO.Compression (>= 4.3)
      System.Buffers (>= 4.3)
      System.Collections (>= 4.3)
      System.Diagnostics.Debug (>= 4.3)
      System.IO (>= 4.3)
      System.Resources.ResourceManager (>= 4.3)
      System.Runtime (>= 4.3)
      System.Runtime.Extensions (>= 4.3)
      System.Runtime.Handles (>= 4.3)
      System.Runtime.InteropServices (>= 4.3)
      System.Text.Encoding (>= 4.3)
      System.Threading (>= 4.3)
      System.Threading.Tasks (>= 4.3)
    System.IO.Compression.ZipFile (4.3)
      System.Buffers (>= 4.3)
      System.IO (>= 4.3)
      System.IO.Compression (>= 4.3)
      System.IO.FileSystem (>= 4.3)
      System.IO.FileSystem.Primitives (>= 4.3)
      System.Resources.ResourceManager (>= 4.3)
      System.Runtime (>= 4.3)
      System.Runtime.Extensions (>= 4.3)
      System.Text.Encoding (>= 4.3)
    System.IO.FileSystem (4.3)
      Microsoft.NETCore.Platforms (>= 1.1)
      Microsoft.NETCore.Targets (>= 1.1)
      System.IO (>= 4.3)
      System.IO.FileSystem.Primitives (>= 4.3)
      System.Runtime (>= 4.3)
      System.Runtime.Handles (>= 4.3)
      System.Text.Encoding (>= 4.3)
      System.Threading.Tasks (>= 4.3)
    System.IO.FileSystem.Primitives (4.3)
      System.Runtime (>= 4.3)
    System.IO.FileSystem.Watcher (4.3)
      Microsoft.NETCore.Platforms (>= 1.1)
      Microsoft.Win32.Primitives (>= 4.3)
      runtime.native.System (>= 4.3)
      System.Collections (>= 4.3)
      System.IO.FileSystem (>= 4.3)
      System.IO.FileSystem.Primitives (>= 4.3)
      System.Resources.ResourceManager (>= 4.3)
      System.Runtime (>= 4.3)
      System.Runtime.Extensions (>= 4.3)
      System.Runtime.Handles (>= 4.3)
      System.Runtime.InteropServices (>= 4.3)
      System.Text.Encoding (>= 4.3)
      System.Threading (>= 4.3)
      System.Threading.Overlapped (>= 4.3)
      System.Threading.Tasks (>= 4.3)
      System.Threading.Thread (>= 4.3)
    System.Linq (4.3)
      System.Collections (>= 4.3)
      System.Diagnostics.Debug (>= 4.3)
      System.Resources.ResourceManager (>= 4.3)
      System.Runtime (>= 4.3)
      System.Runtime.Extensions (>= 4.3)
    System.Linq.Expressions (4.3)
      System.Collections (>= 4.3)
      System.Diagnostics.Debug (>= 4.3)
      System.Globalization (>= 4.3)
      System.IO (>= 4.3)
      System.Linq (>= 4.3)
      System.ObjectModel (>= 4.3)
      System.Reflection (>= 4.3)
      System.Reflection.Emit (>= 4.3)
      System.Reflection.Emit.ILGeneration (>= 4.3)
      System.Reflection.Emit.Lightweight (>= 4.3)
      System.Reflection.Extensions (>= 4.3)
      System.Reflection.Primitives (>= 4.3)
      System.Reflection.TypeExtensions (>= 4.3)
      System.Resources.ResourceManager (>= 4.3)
      System.Runtime (>= 4.3)
      System.Runtime.Extensions (>= 4.3)
      System.Threading (>= 4.3)
    System.Linq.Parallel (4.3)
      System.Collections (>= 4.3)
      System.Collections.Concurrent (>= 4.3)
      System.Diagnostics.Debug (>= 4.3)
      System.Diagnostics.Tracing (>= 4.3)
      System.Linq (>= 4.3)
      System.Resources.ResourceManager (>= 4.3)
      System.Runtime (>= 4.3)
      System.Runtime.Extensions (>= 4.3)
      System.Threading (>= 4.3)
      System.Threading.Tasks (>= 4.3)
    System.Memory (4.5.3) - restriction: || (== netcoreapp2.0) (&& (== netcoreapp2.2) (< netcoreapp2.0)) (&& (== netcoreapp2.2) (< netcoreapp2.1)) (&& (== netcoreapp2.2) (>= uap10.1)) (== netstandard2.0)
      System.Buffers (>= 4.4) - restriction: || (&& (== netcoreapp2.0) (>= monotouch)) (&& (== netcoreapp2.0) (>= net461)) (&& (== netcoreapp2.0) (< netstandard1.1)) (&& (== netcoreapp2.0) (< netstandard2.0)) (&& (== netcoreapp2.0) (>= xamarinios)) (&& (== netcoreapp2.0) (>= xamarinmac)) (&& (== netcoreapp2.0) (>= xamarintvos)) (&& (== netcoreapp2.0) (>= xamarinwatchos)) (&& (== netcoreapp2.2) (>= monotouch)) (&& (== netcoreapp2.2) (>= net461)) (&& (== netcoreapp2.2) (< netcoreapp2.0)) (&& (== netcoreapp2.2) (< netstandard1.1)) (&& (== netcoreapp2.2) (< netstandard2.0)) (&& (== netcoreapp2.2) (>= xamarinios)) (&& (== netcoreapp2.2) (>= xamarinmac)) (&& (== netcoreapp2.2) (>= xamarintvos)) (&& (== netcoreapp2.2) (>= xamarinwatchos)) (== netstandard2.0)
      System.Numerics.Vectors (>= 4.4) - restriction: || (&& (== netcoreapp2.0) (>= net461)) (&& (== netcoreapp2.2) (>= net461)) (&& (== netcoreapp2.2) (< netcoreapp2.0)) (== netstandard2.0)
      System.Runtime.CompilerServices.Unsafe (>= 4.5.2) - restriction: || (== netcoreapp2.0) (&& (== netcoreapp2.2) (>= monotouch)) (&& (== netcoreapp2.2) (>= net461)) (&& (== netcoreapp2.2) (< netcoreapp2.0)) (&& (== netcoreapp2.2) (< netcoreapp2.1)) (&& (== netcoreapp2.2) (< netstandard1.1)) (&& (== netcoreapp2.2) (< netstandard2.0)) (&& (== netcoreapp2.2) (>= uap10.1)) (&& (== netcoreapp2.2) (>= xamarinios)) (&& (== netcoreapp2.2) (>= xamarinmac)) (&& (== netcoreapp2.2) (>= xamarintvos)) (&& (== netcoreapp2.2) (>= xamarinwatchos)) (== netstandard2.0)
    System.Net.Http (4.3.4)
      Microsoft.NETCore.Platforms (>= 1.1.1)
      runtime.native.System (>= 4.3)
      runtime.native.System.Net.Http (>= 4.3)
      runtime.native.System.Security.Cryptography.OpenSsl (>= 4.3.2)
      System.Collections (>= 4.3)
      System.Diagnostics.Debug (>= 4.3)
      System.Diagnostics.DiagnosticSource (>= 4.3)
      System.Diagnostics.Tracing (>= 4.3)
      System.Globalization (>= 4.3)
      System.Globalization.Extensions (>= 4.3)
      System.IO (>= 4.3)
      System.IO.FileSystem (>= 4.3)
      System.Net.Primitives (>= 4.3)
      System.Resources.ResourceManager (>= 4.3)
      System.Runtime (>= 4.3)
      System.Runtime.Extensions (>= 4.3)
      System.Runtime.Handles (>= 4.3)
      System.Runtime.InteropServices (>= 4.3)
      System.Security.Cryptography.Algorithms (>= 4.3)
      System.Security.Cryptography.Encoding (>= 4.3)
      System.Security.Cryptography.OpenSsl (>= 4.3)
      System.Security.Cryptography.Primitives (>= 4.3)
      System.Security.Cryptography.X509Certificates (>= 4.3)
      System.Text.Encoding (>= 4.3)
      System.Threading (>= 4.3)
      System.Threading.Tasks (>= 4.3)
    System.Net.Primitives (4.3.1)
      Microsoft.NETCore.Platforms (>= 1.1.1)
      Microsoft.NETCore.Targets (>= 1.1.3)
      System.Runtime (>= 4.3.1)
      System.Runtime.Handles (>= 4.3)
    System.Numerics.Vectors (4.5) - restriction: || (&& (== netcoreapp2.0) (>= net461)) (&& (== netcoreapp2.2) (>= net461)) (&& (== netcoreapp2.2) (< netcoreapp2.0)) (&& (== netcoreapp2.2) (>= uap10.1)) (== netstandard2.0)
    System.ObjectModel (4.3)
      System.Collections (>= 4.3)
      System.Diagnostics.Debug (>= 4.3)
      System.Resources.ResourceManager (>= 4.3)
      System.Runtime (>= 4.3)
      System.Threading (>= 4.3)
    System.Reactive (4.1.6)
      System.Runtime.InteropServices.WindowsRuntime (>= 4.3)
      System.Threading.Tasks.Extensions (>= 4.5.2)
    System.Reactive.Compatibility (4.1.6)
      System.Reactive.Core (>= 4.1.6)
      System.Reactive.Interfaces (>= 4.1.6)
      System.Reactive.Linq (>= 4.1.6)
      System.Reactive.PlatformServices (>= 4.1.6)
      System.Reactive.Providers (>= 4.1.6)
    System.Reactive.Core (4.1.6)
      System.Reactive (>= 4.1.6)
      System.Threading.Tasks.Extensions (>= 4.5.2)
    System.Reactive.Interfaces (4.1.6)
      System.Reactive (>= 4.1.6)
      System.Threading.Tasks.Extensions (>= 4.5.2)
    System.Reactive.Linq (4.1.6)
      System.Reactive (>= 4.1.6)
      System.Threading.Tasks.Extensions (>= 4.5.2)
    System.Reactive.PlatformServices (4.1.6)
      System.Reactive (>= 4.1.6)
      System.Threading.Tasks.Extensions (>= 4.5.2)
    System.Reactive.Providers (4.1.6)
      System.Reactive (>= 4.1.6)
      System.Threading.Tasks.Extensions (>= 4.5.2)
    System.Reflection (4.3)
      Microsoft.NETCore.Platforms (>= 1.1)
      Microsoft.NETCore.Targets (>= 1.1)
      System.IO (>= 4.3)
      System.Reflection.Primitives (>= 4.3)
      System.Runtime (>= 4.3)
    System.Reflection.Emit (4.3)
      System.IO (>= 4.3)
      System.Reflection (>= 4.3)
      System.Reflection.Emit.ILGeneration (>= 4.3)
      System.Reflection.Primitives (>= 4.3)
      System.Runtime (>= 4.3)
    System.Reflection.Emit.ILGeneration (4.3)
      System.Reflection (>= 4.3)
      System.Reflection.Primitives (>= 4.3)
      System.Runtime (>= 4.3)
    System.Reflection.Emit.Lightweight (4.3)
      System.Reflection (>= 4.3)
      System.Reflection.Emit.ILGeneration (>= 4.3)
      System.Reflection.Primitives (>= 4.3)
      System.Runtime (>= 4.3)
    System.Reflection.Extensions (4.3)
      Microsoft.NETCore.Platforms (>= 1.1)
      Microsoft.NETCore.Targets (>= 1.1)
      System.Reflection (>= 4.3)
      System.Runtime (>= 4.3)
    System.Reflection.Metadata (1.6)
      System.Collections.Immutable (>= 1.5) - restriction: || (== netcoreapp2.0) (&& (== netcoreapp2.2) (>= net45)) (&& (== netcoreapp2.2) (< netcoreapp2.1)) (&& (== netcoreapp2.2) (< netstandard1.1)) (&& (== netcoreapp2.2) (< netstandard2.0)) (== netstandard2.0)
    System.Reflection.Primitives (4.3)
      Microsoft.NETCore.Platforms (>= 1.1)
      Microsoft.NETCore.Targets (>= 1.1)
      System.Runtime (>= 4.3)
    System.Reflection.TypeExtensions (4.5.1)
    System.Resources.ResourceManager (4.3)
      Microsoft.NETCore.Platforms (>= 1.1)
      Microsoft.NETCore.Targets (>= 1.1)
      System.Globalization (>= 4.3)
      System.Reflection (>= 4.3)
      System.Runtime (>= 4.3)
    System.Resources.Writer (4.3)
      System.Collections (>= 4.3)
      System.IO (>= 4.3)
      System.Resources.ResourceManager (>= 4.3)
      System.Runtime (>= 4.3)
      System.Runtime.Extensions (>= 4.3)
      System.Text.Encoding (>= 4.3)
    System.Runtime (4.3.1)
      Microsoft.NETCore.Platforms (>= 1.1.1)
      Microsoft.NETCore.Targets (>= 1.1.3)
    System.Runtime.CompilerServices.Unsafe (4.5.2)
    System.Runtime.Extensions (4.3.1)
      Microsoft.NETCore.Platforms (>= 1.1.1)
      Microsoft.NETCore.Targets (>= 1.1.3)
      System.Runtime (>= 4.3.1)
    System.Runtime.Handles (4.3)
      Microsoft.NETCore.Platforms (>= 1.1)
      Microsoft.NETCore.Targets (>= 1.1)
      System.Runtime (>= 4.3)
    System.Runtime.InteropServices (4.3)
      Microsoft.NETCore.Platforms (>= 1.1)
      Microsoft.NETCore.Targets (>= 1.1)
      System.Reflection (>= 4.3)
      System.Reflection.Primitives (>= 4.3)
      System.Runtime (>= 4.3)
      System.Runtime.Handles (>= 4.3)
    System.Runtime.InteropServices.WindowsRuntime (4.3)
      System.Runtime (>= 4.3)
    System.Runtime.Loader (4.3) - restriction: || (&& (== netcoreapp2.0) (>= netcoreapp2.1)) (== netcoreapp2.2) (&& (== netstandard2.0) (>= netcoreapp2.1))
      System.IO (>= 4.3)
      System.Reflection (>= 4.3)
      System.Runtime (>= 4.3)
    System.Runtime.Numerics (4.3)
      System.Globalization (>= 4.3)
      System.Resources.ResourceManager (>= 4.3)
      System.Runtime (>= 4.3)
      System.Runtime.Extensions (>= 4.3)
    System.Runtime.Serialization.Primitives (4.3)
      System.Resources.ResourceManager (>= 4.3)
      System.Runtime (>= 4.3)
    System.Security.AccessControl (4.5)
      Microsoft.NETCore.Platforms (>= 2.0) - restriction: || (== netcoreapp2.0) (== netcoreapp2.2) (&& (== netstandard2.0) (>= netcoreapp2.0))
      System.Security.Principal.Windows (>= 4.5)
    System.Security.Cryptography.Algorithms (4.3.1)
      Microsoft.NETCore.Platforms (>= 1.1)
      runtime.native.System.Security.Cryptography.Apple (>= 4.3.1)
      runtime.native.System.Security.Cryptography.OpenSsl (>= 4.3.2)
      System.Collections (>= 4.3)
      System.IO (>= 4.3)
      System.Resources.ResourceManager (>= 4.3)
      System.Runtime (>= 4.3)
      System.Runtime.Extensions (>= 4.3)
      System.Runtime.Handles (>= 4.3)
      System.Runtime.InteropServices (>= 4.3)
      System.Runtime.Numerics (>= 4.3)
      System.Security.Cryptography.Encoding (>= 4.3)
      System.Security.Cryptography.Primitives (>= 4.3)
      System.Text.Encoding (>= 4.3)
    System.Security.Cryptography.Cng (4.5)
      Microsoft.NETCore.Platforms (>= 2.0) - restriction: || (== netcoreapp2.0) (&& (== netcoreapp2.2) (== netstandard2.0)) (&& (== netcoreapp2.2) (< netcoreapp2.1)) (&& (== netstandard2.0) (>= netcoreapp2.0))
    System.Security.Cryptography.Csp (4.3)
      Microsoft.NETCore.Platforms (>= 1.1)
      System.IO (>= 4.3)
      System.Reflection (>= 4.3)
      System.Resources.ResourceManager (>= 4.3)
      System.Runtime (>= 4.3)
      System.Runtime.Extensions (>= 4.3)
      System.Runtime.Handles (>= 4.3)
      System.Runtime.InteropServices (>= 4.3)
      System.Security.Cryptography.Algorithms (>= 4.3)
      System.Security.Cryptography.Encoding (>= 4.3)
      System.Security.Cryptography.Primitives (>= 4.3)
      System.Text.Encoding (>= 4.3)
      System.Threading (>= 4.3)
    System.Security.Cryptography.Encoding (4.3)
      Microsoft.NETCore.Platforms (>= 1.1)
      runtime.native.System.Security.Cryptography.OpenSsl (>= 4.3)
      System.Collections (>= 4.3)
      System.Collections.Concurrent (>= 4.3)
      System.Linq (>= 4.3)
      System.Resources.ResourceManager (>= 4.3)
      System.Runtime (>= 4.3)
      System.Runtime.Extensions (>= 4.3)
      System.Runtime.Handles (>= 4.3)
      System.Runtime.InteropServices (>= 4.3)
      System.Security.Cryptography.Primitives (>= 4.3)
      System.Text.Encoding (>= 4.3)
    System.Security.Cryptography.OpenSsl (4.5.1)
      Microsoft.NETCore.Platforms (>= 2.1.2) - restriction: || (== netcoreapp2.0) (&& (== netcoreapp2.2) (== netstandard2.0)) (&& (== netcoreapp2.2) (< netcoreapp2.1)) (&& (== netstandard2.0) (>= netcoreapp2.0))
    System.Security.Cryptography.Primitives (4.3)
      System.Diagnostics.Debug (>= 4.3)
      System.Globalization (>= 4.3)
      System.IO (>= 4.3)
      System.Resources.ResourceManager (>= 4.3)
      System.Runtime (>= 4.3)
      System.Threading (>= 4.3)
      System.Threading.Tasks (>= 4.3)
    System.Security.Cryptography.ProtectedData (4.5)
      System.Memory (>= 4.5) - restriction: || (== netcoreapp2.0) (&& (== netcoreapp2.2) (< netcoreapp2.1)) (== netstandard2.0)
    System.Security.Cryptography.X509Certificates (4.3.2)
      Microsoft.NETCore.Platforms (>= 1.1)
      runtime.native.System (>= 4.3)
      runtime.native.System.Net.Http (>= 4.3)
      runtime.native.System.Security.Cryptography.OpenSsl (>= 4.3.2)
      System.Collections (>= 4.3)
      System.Diagnostics.Debug (>= 4.3)
      System.Globalization (>= 4.3)
      System.Globalization.Calendars (>= 4.3)
      System.IO (>= 4.3)
      System.IO.FileSystem (>= 4.3)
      System.IO.FileSystem.Primitives (>= 4.3)
      System.Resources.ResourceManager (>= 4.3)
      System.Runtime (>= 4.3)
      System.Runtime.Extensions (>= 4.3)
      System.Runtime.Handles (>= 4.3)
      System.Runtime.InteropServices (>= 4.3)
      System.Runtime.Numerics (>= 4.3)
      System.Security.Cryptography.Algorithms (>= 4.3)
      System.Security.Cryptography.Cng (>= 4.3)
      System.Security.Cryptography.Csp (>= 4.3)
      System.Security.Cryptography.Encoding (>= 4.3)
      System.Security.Cryptography.OpenSsl (>= 4.3)
      System.Security.Cryptography.Primitives (>= 4.3)
      System.Text.Encoding (>= 4.3)
      System.Threading (>= 4.3)
    System.Security.Principal.Windows (4.5.1)
      Microsoft.NETCore.Platforms (>= 2.0) - restriction: || (== netcoreapp2.0) (== netcoreapp2.2) (&& (== netstandard2.0) (>= netcoreapp2.0))
    System.Text.Encoding (4.3)
      Microsoft.NETCore.Platforms (>= 1.1)
      Microsoft.NETCore.Targets (>= 1.1)
      System.Runtime (>= 4.3)
    System.Text.Encoding.CodePages (4.5.1)
      Microsoft.NETCore.Platforms (>= 2.1.2) - restriction: || (== netcoreapp2.0) (== netcoreapp2.2) (&& (== netstandard2.0) (>= netcoreapp2.0))
      System.Runtime.CompilerServices.Unsafe (>= 4.5.2)
    System.Text.Encoding.Extensions (4.3)
      Microsoft.NETCore.Platforms (>= 1.1)
      Microsoft.NETCore.Targets (>= 1.1)
      System.Runtime (>= 4.3)
      System.Text.Encoding (>= 4.3)
    System.Text.RegularExpressions (4.3.1)
      System.Collections (>= 4.3) - restriction: || (&& (== netcoreapp2.0) (< netcoreapp1.1)) (&& (== netcoreapp2.2) (< netcoreapp1.1)) (== netstandard2.0)
      System.Globalization (>= 4.3) - restriction: || (&& (== netcoreapp2.0) (< netcoreapp1.1)) (&& (== netcoreapp2.2) (< netcoreapp1.1)) (== netstandard2.0)
      System.Resources.ResourceManager (>= 4.3) - restriction: || (&& (== netcoreapp2.0) (< netcoreapp1.1)) (&& (== netcoreapp2.2) (< netcoreapp1.1)) (== netstandard2.0)
      System.Runtime (>= 4.3.1)
      System.Runtime.Extensions (>= 4.3.1) - restriction: || (&& (== netcoreapp2.0) (< netcoreapp1.1)) (&& (== netcoreapp2.2) (< netcoreapp1.1)) (== netstandard2.0)
      System.Threading (>= 4.3) - restriction: || (&& (== netcoreapp2.0) (< netcoreapp1.1)) (&& (== netcoreapp2.2) (< netcoreapp1.1)) (== netstandard2.0)
    System.Threading (4.3)
      System.Runtime (>= 4.3)
      System.Threading.Tasks (>= 4.3)
    System.Threading.Overlapped (4.3)
      Microsoft.NETCore.Platforms (>= 1.1)
      System.Resources.ResourceManager (>= 4.3)
      System.Runtime (>= 4.3)
      System.Runtime.Handles (>= 4.3)
    System.Threading.Tasks (4.3)
      Microsoft.NETCore.Platforms (>= 1.1)
      Microsoft.NETCore.Targets (>= 1.1)
      System.Runtime (>= 4.3)
    System.Threading.Tasks.Dataflow (4.9)
    System.Threading.Tasks.Extensions (4.5.3)
      System.Runtime.CompilerServices.Unsafe (>= 4.5.2) - restriction: || (== netcoreapp2.0) (&& (== netcoreapp2.2) (>= net45)) (&& (== netcoreapp2.2) (< netcoreapp2.1)) (&& (== netcoreapp2.2) (< netstandard1.0)) (&& (== netcoreapp2.2) (< netstandard2.0)) (&& (== netcoreapp2.2) (>= wp8)) (== netstandard2.0)
    System.Threading.Thread (4.3)
      System.Runtime (>= 4.3)
    System.Threading.ThreadPool (4.3)
      System.Runtime (>= 4.3)
      System.Runtime.Handles (>= 4.3)
    System.Xml.ReaderWriter (4.3.1)
      System.Collections (>= 4.3)
      System.Diagnostics.Debug (>= 4.3)
      System.Globalization (>= 4.3)
      System.IO (>= 4.3)
      System.IO.FileSystem (>= 4.3)
      System.IO.FileSystem.Primitives (>= 4.3)
      System.Resources.ResourceManager (>= 4.3)
      System.Runtime (>= 4.3)
      System.Runtime.Extensions (>= 4.3)
      System.Runtime.InteropServices (>= 4.3)
      System.Text.Encoding (>= 4.3)
      System.Text.Encoding.Extensions (>= 4.3)
      System.Text.RegularExpressions (>= 4.3)
      System.Threading.Tasks (>= 4.3)
      System.Threading.Tasks.Extensions (>= 4.3)
    System.Xml.XDocument (4.3)
      System.Collections (>= 4.3)
      System.Diagnostics.Debug (>= 4.3)
      System.Diagnostics.Tools (>= 4.3)
      System.Globalization (>= 4.3)
      System.IO (>= 4.3)
      System.Reflection (>= 4.3)
      System.Resources.ResourceManager (>= 4.3)
      System.Runtime (>= 4.3)
      System.Runtime.Extensions (>= 4.3)
      System.Text.Encoding (>= 4.3)
      System.Threading (>= 4.3)
      System.Xml.ReaderWriter (>= 4.3)
    System.Xml.XmlDocument (4.3)
      System.Collections (>= 4.3)
      System.Diagnostics.Debug (>= 4.3)
      System.Globalization (>= 4.3)
      System.IO (>= 4.3)
      System.Resources.ResourceManager (>= 4.3)
      System.Runtime (>= 4.3)
      System.Runtime.Extensions (>= 4.3)
      System.Text.Encoding (>= 4.3)
      System.Threading (>= 4.3)
      System.Xml.ReaderWriter (>= 4.3)
    System.Xml.XPath (4.3)
      System.Collections (>= 4.3)
      System.Diagnostics.Debug (>= 4.3)
      System.Globalization (>= 4.3)
      System.IO (>= 4.3)
      System.Resources.ResourceManager (>= 4.3)
      System.Runtime (>= 4.3)
      System.Runtime.Extensions (>= 4.3)
      System.Threading (>= 4.3)
      System.Xml.ReaderWriter (>= 4.3)
    System.Xml.XPath.XDocument (4.3)
      System.Diagnostics.Debug (>= 4.3)
      System.Linq (>= 4.3)
      System.Resources.ResourceManager (>= 4.3)
      System.Runtime (>= 4.3)
      System.Runtime.Extensions (>= 4.3)
      System.Threading (>= 4.3)
      System.Xml.ReaderWriter (>= 4.3)
      System.Xml.XDocument (>= 4.3)
      System.Xml.XPath (>= 4.3)
    System.Xml.XPath.XmlDocument (4.3)
      System.Collections (>= 4.3)
      System.Globalization (>= 4.3)
      System.IO (>= 4.3)
      System.Resources.ResourceManager (>= 4.3)
      System.Runtime (>= 4.3)
      System.Runtime.Extensions (>= 4.3)
      System.Threading (>= 4.3)
      System.Xml.ReaderWriter (>= 4.3)
      System.Xml.XmlDocument (>= 4.3)
      System.Xml.XPath (>= 4.3)
GITHUB
  remote: eiriktsarpalis/snippets
    SlnTools/SlnTools.fs (aedb8f93437634d70afac26576acb88e3a88050d)
GROUP Examples
REDIRECTS: ON
STORAGE: NONE
RESTRICTION: || (== netcoreapp2.0) (== netcoreapp2.2) (== netstandard2.0)
NUGET
  remote: https://api.nuget.org/v3/index.json
    Argu (5.5)
      FSharp.Core (>= 4.3.2)
      System.Configuration.ConfigurationManager (>= 4.4)
    Castle.Core (4.4)
      NETStandard.Library (>= 1.6.1)
      System.Collections.Specialized (>= 4.3)
      System.ComponentModel (>= 4.3)
      System.ComponentModel.TypeConverter (>= 4.3)
      System.Diagnostics.TraceSource (>= 4.3)
      System.Dynamic.Runtime (>= 4.3)
      System.Reflection (>= 4.3)
      System.Reflection.Emit (>= 4.3)
      System.Reflection.TypeExtensions (>= 4.3)
      System.Xml.XmlDocument (>= 4.3)
    FParsec (1.0.3)
      FSharp.Core (>= 4.2.3)
      NETStandard.Library (>= 1.6.1)
    FSharp.Core (4.6.2)
    Hopac (0.4.1)
      FSharp.Core (>= 4.5 < 5.0)
    Microsoft.NETCore.Platforms (2.2.2)
    Microsoft.NETCore.Targets (2.1)
    Microsoft.Win32.Primitives (4.3)
      Microsoft.NETCore.Platforms (>= 1.1)
      Microsoft.NETCore.Targets (>= 1.1)
      System.Runtime (>= 4.3)
    NETStandard.Library (2.0.3)
      Microsoft.NETCore.Platforms (>= 1.1)
    NodaTime (2.4.6)
    RabbitMQ.Client (5.1)
      NETStandard.Library (>= 1.6.1)
      System.Collections.Concurrent (>= 4.3)
      System.Console (>= 4.3)
      System.Diagnostics.Debug (>= 4.3)
      System.Diagnostics.Tracing (>= 4.3)
      System.IO (>= 4.3)
      System.Linq (>= 4.3)
      System.Net.NameResolution (>= 4.3)
      System.Net.Security (>= 4.3)
      System.Net.Sockets (>= 4.3)
      System.Reflection.Extensions (>= 4.3)
      System.Reflection.TypeExtensions (>= 4.3)
      System.Runtime (>= 4.3)
      System.Runtime.Extensions (>= 4.3)
      System.Text.RegularExpressions (>= 4.3)
      System.Threading (>= 4.3)
      System.Threading.Thread (>= 4.3)
      System.Threading.Timer (>= 4.3)
    runtime.debian.8-x64.runtime.native.System.Security.Cryptography.OpenSsl (4.3.3)
    runtime.debian.9-x64.runtime.native.System.Security.Cryptography.OpenSsl (4.3.3)
    runtime.fedora.23-x64.runtime.native.System.Security.Cryptography.OpenSsl (4.3.3)
    runtime.fedora.24-x64.runtime.native.System.Security.Cryptography.OpenSsl (4.3.3)
    runtime.fedora.27-x64.runtime.native.System.Security.Cryptography.OpenSsl (4.3.3)
    runtime.fedora.28-x64.runtime.native.System.Security.Cryptography.OpenSsl (4.3.3)
    runtime.native.System (4.3.1)
      Microsoft.NETCore.Platforms (>= 1.1.1)
      Microsoft.NETCore.Targets (>= 1.1.3)
    runtime.native.System.Net.Http (4.3.1)
      Microsoft.NETCore.Platforms (>= 1.1.1)
      Microsoft.NETCore.Targets (>= 1.1.3)
    runtime.native.System.Net.Security (4.3.1)
      Microsoft.NETCore.Platforms (>= 1.1.1)
      Microsoft.NETCore.Targets (>= 1.1.3)
    runtime.native.System.Security.Cryptography.Apple (4.3.1)
      runtime.osx.10.10-x64.runtime.native.System.Security.Cryptography.Apple (>= 4.3.1)
    runtime.native.System.Security.Cryptography.OpenSsl (4.3.3)
      runtime.debian.8-x64.runtime.native.System.Security.Cryptography.OpenSsl (>= 4.3.3)
      runtime.debian.9-x64.runtime.native.System.Security.Cryptography.OpenSsl (>= 4.3.3)
      runtime.fedora.23-x64.runtime.native.System.Security.Cryptography.OpenSsl (>= 4.3.3)
      runtime.fedora.24-x64.runtime.native.System.Security.Cryptography.OpenSsl (>= 4.3.3)
      runtime.fedora.27-x64.runtime.native.System.Security.Cryptography.OpenSsl (>= 4.3.3)
      runtime.fedora.28-x64.runtime.native.System.Security.Cryptography.OpenSsl (>= 4.3.3)
      runtime.opensuse.13.2-x64.runtime.native.System.Security.Cryptography.OpenSsl (>= 4.3.3)
      runtime.opensuse.42.1-x64.runtime.native.System.Security.Cryptography.OpenSsl (>= 4.3.3)
      runtime.opensuse.42.3-x64.runtime.native.System.Security.Cryptography.OpenSsl (>= 4.3.3)
      runtime.osx.10.10-x64.runtime.native.System.Security.Cryptography.OpenSsl (>= 4.3.3)
      runtime.rhel.7-x64.runtime.native.System.Security.Cryptography.OpenSsl (>= 4.3.3)
      runtime.ubuntu.14.04-x64.runtime.native.System.Security.Cryptography.OpenSsl (>= 4.3.3)
      runtime.ubuntu.16.04-x64.runtime.native.System.Security.Cryptography.OpenSsl (>= 4.3.3)
      runtime.ubuntu.16.10-x64.runtime.native.System.Security.Cryptography.OpenSsl (>= 4.3.3)
      runtime.ubuntu.18.04-x64.runtime.native.System.Security.Cryptography.OpenSsl (>= 4.3.3)
    runtime.opensuse.13.2-x64.runtime.native.System.Security.Cryptography.OpenSsl (4.3.3)
    runtime.opensuse.42.1-x64.runtime.native.System.Security.Cryptography.OpenSsl (4.3.3)
    runtime.opensuse.42.3-x64.runtime.native.System.Security.Cryptography.OpenSsl (4.3.3)
    runtime.osx.10.10-x64.runtime.native.System.Security.Cryptography.Apple (4.3.1)
    runtime.osx.10.10-x64.runtime.native.System.Security.Cryptography.OpenSsl (4.3.3)
    runtime.rhel.7-x64.runtime.native.System.Security.Cryptography.OpenSsl (4.3.3)
    runtime.ubuntu.14.04-x64.runtime.native.System.Security.Cryptography.OpenSsl (4.3.3)
    runtime.ubuntu.16.04-x64.runtime.native.System.Security.Cryptography.OpenSsl (4.3.3)
    runtime.ubuntu.16.10-x64.runtime.native.System.Security.Cryptography.OpenSsl (4.3.3)
    runtime.ubuntu.18.04-x64.runtime.native.System.Security.Cryptography.OpenSsl (4.3.3)
    System.Buffers (4.5) - restriction: || (&& (== netcoreapp2.0) (>= monotouch)) (&& (== netcoreapp2.0) (>= net461)) (&& (== netcoreapp2.0) (< netstandard1.1)) (&& (== netcoreapp2.0) (< netstandard2.0)) (&& (== netcoreapp2.0) (>= xamarinios)) (&& (== netcoreapp2.0) (>= xamarinmac)) (&& (== netcoreapp2.0) (>= xamarintvos)) (&& (== netcoreapp2.0) (>= xamarinwatchos)) (&& (== netcoreapp2.2) (>= monotouch)) (&& (== netcoreapp2.2) (>= net461)) (&& (== netcoreapp2.2) (< netcoreapp2.0)) (&& (== netcoreapp2.2) (< netstandard1.1)) (&& (== netcoreapp2.2) (< netstandard2.0)) (&& (== netcoreapp2.2) (>= xamarinios)) (&& (== netcoreapp2.2) (>= xamarinmac)) (&& (== netcoreapp2.2) (>= xamarintvos)) (&& (== netcoreapp2.2) (>= xamarinwatchos)) (== netstandard2.0)
    System.Collections (4.3)
      Microsoft.NETCore.Platforms (>= 1.1)
      Microsoft.NETCore.Targets (>= 1.1)
      System.Runtime (>= 4.3)
    System.Collections.Concurrent (4.3)
      System.Collections (>= 4.3)
      System.Diagnostics.Debug (>= 4.3)
      System.Diagnostics.Tracing (>= 4.3)
      System.Globalization (>= 4.3)
      System.Reflection (>= 4.3)
      System.Resources.ResourceManager (>= 4.3)
      System.Runtime (>= 4.3)
      System.Runtime.Extensions (>= 4.3)
      System.Threading (>= 4.3)
      System.Threading.Tasks (>= 4.3)
    System.Collections.NonGeneric (4.3)
      System.Diagnostics.Debug (>= 4.3)
      System.Globalization (>= 4.3)
      System.Resources.ResourceManager (>= 4.3)
      System.Runtime (>= 4.3)
      System.Runtime.Extensions (>= 4.3)
      System.Threading (>= 4.3)
    System.Collections.Specialized (4.3)
      System.Collections.NonGeneric (>= 4.3)
      System.Globalization (>= 4.3)
      System.Globalization.Extensions (>= 4.3)
      System.Resources.ResourceManager (>= 4.3)
      System.Runtime (>= 4.3)
      System.Runtime.Extensions (>= 4.3)
      System.Threading (>= 4.3)
    System.ComponentModel (4.3)
      System.Runtime (>= 4.3)
    System.ComponentModel.Primitives (4.3)
      System.ComponentModel (>= 4.3)
      System.Resources.ResourceManager (>= 4.3)
      System.Runtime (>= 4.3)
    System.ComponentModel.TypeConverter (4.3)
      System.Collections (>= 4.3)
      System.Collections.NonGeneric (>= 4.3)
      System.Collections.Specialized (>= 4.3)
      System.ComponentModel (>= 4.3)
      System.ComponentModel.Primitives (>= 4.3)
      System.Globalization (>= 4.3)
      System.Linq (>= 4.3)
      System.Reflection (>= 4.3)
      System.Reflection.Extensions (>= 4.3)
      System.Reflection.Primitives (>= 4.3)
      System.Reflection.TypeExtensions (>= 4.3)
      System.Resources.ResourceManager (>= 4.3)
      System.Runtime (>= 4.3)
      System.Runtime.Extensions (>= 4.3)
      System.Threading (>= 4.3)
    System.Configuration.ConfigurationManager (4.5)
      System.Security.Cryptography.ProtectedData (>= 4.5)
      System.Security.Permissions (>= 4.5)
    System.Console (4.3.1)
      Microsoft.NETCore.Platforms (>= 1.1)
      Microsoft.NETCore.Targets (>= 1.1.2)
      System.IO (>= 4.3)
      System.Runtime (>= 4.3)
      System.Text.Encoding (>= 4.3)
    System.Diagnostics.Debug (4.3)
      Microsoft.NETCore.Platforms (>= 1.1)
      Microsoft.NETCore.Targets (>= 1.1)
      System.Runtime (>= 4.3)
    System.Diagnostics.TraceSource (4.3)
      Microsoft.NETCore.Platforms (>= 1.1)
      runtime.native.System (>= 4.3)
      System.Collections (>= 4.3)
      System.Diagnostics.Debug (>= 4.3)
      System.Globalization (>= 4.3)
      System.Resources.ResourceManager (>= 4.3)
      System.Runtime (>= 4.3)
      System.Runtime.Extensions (>= 4.3)
      System.Threading (>= 4.3)
    System.Diagnostics.Tracing (4.3)
      Microsoft.NETCore.Platforms (>= 1.1)
      Microsoft.NETCore.Targets (>= 1.1)
      System.Runtime (>= 4.3)
    System.Dynamic.Runtime (4.3)
      System.Collections (>= 4.3)
      System.Diagnostics.Debug (>= 4.3)
      System.Linq (>= 4.3)
      System.Linq.Expressions (>= 4.3)
      System.ObjectModel (>= 4.3)
      System.Reflection (>= 4.3)
      System.Reflection.Emit (>= 4.3)
      System.Reflection.Emit.ILGeneration (>= 4.3)
      System.Reflection.Primitives (>= 4.3)
      System.Reflection.TypeExtensions (>= 4.3)
      System.Resources.ResourceManager (>= 4.3)
      System.Runtime (>= 4.3)
      System.Runtime.Extensions (>= 4.3)
      System.Threading (>= 4.3)
    System.Globalization (4.3)
      Microsoft.NETCore.Platforms (>= 1.1)
      Microsoft.NETCore.Targets (>= 1.1)
      System.Runtime (>= 4.3)
    System.Globalization.Calendars (4.3)
      Microsoft.NETCore.Platforms (>= 1.1)
      Microsoft.NETCore.Targets (>= 1.1)
      System.Globalization (>= 4.3)
      System.Runtime (>= 4.3)
    System.Globalization.Extensions (4.3)
      Microsoft.NETCore.Platforms (>= 1.1)
      System.Globalization (>= 4.3)
      System.Resources.ResourceManager (>= 4.3)
      System.Runtime (>= 4.3)
      System.Runtime.Extensions (>= 4.3)
      System.Runtime.InteropServices (>= 4.3)
    System.IO (4.3)
      Microsoft.NETCore.Platforms (>= 1.1)
      Microsoft.NETCore.Targets (>= 1.1)
      System.Runtime (>= 4.3)
      System.Text.Encoding (>= 4.3)
      System.Threading.Tasks (>= 4.3)
    System.IO.FileSystem (4.3)
      Microsoft.NETCore.Platforms (>= 1.1)
      Microsoft.NETCore.Targets (>= 1.1)
      System.IO (>= 4.3)
      System.IO.FileSystem.Primitives (>= 4.3)
      System.Runtime (>= 4.3)
      System.Runtime.Handles (>= 4.3)
      System.Text.Encoding (>= 4.3)
      System.Threading.Tasks (>= 4.3)
    System.IO.FileSystem.Primitives (4.3)
      System.Runtime (>= 4.3)
    System.Linq (4.3)
      System.Collections (>= 4.3)
      System.Diagnostics.Debug (>= 4.3)
      System.Resources.ResourceManager (>= 4.3)
      System.Runtime (>= 4.3)
      System.Runtime.Extensions (>= 4.3)
    System.Linq.Expressions (4.3)
      System.Collections (>= 4.3)
      System.Diagnostics.Debug (>= 4.3)
      System.Globalization (>= 4.3)
      System.IO (>= 4.3)
      System.Linq (>= 4.3)
      System.ObjectModel (>= 4.3)
      System.Reflection (>= 4.3)
      System.Reflection.Emit (>= 4.3)
      System.Reflection.Emit.ILGeneration (>= 4.3)
      System.Reflection.Emit.Lightweight (>= 4.3)
      System.Reflection.Extensions (>= 4.3)
      System.Reflection.Primitives (>= 4.3)
      System.Reflection.TypeExtensions (>= 4.3)
      System.Resources.ResourceManager (>= 4.3)
      System.Runtime (>= 4.3)
      System.Runtime.Extensions (>= 4.3)
      System.Threading (>= 4.3)
    System.Memory (4.5.3) - restriction: || (== netcoreapp2.0) (&& (== netcoreapp2.2) (< netcoreapp2.1)) (== netstandard2.0)
      System.Buffers (>= 4.4) - restriction: || (&& (== netcoreapp2.0) (>= monotouch)) (&& (== netcoreapp2.0) (>= net461)) (&& (== netcoreapp2.0) (< netstandard1.1)) (&& (== netcoreapp2.0) (< netstandard2.0)) (&& (== netcoreapp2.0) (>= xamarinios)) (&& (== netcoreapp2.0) (>= xamarinmac)) (&& (== netcoreapp2.0) (>= xamarintvos)) (&& (== netcoreapp2.0) (>= xamarinwatchos)) (&& (== netcoreapp2.2) (>= monotouch)) (&& (== netcoreapp2.2) (>= net461)) (&& (== netcoreapp2.2) (< netcoreapp2.0)) (&& (== netcoreapp2.2) (< netstandard1.1)) (&& (== netcoreapp2.2) (< netstandard2.0)) (&& (== netcoreapp2.2) (>= xamarinios)) (&& (== netcoreapp2.2) (>= xamarinmac)) (&& (== netcoreapp2.2) (>= xamarintvos)) (&& (== netcoreapp2.2) (>= xamarinwatchos)) (== netstandard2.0)
      System.Numerics.Vectors (>= 4.4) - restriction: || (&& (== netcoreapp2.0) (>= net461)) (&& (== netcoreapp2.2) (>= net461)) (&& (== netcoreapp2.2) (< netcoreapp2.0)) (== netstandard2.0)
      System.Runtime.CompilerServices.Unsafe (>= 4.5.2) - restriction: || (== netcoreapp2.0) (&& (== netcoreapp2.2) (>= monotouch)) (&& (== netcoreapp2.2) (>= net461)) (&& (== netcoreapp2.2) (< netcoreapp2.0)) (&& (== netcoreapp2.2) (< netcoreapp2.1)) (&& (== netcoreapp2.2) (< netstandard1.1)) (&& (== netcoreapp2.2) (< netstandard2.0)) (&& (== netcoreapp2.2) (>= uap10.1)) (&& (== netcoreapp2.2) (>= xamarinios)) (&& (== netcoreapp2.2) (>= xamarinmac)) (&& (== netcoreapp2.2) (>= xamarintvos)) (&& (== netcoreapp2.2) (>= xamarinwatchos)) (== netstandard2.0)
    System.Net.NameResolution (4.3)
      Microsoft.NETCore.Platforms (>= 1.1)
      runtime.native.System (>= 4.3)
      System.Collections (>= 4.3)
      System.Diagnostics.Tracing (>= 4.3)
      System.Globalization (>= 4.3)
      System.Net.Primitives (>= 4.3)
      System.Resources.ResourceManager (>= 4.3)
      System.Runtime (>= 4.3)
      System.Runtime.Extensions (>= 4.3)
      System.Runtime.Handles (>= 4.3)
      System.Runtime.InteropServices (>= 4.3)
      System.Security.Principal.Windows (>= 4.3)
      System.Threading (>= 4.3)
      System.Threading.Tasks (>= 4.3)
    System.Net.Primitives (4.3.1)
      Microsoft.NETCore.Platforms (>= 1.1.1)
      Microsoft.NETCore.Targets (>= 1.1.3)
      System.Runtime (>= 4.3.1)
      System.Runtime.Handles (>= 4.3)
    System.Net.Security (4.3.2)
      Microsoft.NETCore.Platforms (>= 1.1)
      Microsoft.Win32.Primitives (>= 4.3)
      runtime.native.System (>= 4.3)
      runtime.native.System.Net.Security (>= 4.3)
      runtime.native.System.Security.Cryptography.OpenSsl (>= 4.3.2)
      System.Collections (>= 4.3)
      System.Collections.Concurrent (>= 4.3)
      System.Diagnostics.Tracing (>= 4.3)
      System.Globalization (>= 4.3)
      System.Globalization.Extensions (>= 4.3)
      System.IO (>= 4.3)
      System.Net.Primitives (>= 4.3)
      System.Resources.ResourceManager (>= 4.3)
      System.Runtime (>= 4.3)
      System.Runtime.Extensions (>= 4.3)
      System.Runtime.Handles (>= 4.3)
      System.Runtime.InteropServices (>= 4.3)
      System.Security.Claims (>= 4.3)
      System.Security.Cryptography.Algorithms (>= 4.3)
      System.Security.Cryptography.Encoding (>= 4.3)
      System.Security.Cryptography.OpenSsl (>= 4.3)
      System.Security.Cryptography.Primitives (>= 4.3)
      System.Security.Cryptography.X509Certificates (>= 4.3)
      System.Security.Principal (>= 4.3)
      System.Text.Encoding (>= 4.3)
      System.Threading (>= 4.3)
      System.Threading.Tasks (>= 4.3)
      System.Threading.ThreadPool (>= 4.3)
    System.Net.Sockets (4.3)
      Microsoft.NETCore.Platforms (>= 1.1)
      Microsoft.NETCore.Targets (>= 1.1)
      System.IO (>= 4.3)
      System.Net.Primitives (>= 4.3)
      System.Runtime (>= 4.3)
      System.Threading.Tasks (>= 4.3)
    System.Numerics.Vectors (4.5) - restriction: || (&& (== netcoreapp2.0) (>= net461)) (&& (== netcoreapp2.2) (>= net461)) (&& (== netcoreapp2.2) (< netcoreapp2.0)) (== netstandard2.0)
    System.ObjectModel (4.3)
      System.Collections (>= 4.3)
      System.Diagnostics.Debug (>= 4.3)
      System.Resources.ResourceManager (>= 4.3)
      System.Runtime (>= 4.3)
      System.Threading (>= 4.3)
    System.Reflection (4.3)
      Microsoft.NETCore.Platforms (>= 1.1)
      Microsoft.NETCore.Targets (>= 1.1)
      System.IO (>= 4.3)
      System.Reflection.Primitives (>= 4.3)
      System.Runtime (>= 4.3)
    System.Reflection.Emit (4.3)
      System.IO (>= 4.3)
      System.Reflection (>= 4.3)
      System.Reflection.Emit.ILGeneration (>= 4.3)
      System.Reflection.Primitives (>= 4.3)
      System.Runtime (>= 4.3)
    System.Reflection.Emit.ILGeneration (4.3)
      System.Reflection (>= 4.3)
      System.Reflection.Primitives (>= 4.3)
      System.Runtime (>= 4.3)
    System.Reflection.Emit.Lightweight (4.3)
      System.Reflection (>= 4.3)
      System.Reflection.Emit.ILGeneration (>= 4.3)
      System.Reflection.Primitives (>= 4.3)
      System.Runtime (>= 4.3)
    System.Reflection.Extensions (4.3)
      Microsoft.NETCore.Platforms (>= 1.1)
      Microsoft.NETCore.Targets (>= 1.1)
      System.Reflection (>= 4.3)
      System.Runtime (>= 4.3)
    System.Reflection.Primitives (4.3)
      Microsoft.NETCore.Platforms (>= 1.1)
      Microsoft.NETCore.Targets (>= 1.1)
      System.Runtime (>= 4.3)
    System.Reflection.TypeExtensions (4.5.1)
    System.Resources.ResourceManager (4.3)
      Microsoft.NETCore.Platforms (>= 1.1)
      Microsoft.NETCore.Targets (>= 1.1)
      System.Globalization (>= 4.3)
      System.Reflection (>= 4.3)
      System.Runtime (>= 4.3)
    System.Runtime (4.3.1)
      Microsoft.NETCore.Platforms (>= 1.1.1)
      Microsoft.NETCore.Targets (>= 1.1.3)
    System.Runtime.CompilerServices.Unsafe (4.5.2) - restriction: || (== netcoreapp2.0) (&& (== netcoreapp2.2) (>= monotouch)) (&& (== netcoreapp2.2) (>= net461)) (&& (== netcoreapp2.2) (< netcoreapp2.0)) (&& (== netcoreapp2.2) (< netcoreapp2.1)) (&& (== netcoreapp2.2) (< netstandard1.1)) (&& (== netcoreapp2.2) (< netstandard2.0)) (&& (== netcoreapp2.2) (>= uap10.1)) (&& (== netcoreapp2.2) (>= xamarinios)) (&& (== netcoreapp2.2) (>= xamarinmac)) (&& (== netcoreapp2.2) (>= xamarintvos)) (&& (== netcoreapp2.2) (>= xamarinwatchos)) (== netstandard2.0)
    System.Runtime.Extensions (4.3.1)
      Microsoft.NETCore.Platforms (>= 1.1.1)
      Microsoft.NETCore.Targets (>= 1.1.3)
      System.Runtime (>= 4.3.1)
    System.Runtime.Handles (4.3)
      Microsoft.NETCore.Platforms (>= 1.1)
      Microsoft.NETCore.Targets (>= 1.1)
      System.Runtime (>= 4.3)
    System.Runtime.InteropServices (4.3)
      Microsoft.NETCore.Platforms (>= 1.1)
      Microsoft.NETCore.Targets (>= 1.1)
      System.Reflection (>= 4.3)
      System.Reflection.Primitives (>= 4.3)
      System.Runtime (>= 4.3)
      System.Runtime.Handles (>= 4.3)
    System.Runtime.Numerics (4.3)
      System.Globalization (>= 4.3)
      System.Resources.ResourceManager (>= 4.3)
      System.Runtime (>= 4.3)
      System.Runtime.Extensions (>= 4.3)
    System.Security.AccessControl (4.5)
      Microsoft.NETCore.Platforms (>= 2.0) - restriction: || (== netcoreapp2.0) (== netcoreapp2.2) (&& (== netstandard2.0) (>= netcoreapp2.0))
      System.Security.Principal.Windows (>= 4.5)
    System.Security.Claims (4.3)
      System.Collections (>= 4.3)
      System.Globalization (>= 4.3)
      System.IO (>= 4.3)
      System.Resources.ResourceManager (>= 4.3)
      System.Runtime (>= 4.3)
      System.Runtime.Extensions (>= 4.3)
      System.Security.Principal (>= 4.3)
    System.Security.Cryptography.Algorithms (4.3.1)
      Microsoft.NETCore.Platforms (>= 1.1)
      runtime.native.System.Security.Cryptography.Apple (>= 4.3.1)
      runtime.native.System.Security.Cryptography.OpenSsl (>= 4.3.2)
      System.Collections (>= 4.3)
      System.IO (>= 4.3)
      System.Resources.ResourceManager (>= 4.3)
      System.Runtime (>= 4.3)
      System.Runtime.Extensions (>= 4.3)
      System.Runtime.Handles (>= 4.3)
      System.Runtime.InteropServices (>= 4.3)
      System.Runtime.Numerics (>= 4.3)
      System.Security.Cryptography.Encoding (>= 4.3)
      System.Security.Cryptography.Primitives (>= 4.3)
      System.Text.Encoding (>= 4.3)
    System.Security.Cryptography.Cng (4.5)
      Microsoft.NETCore.Platforms (>= 2.0) - restriction: || (== netcoreapp2.0) (&& (== netcoreapp2.2) (== netstandard2.0)) (&& (== netcoreapp2.2) (< netcoreapp2.1)) (&& (== netstandard2.0) (>= netcoreapp2.0))
    System.Security.Cryptography.Csp (4.3)
      Microsoft.NETCore.Platforms (>= 1.1)
      System.IO (>= 4.3)
      System.Reflection (>= 4.3)
      System.Resources.ResourceManager (>= 4.3)
      System.Runtime (>= 4.3)
      System.Runtime.Extensions (>= 4.3)
      System.Runtime.Handles (>= 4.3)
      System.Runtime.InteropServices (>= 4.3)
      System.Security.Cryptography.Algorithms (>= 4.3)
      System.Security.Cryptography.Encoding (>= 4.3)
      System.Security.Cryptography.Primitives (>= 4.3)
      System.Text.Encoding (>= 4.3)
      System.Threading (>= 4.3)
    System.Security.Cryptography.Encoding (4.3)
      Microsoft.NETCore.Platforms (>= 1.1)
      runtime.native.System.Security.Cryptography.OpenSsl (>= 4.3)
      System.Collections (>= 4.3)
      System.Collections.Concurrent (>= 4.3)
      System.Linq (>= 4.3)
      System.Resources.ResourceManager (>= 4.3)
      System.Runtime (>= 4.3)
      System.Runtime.Extensions (>= 4.3)
      System.Runtime.Handles (>= 4.3)
      System.Runtime.InteropServices (>= 4.3)
      System.Security.Cryptography.Primitives (>= 4.3)
      System.Text.Encoding (>= 4.3)
    System.Security.Cryptography.OpenSsl (4.5.1)
      Microsoft.NETCore.Platforms (>= 2.1.2) - restriction: || (== netcoreapp2.0) (&& (== netcoreapp2.2) (== netstandard2.0)) (&& (== netcoreapp2.2) (< netcoreapp2.1)) (&& (== netstandard2.0) (>= netcoreapp2.0))
    System.Security.Cryptography.Primitives (4.3)
      System.Diagnostics.Debug (>= 4.3)
      System.Globalization (>= 4.3)
      System.IO (>= 4.3)
      System.Resources.ResourceManager (>= 4.3)
      System.Runtime (>= 4.3)
      System.Threading (>= 4.3)
      System.Threading.Tasks (>= 4.3)
    System.Security.Cryptography.ProtectedData (4.5)
      System.Memory (>= 4.5) - restriction: || (== netcoreapp2.0) (&& (== netcoreapp2.2) (< netcoreapp2.1)) (== netstandard2.0)
    System.Security.Cryptography.X509Certificates (4.3.2)
      Microsoft.NETCore.Platforms (>= 1.1)
      runtime.native.System (>= 4.3)
      runtime.native.System.Net.Http (>= 4.3)
      runtime.native.System.Security.Cryptography.OpenSsl (>= 4.3.2)
      System.Collections (>= 4.3)
      System.Diagnostics.Debug (>= 4.3)
      System.Globalization (>= 4.3)
      System.Globalization.Calendars (>= 4.3)
      System.IO (>= 4.3)
      System.IO.FileSystem (>= 4.3)
      System.IO.FileSystem.Primitives (>= 4.3)
      System.Resources.ResourceManager (>= 4.3)
      System.Runtime (>= 4.3)
      System.Runtime.Extensions (>= 4.3)
      System.Runtime.Handles (>= 4.3)
      System.Runtime.InteropServices (>= 4.3)
      System.Runtime.Numerics (>= 4.3)
      System.Security.Cryptography.Algorithms (>= 4.3)
      System.Security.Cryptography.Cng (>= 4.3)
      System.Security.Cryptography.Csp (>= 4.3)
      System.Security.Cryptography.Encoding (>= 4.3)
      System.Security.Cryptography.OpenSsl (>= 4.3)
      System.Security.Cryptography.Primitives (>= 4.3)
      System.Text.Encoding (>= 4.3)
      System.Threading (>= 4.3)
    System.Security.Permissions (4.5)
      System.Security.AccessControl (>= 4.5)
    System.Security.Principal (4.3)
      System.Runtime (>= 4.3)
    System.Security.Principal.Windows (4.5.1)
      Microsoft.NETCore.Platforms (>= 2.0) - restriction: || (== netcoreapp2.0) (== netcoreapp2.2) (&& (== netstandard2.0) (>= netcoreapp2.0))
    System.Text.Encoding (4.3)
      Microsoft.NETCore.Platforms (>= 1.1)
      Microsoft.NETCore.Targets (>= 1.1)
      System.Runtime (>= 4.3)
    System.Text.Encoding.Extensions (4.3)
      Microsoft.NETCore.Platforms (>= 1.1)
      Microsoft.NETCore.Targets (>= 1.1)
      System.Runtime (>= 4.3)
      System.Text.Encoding (>= 4.3)
    System.Text.RegularExpressions (4.3.1)
      System.Collections (>= 4.3) - restriction: || (&& (== netcoreapp2.0) (< netcoreapp1.1)) (&& (== netcoreapp2.2) (< netcoreapp1.1)) (== netstandard2.0)
      System.Globalization (>= 4.3) - restriction: || (&& (== netcoreapp2.0) (< netcoreapp1.1)) (&& (== netcoreapp2.2) (< netcoreapp1.1)) (== netstandard2.0)
      System.Resources.ResourceManager (>= 4.3) - restriction: || (&& (== netcoreapp2.0) (< netcoreapp1.1)) (&& (== netcoreapp2.2) (< netcoreapp1.1)) (== netstandard2.0)
      System.Runtime (>= 4.3.1)
      System.Runtime.Extensions (>= 4.3.1) - restriction: || (&& (== netcoreapp2.0) (< netcoreapp1.1)) (&& (== netcoreapp2.2) (< netcoreapp1.1)) (== netstandard2.0)
      System.Threading (>= 4.3) - restriction: || (&& (== netcoreapp2.0) (< netcoreapp1.1)) (&& (== netcoreapp2.2) (< netcoreapp1.1)) (== netstandard2.0)
    System.Threading (4.3)
      System.Runtime (>= 4.3)
      System.Threading.Tasks (>= 4.3)
    System.Threading.Tasks (4.3)
      Microsoft.NETCore.Platforms (>= 1.1)
      Microsoft.NETCore.Targets (>= 1.1)
      System.Runtime (>= 4.3)
    System.Threading.Tasks.Extensions (4.5.3)
      System.Runtime.CompilerServices.Unsafe (>= 4.5.2) - restriction: || (== netcoreapp2.0) (&& (== netcoreapp2.2) (>= net45)) (&& (== netcoreapp2.2) (< netcoreapp2.1)) (&& (== netcoreapp2.2) (< netstandard1.0)) (&& (== netcoreapp2.2) (< netstandard2.0)) (&& (== netcoreapp2.2) (>= wp8)) (== netstandard2.0)
    System.Threading.Thread (4.3)
      System.Runtime (>= 4.3)
    System.Threading.ThreadPool (4.3)
      System.Runtime (>= 4.3)
      System.Runtime.Handles (>= 4.3)
    System.Threading.Timer (4.3)
      Microsoft.NETCore.Platforms (>= 1.1)
      Microsoft.NETCore.Targets (>= 1.1)
      System.Runtime (>= 4.3)
    System.Xml.ReaderWriter (4.3.1)
      System.Collections (>= 4.3)
      System.Diagnostics.Debug (>= 4.3)
      System.Globalization (>= 4.3)
      System.IO (>= 4.3)
      System.IO.FileSystem (>= 4.3)
      System.IO.FileSystem.Primitives (>= 4.3)
      System.Resources.ResourceManager (>= 4.3)
      System.Runtime (>= 4.3)
      System.Runtime.Extensions (>= 4.3)
      System.Runtime.InteropServices (>= 4.3)
      System.Text.Encoding (>= 4.3)
      System.Text.Encoding.Extensions (>= 4.3)
      System.Text.RegularExpressions (>= 4.3)
      System.Threading.Tasks (>= 4.3)
      System.Threading.Tasks.Extensions (>= 4.3)
    System.Xml.XmlDocument (4.3)
      System.Collections (>= 4.3)
      System.Diagnostics.Debug (>= 4.3)
      System.Globalization (>= 4.3)
      System.IO (>= 4.3)
      System.Resources.ResourceManager (>= 4.3)
      System.Runtime (>= 4.3)
      System.Runtime.Extensions (>= 4.3)
      System.Text.Encoding (>= 4.3)
      System.Threading (>= 4.3)
      System.Xml.ReaderWriter (>= 4.3)

GROUP MSFT
REDIRECTS: ON
STORAGE: NONE
RESTRICTION: || (== netcoreapp2.0) (== netcoreapp2.2) (== netstandard2.0)
NUGET
  remote: https://api.nuget.org/v3/index.json
    FSharp.Core (4.6.2)
    Microsoft.AspNetCore.Authentication.Abstractions (2.2)
      Microsoft.AspNetCore.Http.Abstractions (>= 2.2)
      Microsoft.Extensions.Logging.Abstractions (>= 2.2)
      Microsoft.Extensions.Options (>= 2.2)
    Microsoft.AspNetCore.Authentication.Core (2.2)
      Microsoft.AspNetCore.Authentication.Abstractions (>= 2.2)
      Microsoft.AspNetCore.Http (>= 2.2)
      Microsoft.AspNetCore.Http.Extensions (>= 2.2)
    Microsoft.AspNetCore.Authorization (2.2)
      Microsoft.Extensions.Logging.Abstractions (>= 2.2)
      Microsoft.Extensions.Options (>= 2.2)
    Microsoft.AspNetCore.Authorization.Policy (2.2)
      Microsoft.AspNetCore.Authentication.Abstractions (>= 2.2)
      Microsoft.AspNetCore.Authorization (>= 2.2)
    Microsoft.AspNetCore.Hosting.Abstractions (2.2)
      Microsoft.AspNetCore.Hosting.Server.Abstractions (>= 2.2)
      Microsoft.AspNetCore.Http.Abstractions (>= 2.2)
      Microsoft.Extensions.Hosting.Abstractions (>= 2.2)
    Microsoft.AspNetCore.Hosting.Server.Abstractions (2.2)
      Microsoft.AspNetCore.Http.Features (>= 2.2)
      Microsoft.Extensions.Configuration.Abstractions (>= 2.2)
    Microsoft.AspNetCore.Http (2.2.2)
      Microsoft.AspNetCore.Http.Abstractions (>= 2.2)
      Microsoft.AspNetCore.WebUtilities (>= 2.2)
      Microsoft.Extensions.ObjectPool (>= 2.2)
      Microsoft.Extensions.Options (>= 2.2)
      Microsoft.Net.Http.Headers (>= 2.2)
    Microsoft.AspNetCore.Http.Abstractions (2.2)
      Microsoft.AspNetCore.Http.Features (>= 2.2)
      System.Text.Encodings.Web (>= 4.5)
    Microsoft.AspNetCore.Http.Extensions (2.2)
      Microsoft.AspNetCore.Http.Abstractions (>= 2.2)
      Microsoft.Extensions.FileProviders.Abstractions (>= 2.2)
      Microsoft.Net.Http.Headers (>= 2.2)
      System.Buffers (>= 4.5)
    Microsoft.AspNetCore.Http.Features (2.2)
      Microsoft.Extensions.Primitives (>= 2.2)
    Microsoft.AspNetCore.Mvc.Abstractions (2.2)
      Microsoft.AspNetCore.Routing.Abstractions (>= 2.2)
      Microsoft.Net.Http.Headers (>= 2.2)
    Microsoft.AspNetCore.Mvc.Core (2.2.5)
      Microsoft.AspNetCore.Authentication.Core (>= 2.2)
      Microsoft.AspNetCore.Authorization.Policy (>= 2.2)
      Microsoft.AspNetCore.Hosting.Abstractions (>= 2.2)
      Microsoft.AspNetCore.Http (>= 2.2)
      Microsoft.AspNetCore.Http.Extensions (>= 2.2)
      Microsoft.AspNetCore.Mvc.Abstractions (>= 2.2)
      Microsoft.AspNetCore.ResponseCaching.Abstractions (>= 2.2)
      Microsoft.AspNetCore.Routing (>= 2.2)
      Microsoft.AspNetCore.Routing.Abstractions (>= 2.2)
      Microsoft.Extensions.DependencyInjection (>= 2.2)
      Microsoft.Extensions.DependencyModel (>= 2.1)
      Microsoft.Extensions.FileProviders.Abstractions (>= 2.2)
      Microsoft.Extensions.Logging.Abstractions (>= 2.2)
      System.Diagnostics.DiagnosticSource (>= 4.5)
      System.Threading.Tasks.Extensions (>= 4.5.1)
    Microsoft.AspNetCore.ResponseCaching.Abstractions (2.2)
      Microsoft.Extensions.Primitives (>= 2.2)
    Microsoft.AspNetCore.Routing (2.2.2)
      Microsoft.AspNetCore.Http.Extensions (>= 2.2)
      Microsoft.AspNetCore.Routing.Abstractions (>= 2.2)
      Microsoft.Extensions.Logging.Abstractions (>= 2.2)
      Microsoft.Extensions.ObjectPool (>= 2.2)
      Microsoft.Extensions.Options (>= 2.2)
    Microsoft.AspNetCore.Routing.Abstractions (2.2)
      Microsoft.AspNetCore.Http.Abstractions (>= 2.2)
    Microsoft.AspNetCore.WebUtilities (2.2)
      Microsoft.Net.Http.Headers (>= 2.2)
      System.Text.Encodings.Web (>= 4.5)
    Microsoft.DotNet.PlatformAbstractions (2.1)
      System.AppContext (>= 4.1)
      System.Collections (>= 4.0.11)
      System.IO (>= 4.1)
      System.IO.FileSystem (>= 4.0.1)
      System.Reflection.TypeExtensions (>= 4.1)
      System.Runtime.Extensions (>= 4.1)
      System.Runtime.InteropServices (>= 4.1)
      System.Runtime.InteropServices.RuntimeInformation (>= 4.0)
    Microsoft.Extensions.Configuration (2.2)
      Microsoft.Extensions.Configuration.Abstractions (>= 2.2)
    Microsoft.Extensions.Configuration.Abstractions (2.2)
      Microsoft.Extensions.Primitives (>= 2.2)
    Microsoft.Extensions.Configuration.Binder (2.2.4)
      Microsoft.Extensions.Configuration (>= 2.2)
    Microsoft.Extensions.DependencyInjection (2.2)
      Microsoft.Extensions.DependencyInjection.Abstractions (>= 2.2)
    Microsoft.Extensions.DependencyInjection.Abstractions (2.2)
    Microsoft.Extensions.DependencyModel (2.1)
      Microsoft.DotNet.PlatformAbstractions (>= 2.1)
      Newtonsoft.Json (>= 9.0.1)
      System.Diagnostics.Debug (>= 4.0.11)
      System.Dynamic.Runtime (>= 4.0.11)
      System.Linq (>= 4.1)
    Microsoft.Extensions.FileProviders.Abstractions (2.2)
      Microsoft.Extensions.Primitives (>= 2.2)
    Microsoft.Extensions.Hosting.Abstractions (2.2)
      Microsoft.Extensions.Configuration.Abstractions (>= 2.2)
      Microsoft.Extensions.DependencyInjection.Abstractions (>= 2.2)
      Microsoft.Extensions.FileProviders.Abstractions (>= 2.2)
      Microsoft.Extensions.Logging.Abstractions (>= 2.2)
    Microsoft.Extensions.Logging (2.2)
      Microsoft.Extensions.Configuration.Binder (>= 2.2)
      Microsoft.Extensions.DependencyInjection.Abstractions (>= 2.2)
      Microsoft.Extensions.Logging.Abstractions (>= 2.2)
      Microsoft.Extensions.Options (>= 2.2)
    Microsoft.Extensions.Logging.Abstractions (2.2)
    Microsoft.Extensions.ObjectPool (2.2)
    Microsoft.Extensions.Options (2.2)
      Microsoft.Extensions.DependencyInjection.Abstractions (>= 2.2)
      Microsoft.Extensions.Primitives (>= 2.2)
      System.ComponentModel.Annotations (>= 4.5)
    Microsoft.Extensions.Primitives (2.2)
      System.Memory (>= 4.5.1)
      System.Runtime.CompilerServices.Unsafe (>= 4.5.1)
    Microsoft.Net.Http.Headers (2.2)
      Microsoft.Extensions.Primitives (>= 2.2)
      System.Buffers (>= 4.5)
    Microsoft.NETCore.Platforms (2.2.2)
    Microsoft.NETCore.Targets (2.1)
    Newtonsoft.Json (12.0.2)
    runtime.native.System (4.3.1)
      Microsoft.NETCore.Platforms (>= 1.1.1)
      Microsoft.NETCore.Targets (>= 1.1.3)
    System.AppContext (4.3)
      System.Runtime (>= 4.3)
    System.Buffers (4.5)
    System.Collections (4.3)
      Microsoft.NETCore.Platforms (>= 1.1)
      Microsoft.NETCore.Targets (>= 1.1)
      System.Runtime (>= 4.3)
    System.ComponentModel.Annotations (4.5)
    System.Diagnostics.Debug (4.3)
      Microsoft.NETCore.Platforms (>= 1.1)
      Microsoft.NETCore.Targets (>= 1.1)
      System.Runtime (>= 4.3)
    System.Diagnostics.DiagnosticSource (4.5.1)
    System.Dynamic.Runtime (4.3)
      System.Collections (>= 4.3)
      System.Diagnostics.Debug (>= 4.3)
      System.Linq (>= 4.3)
      System.Linq.Expressions (>= 4.3)
      System.ObjectModel (>= 4.3)
      System.Reflection (>= 4.3)
      System.Reflection.Emit (>= 4.3)
      System.Reflection.Emit.ILGeneration (>= 4.3)
      System.Reflection.Primitives (>= 4.3)
      System.Reflection.TypeExtensions (>= 4.3)
      System.Resources.ResourceManager (>= 4.3)
      System.Runtime (>= 4.3)
      System.Runtime.Extensions (>= 4.3)
      System.Threading (>= 4.3)
    System.Globalization (4.3)
      Microsoft.NETCore.Platforms (>= 1.1)
      Microsoft.NETCore.Targets (>= 1.1)
      System.Runtime (>= 4.3)
    System.IO (4.3)
      Microsoft.NETCore.Platforms (>= 1.1)
      Microsoft.NETCore.Targets (>= 1.1)
      System.Runtime (>= 4.3)
      System.Text.Encoding (>= 4.3)
      System.Threading.Tasks (>= 4.3)
    System.IO.FileSystem (4.3)
      Microsoft.NETCore.Platforms (>= 1.1)
      Microsoft.NETCore.Targets (>= 1.1)
      System.IO (>= 4.3)
      System.IO.FileSystem.Primitives (>= 4.3)
      System.Runtime (>= 4.3)
      System.Runtime.Handles (>= 4.3)
      System.Text.Encoding (>= 4.3)
      System.Threading.Tasks (>= 4.3)
    System.IO.FileSystem.Primitives (4.3)
      System.Runtime (>= 4.3)
    System.Linq (4.3)
      System.Collections (>= 4.3)
      System.Diagnostics.Debug (>= 4.3)
      System.Resources.ResourceManager (>= 4.3)
      System.Runtime (>= 4.3)
      System.Runtime.Extensions (>= 4.3)
    System.Linq.Expressions (4.3)
      System.Collections (>= 4.3)
      System.Diagnostics.Debug (>= 4.3)
      System.Globalization (>= 4.3)
      System.IO (>= 4.3)
      System.Linq (>= 4.3)
      System.ObjectModel (>= 4.3)
      System.Reflection (>= 4.3)
      System.Reflection.Emit (>= 4.3)
      System.Reflection.Emit.ILGeneration (>= 4.3)
      System.Reflection.Emit.Lightweight (>= 4.3)
      System.Reflection.Extensions (>= 4.3)
      System.Reflection.Primitives (>= 4.3)
      System.Reflection.TypeExtensions (>= 4.3)
      System.Resources.ResourceManager (>= 4.3)
      System.Runtime (>= 4.3)
      System.Runtime.Extensions (>= 4.3)
      System.Threading (>= 4.3)
    System.Memory (4.5.3)
      System.Buffers (>= 4.4) - restriction: || (&& (== netcoreapp2.0) (>= monotouch)) (&& (== netcoreapp2.0) (>= net461)) (&& (== netcoreapp2.0) (< netstandard1.1)) (&& (== netcoreapp2.0) (< netstandard2.0)) (&& (== netcoreapp2.0) (>= xamarinios)) (&& (== netcoreapp2.0) (>= xamarinmac)) (&& (== netcoreapp2.0) (>= xamarintvos)) (&& (== netcoreapp2.0) (>= xamarinwatchos)) (&& (== netcoreapp2.2) (>= monotouch)) (&& (== netcoreapp2.2) (>= net461)) (&& (== netcoreapp2.2) (< netcoreapp2.0)) (&& (== netcoreapp2.2) (< netstandard1.1)) (&& (== netcoreapp2.2) (< netstandard2.0)) (&& (== netcoreapp2.2) (>= xamarinios)) (&& (== netcoreapp2.2) (>= xamarinmac)) (&& (== netcoreapp2.2) (>= xamarintvos)) (&& (== netcoreapp2.2) (>= xamarinwatchos)) (== netstandard2.0)
      System.Numerics.Vectors (>= 4.4) - restriction: || (&& (== netcoreapp2.0) (>= net461)) (&& (== netcoreapp2.2) (>= net461)) (&& (== netcoreapp2.2) (< netcoreapp2.0)) (== netstandard2.0)
      System.Runtime.CompilerServices.Unsafe (>= 4.5.2) - restriction: || (== netcoreapp2.0) (&& (== netcoreapp2.2) (>= monotouch)) (&& (== netcoreapp2.2) (>= net461)) (&& (== netcoreapp2.2) (< netcoreapp2.0)) (&& (== netcoreapp2.2) (< netcoreapp2.1)) (&& (== netcoreapp2.2) (< netstandard1.1)) (&& (== netcoreapp2.2) (< netstandard2.0)) (&& (== netcoreapp2.2) (>= uap10.1)) (&& (== netcoreapp2.2) (>= xamarinios)) (&& (== netcoreapp2.2) (>= xamarinmac)) (&& (== netcoreapp2.2) (>= xamarintvos)) (&& (== netcoreapp2.2) (>= xamarinwatchos)) (== netstandard2.0)
    System.Numerics.Vectors (4.5) - restriction: || (&& (== netcoreapp2.0) (>= net461)) (&& (== netcoreapp2.2) (>= net461)) (&& (== netcoreapp2.2) (< netcoreapp2.0)) (== netstandard2.0)
    System.ObjectModel (4.3)
      System.Collections (>= 4.3)
      System.Diagnostics.Debug (>= 4.3)
      System.Resources.ResourceManager (>= 4.3)
      System.Runtime (>= 4.3)
      System.Threading (>= 4.3)
    System.Reflection (4.3)
      Microsoft.NETCore.Platforms (>= 1.1)
      Microsoft.NETCore.Targets (>= 1.1)
      System.IO (>= 4.3)
      System.Reflection.Primitives (>= 4.3)
      System.Runtime (>= 4.3)
    System.Reflection.Emit (4.3)
      System.IO (>= 4.3)
      System.Reflection (>= 4.3)
      System.Reflection.Emit.ILGeneration (>= 4.3)
      System.Reflection.Primitives (>= 4.3)
      System.Runtime (>= 4.3)
    System.Reflection.Emit.ILGeneration (4.3)
      System.Reflection (>= 4.3)
      System.Reflection.Primitives (>= 4.3)
      System.Runtime (>= 4.3)
    System.Reflection.Emit.Lightweight (4.3)
      System.Reflection (>= 4.3)
      System.Reflection.Emit.ILGeneration (>= 4.3)
      System.Reflection.Primitives (>= 4.3)
      System.Runtime (>= 4.3)
    System.Reflection.Extensions (4.3)
      Microsoft.NETCore.Platforms (>= 1.1)
      Microsoft.NETCore.Targets (>= 1.1)
      System.Reflection (>= 4.3)
      System.Runtime (>= 4.3)
    System.Reflection.Primitives (4.3)
      Microsoft.NETCore.Platforms (>= 1.1)
      Microsoft.NETCore.Targets (>= 1.1)
      System.Runtime (>= 4.3)
    System.Reflection.TypeExtensions (4.5.1)
    System.Resources.ResourceManager (4.3)
      Microsoft.NETCore.Platforms (>= 1.1)
      Microsoft.NETCore.Targets (>= 1.1)
      System.Globalization (>= 4.3)
      System.Reflection (>= 4.3)
      System.Runtime (>= 4.3)
    System.Runtime (4.3.1)
      Microsoft.NETCore.Platforms (>= 1.1.1)
      Microsoft.NETCore.Targets (>= 1.1.3)
    System.Runtime.CompilerServices.Unsafe (4.5.2)
    System.Runtime.Extensions (4.3.1)
      Microsoft.NETCore.Platforms (>= 1.1.1)
      Microsoft.NETCore.Targets (>= 1.1.3)
      System.Runtime (>= 4.3.1)
    System.Runtime.Handles (4.3)
      Microsoft.NETCore.Platforms (>= 1.1)
      Microsoft.NETCore.Targets (>= 1.1)
      System.Runtime (>= 4.3)
    System.Runtime.InteropServices (4.3)
      Microsoft.NETCore.Platforms (>= 1.1)
      Microsoft.NETCore.Targets (>= 1.1)
      System.Reflection (>= 4.3)
      System.Reflection.Primitives (>= 4.3)
      System.Runtime (>= 4.3)
      System.Runtime.Handles (>= 4.3)
    System.Runtime.InteropServices.RuntimeInformation (4.3)
      runtime.native.System (>= 4.3)
      System.Reflection (>= 4.3)
      System.Reflection.Extensions (>= 4.3)
      System.Resources.ResourceManager (>= 4.3)
      System.Runtime (>= 4.3)
      System.Runtime.InteropServices (>= 4.3)
      System.Threading (>= 4.3)
    System.Text.Encoding (4.3)
      Microsoft.NETCore.Platforms (>= 1.1)
      Microsoft.NETCore.Targets (>= 1.1)
      System.Runtime (>= 4.3)
    System.Text.Encodings.Web (4.5)
    System.Threading (4.3)
      System.Runtime (>= 4.3)
      System.Threading.Tasks (>= 4.3)
    System.Threading.Tasks (4.3)
      Microsoft.NETCore.Platforms (>= 1.1)
      Microsoft.NETCore.Targets (>= 1.1)
      System.Runtime (>= 4.3)
    System.Threading.Tasks.Extensions (4.5.3)
      System.Runtime.CompilerServices.Unsafe (>= 4.5.2) - restriction: || (== netcoreapp2.0) (&& (== netcoreapp2.2) (>= net45)) (&& (== netcoreapp2.2) (< netcoreapp2.1)) (&& (== netcoreapp2.2) (< netstandard1.0)) (&& (== netcoreapp2.2) (< netstandard2.0)) (&& (== netcoreapp2.2) (>= wp8)) (== netstandard2.0)
